STORAGE: NONE
RESTRICTION: || (== net462) (== netstandard1.6)
NUGET
  remote: https://www.nuget.org/api/v2
    Chessie (0.6)
      FSharp.Core  - restriction: == net462
      FSharp.Core (>= 4.0.1.7-alpha) - restriction: || (&& (== net462) (>= netstandard1.6)) (== netstandard1.6)
      NETStandard.Library (>= 1.6) - restriction: || (&& (== net462) (>= netstandard1.6)) (== netstandard1.6)
    FSharp.Compiler.Service (16.0.2)
      FSharp.Core (>= 4.1.18) - restriction: || (&& (== net462) (< net45) (>= netstandard1.6)) (== netstandard1.6)
      NETStandard.Library (>= 1.6.1) - restriction: || (&& (== net462) (< net45) (>= netstandard1.6)) (== netstandard1.6)
      System.Collections.Immutable (>= 1.3) - restriction: || (&& (== net462) (< net45) (>= netstandard1.6)) (== netstandard1.6)
      System.Collections.Immutable (>= 1.3.1) - restriction: || (== net462) (&& (== netstandard1.6) (>= net45))
      System.Diagnostics.Process (>= 4.1) - restriction: || (&& (== net462) (< net45) (>= netstandard1.6)) (== netstandard1.6)
      System.Diagnostics.TraceSource (>= 4.0) - restriction: || (&& (== net462) (< net45) (>= netstandard1.6)) (== netstandard1.6)
      System.Reflection.Emit (>= 4.3) - restriction: || (&& (== net462) (< net45) (>= netstandard1.6)) (== netstandard1.6)
      System.Reflection.Metadata (>= 1.4.1) - restriction: || (&& (== net462) (< net45) (>= netstandard1.6)) (== netstandard1.6)
      System.Reflection.Metadata (>= 1.4.2) - restriction: || (== net462) (&& (== netstandard1.6) (>= net45))
      System.Reflection.TypeExtensions (>= 4.3) - restriction: || (&& (== net462) (< net45) (>= netstandard1.6)) (== netstandard1.6)
      System.Runtime.Loader (>= 4.0) - restriction: || (&& (== net462) (< net45) (>= netstandard1.6)) (== netstandard1.6)
      System.Security.Cryptography.Algorithms (>= 4.3) - restriction: || (&& (== net462) (< net45) (>= netstandard1.6)) (== netstandard1.6)
      System.ValueTuple (>= 4.4) - restriction: || (&& (== net462) (< net45) (>= netstandard1.6)) (== netstandard1.6)
    FSharp.Core (4.2.3)
      System.Collections (>= 4.0.11) - restriction: || (&& (== net462) (< net45) (>= netstandard1.6)) (== netstandard1.6)
      System.Console (>= 4.0) - restriction: || (&& (== net462) (< net45) (>= netstandard1.6)) (== netstandard1.6)
      System.Diagnostics.Debug (>= 4.0.11) - restriction: || (&& (== net462) (< net45) (>= netstandard1.6)) (== netstandard1.6)
      System.Diagnostics.Tools (>= 4.0.1) - restriction: || (&& (== net462) (< net45) (>= netstandard1.6)) (== netstandard1.6)
      System.Globalization (>= 4.0.11) - restriction: || (&& (== net462) (< net45) (>= netstandard1.6)) (== netstandard1.6)
      System.IO (>= 4.1) - restriction: || (&& (== net462) (< net45) (>= netstandard1.6)) (== netstandard1.6)
      System.Linq (>= 4.1) - restriction: || (&& (== net462) (< net45) (>= netstandard1.6)) (== netstandard1.6)
      System.Linq.Expressions (>= 4.1) - restriction: || (&& (== net462) (< net45) (>= netstandard1.6)) (== netstandard1.6)
      System.Linq.Queryable (>= 4.0.1) - restriction: || (&& (== net462) (< net45) (>= netstandard1.6)) (== netstandard1.6)
      System.Net.Requests (>= 4.0.11) - restriction: || (&& (== net462) (< net45) (>= netstandard1.6)) (== netstandard1.6)
      System.Reflection (>= 4.1) - restriction: || (&& (== net462) (< net45) (>= netstandard1.6)) (== netstandard1.6)
      System.Reflection.Extensions (>= 4.0.1) - restriction: || (&& (== net462) (< net45) (>= netstandard1.6)) (== netstandard1.6)
      System.Resources.ResourceManager (>= 4.0.1) - restriction: || (&& (== net462) (< net45) (>= netstandard1.6)) (== netstandard1.6)
      System.Runtime (>= 4.1) - restriction: || (&& (== net462) (< net45) (>= netstandard1.6)) (== netstandard1.6)
      System.Runtime.Extensions (>= 4.1) - restriction: || (&& (== net462) (< net45) (>= netstandard1.6)) (== netstandard1.6)
      System.Runtime.Numerics (>= 4.0.1) - restriction: || (&& (== net462) (< net45) (>= netstandard1.6)) (== netstandard1.6)
      System.Text.RegularExpressions (>= 4.1) - restriction: || (&& (== net462) (< net45) (>= netstandard1.6)) (== netstandard1.6)
      System.Threading (>= 4.0.11) - restriction: || (&& (== net462) (< net45) (>= netstandard1.6)) (== netstandard1.6)
      System.Threading.Tasks (>= 4.0.11) - restriction: || (&& (== net462) (< net45) (>= netstandard1.6)) (== netstandard1.6)
      System.Threading.Tasks.Parallel (>= 4.0.1) - restriction: || (&& (== net462) (< net45) (>= netstandard1.6)) (== netstandard1.6)
      System.Threading.Thread (>= 4.0) - restriction: || (&& (== net462) (< net45) (>= netstandard1.6)) (== netstandard1.6)
      System.Threading.ThreadPool (>= 4.0.10) - restriction: || (&& (== net462) (< net45) (>= netstandard1.6)) (== netstandard1.6)
      System.Threading.Timer (>= 4.0.1) - restriction: || (&& (== net462) (< net45) (>= netstandard1.6)) (== netstandard1.6)
    Microsoft.NETCore.Platforms (2.0)
    Microsoft.NETCore.Targets (2.0) - restriction: || (&& (== net462) (< net45) (>= netstandard1.6)) (&& (== net462) (>= netcoreapp1.1)) (&& (== net462) (< netstandard1.1) (>= netstandard1.6)) (&& (== net462) (>= netstandard1.6) (< portable-net45+win8+wp8+wpa81)) (&& (== net462) (>= netstandard1.6) (< portable-net45+win8+wpa81)) (&& (== net462) (>= netstandard1.6) (>= uap10.0)) (== netstandard1.6)
    Microsoft.Win32.Primitives (4.3) - restriction: || (&& (== net462) (< net45) (>= netstandard1.6)) (&& (== net462) (>= netstandard1.6) (>= uap10.0)) (== netstandard1.6)
      Microsoft.NETCore.Platforms (>= 1.1) - restriction: || (&& (== net462) (< net46)) (== netstandard1.6)
      Microsoft.NETCore.Targets (>= 1.1) - restriction: || (&& (== net462) (< net46)) (== netstandard1.6)
      System.Runtime (>= 4.3) - restriction: || (&& (== net462) (< net46)) (== netstandard1.6)
    Microsoft.Win32.Registry (4.4) - restriction: || (&& (== net462) (< net45) (>= netstandard1.6)) (== netstandard1.6)
      NETStandard.Library (>= 1.6.1) - restriction: || (&& (== net462) (< net46)) (== netstandard1.6)
    NETStandard.Library (2.0)
      Microsoft.NETCore.Platforms (>= 1.1)
      Microsoft.Win32.Primitives (>= 4.3) - restriction: || (&& (== net462) (< net45)) (&& (== net462) (< netstandard1.4)) (&& (== net462) (>= uap10.0)) (== netstandard1.6)
      System.AppContext (>= 4.3) - restriction: || (&& (== net462) (< net45)) (&& (== net462) (< netstandard1.4)) (&& (== net462) (>= uap10.0)) (== netstandard1.6)
      System.Collections (>= 4.3) - restriction: || (&& (== net462) (< net45)) (&& (== net462) (< portable-net45+win8+wpa81)) (&& (== net462) (>= uap10.0)) (== netstandard1.6)
      System.Collections.Concurrent (>= 4.3) - restriction: || (&& (== net462) (< net45)) (&& (== net462) (>= uap10.0)) (== netstandard1.6)
      System.Console (>= 4.3) - restriction: || (&& (== net462) (< net45)) (&& (== net462) (< netstandard1.4)) (&& (== net462) (>= uap10.0)) (== netstandard1.6)
      System.Diagnostics.Debug (>= 4.3) - restriction: || (&& (== net462) (< net45)) (&& (== net462) (< portable-net45+win8+wpa81)) (&& (== net462) (>= uap10.0)) (== netstandard1.6)
      System.Diagnostics.Tools (>= 4.3) - restriction: || (&& (== net462) (< net45)) (&& (== net462) (< portable-net45+win8+wpa81)) (&& (== net462) (>= uap10.0)) (== netstandard1.6)
      System.Diagnostics.Tracing (>= 4.3) - restriction: || (&& (== net462) (< net45)) (&& (== net462) (>= uap10.0)) (== netstandard1.6)
      System.Globalization (>= 4.3) - restriction: || (&& (== net462) (< net45)) (&& (== net462) (< portable-net45+win8+wpa81)) (&& (== net462) (>= uap10.0)) (== netstandard1.6)
      System.Globalization.Calendars (>= 4.3) - restriction: || (&& (== net462) (< net45)) (&& (== net462) (< netstandard1.4)) (&& (== net462) (>= uap10.0)) (== netstandard1.6)
      System.IO (>= 4.3) - restriction: || (&& (== net462) (< net45)) (&& (== net462) (< portable-net45+win8+wpa81)) (&& (== net462) (>= uap10.0)) (== netstandard1.6)
      System.IO.Compression (>= 4.3) - restriction: || (&& (== net462) (< net45)) (&& (== net462) (< netstandard1.4)) (&& (== net462) (>= uap10.0)) (== netstandard1.6)
      System.IO.Compression.ZipFile (>= 4.3) - restriction: || (&& (== net462) (< net45)) (&& (== net462) (< netstandard1.4)) (&& (== net462) (>= uap10.0)) (== netstandard1.6)
      System.IO.FileSystem (>= 4.3) - restriction: || (&& (== net462) (< net45)) (&& (== net462) (< netstandard1.4)) (&& (== net462) (>= uap10.0)) (== netstandard1.6)
      System.IO.FileSystem.Primitives (>= 4.3) - restriction: || (&& (== net462) (< net45)) (&& (== net462) (< netstandard1.4)) (&& (== net462) (>= uap10.0)) (== netstandard1.6)
      System.Linq (>= 4.3) - restriction: || (&& (== net462) (< net45)) (&& (== net462) (< portable-net45+win8+wpa81)) (&& (== net462) (>= uap10.0)) (== netstandard1.6)
      System.Linq.Expressions (>= 4.3) - restriction: || (&& (== net462) (< net45)) (&& (== net462) (< portable-net45+win8+wpa81)) (&& (== net462) (>= uap10.0)) (== netstandard1.6)
      System.Net.Http (>= 4.3.2) - restriction: || (&& (== net462) (< net45)) (&& (== net462) (< netstandard1.4)) (&& (== net462) (>= uap10.0)) (== netstandard1.6)
      System.Net.Primitives (>= 4.3) - restriction: || (&& (== net462) (< net45)) (&& (== net462) (< portable-net45+win8+wpa81)) (&& (== net462) (>= uap10.0)) (== netstandard1.6)
      System.Net.Sockets (>= 4.3) - restriction: || (&& (== net462) (< net45)) (&& (== net462) (< netstandard1.4)) (&& (== net462) (>= uap10.0)) (== netstandard1.6)
      System.ObjectModel (>= 4.3) - restriction: || (&& (== net462) (< net45)) (&& (== net462) (< portable-net45+win8+wpa81)) (&& (== net462) (>= uap10.0)) (== netstandard1.6)
      System.Reflection (>= 4.3) - restriction: || (&& (== net462) (< net45)) (&& (== net462) (< portable-net45+win8+wpa81)) (&& (== net462) (>= uap10.0)) (== netstandard1.6)
      System.Reflection.Extensions (>= 4.3) - restriction: || (&& (== net462) (< net45)) (&& (== net462) (< portable-net45+win8+wpa81)) (&& (== net462) (>= uap10.0)) (== netstandard1.6)
      System.Reflection.Primitives (>= 4.3) - restriction: || (&& (== net462) (< net45)) (&& (== net462) (< portable-net45+win8+wpa81)) (&& (== net462) (>= uap10.0)) (== netstandard1.6)
      System.Resources.ResourceManager (>= 4.3) - restriction: || (&& (== net462) (< net45)) (&& (== net462) (< portable-net45+win8+wpa81)) (&& (== net462) (>= uap10.0)) (== netstandard1.6)
      System.Runtime (>= 4.3) - restriction: || (&& (== net462) (< net45)) (&& (== net462) (< portable-net45+win8+wpa81)) (&& (== net462) (>= uap10.0)) (== netstandard1.6)
      System.Runtime.Extensions (>= 4.3) - restriction: || (&& (== net462) (< net45)) (&& (== net462) (< portable-net45+win8+wpa81)) (&& (== net462) (>= uap10.0)) (== netstandard1.6)
      System.Runtime.Handles (>= 4.3) - restriction: || (&& (== net462) (< net45)) (&& (== net462) (>= uap10.0)) (== netstandard1.6)
      System.Runtime.InteropServices (>= 4.3) - restriction: || (&& (== net462) (< net45)) (&& (== net462) (>= uap10.0)) (== netstandard1.6)
      System.Runtime.InteropServices.RuntimeInformation (>= 4.3) - restriction: || (&& (== net462) (< net45)) (&& (== net462) (< netstandard1.0)) (&& (== net462) (< netstandard1.3)) (&& (== net462) (< netstandard1.4)) (&& (== net462) (< portable-net451+win81+wpa81)) (&& (== net462) (>= uap10.0)) (== netstandard1.6)
      System.Runtime.Numerics (>= 4.3) - restriction: || (&& (== net462) (< net45)) (&& (== net462) (>= uap10.0)) (== netstandard1.6)
      System.Security.Cryptography.Algorithms (>= 4.3) - restriction: || (&& (== net462) (< net45)) (&& (== net462) (< netstandard1.4)) (&& (== net462) (>= uap10.0)) (== netstandard1.6)
      System.Security.Cryptography.Encoding (>= 4.3) - restriction: || (&& (== net462) (< net45)) (&& (== net462) (< netstandard1.4)) (&& (== net462) (>= uap10.0)) (== netstandard1.6)
      System.Security.Cryptography.Primitives (>= 4.3) - restriction: || (&& (== net462) (< net45)) (&& (== net462) (< netstandard1.4)) (&& (== net462) (>= uap10.0)) (== netstandard1.6)
      System.Security.Cryptography.X509Certificates (>= 4.3) - restriction: || (&& (== net462) (< net45)) (&& (== net462) (< netstandard1.4)) (&& (== net462) (>= uap10.0)) (== netstandard1.6)
      System.Text.Encoding (>= 4.3) - restriction: || (&& (== net462) (< net45)) (&& (== net462) (< portable-net45+win8+wpa81)) (&& (== net462) (>= uap10.0)) (== netstandard1.6)
      System.Text.Encoding.Extensions (>= 4.3) - restriction: || (&& (== net462) (< net45)) (&& (== net462) (< portable-net45+win8+wpa81)) (&& (== net462) (>= uap10.0)) (== netstandard1.6)
      System.Text.RegularExpressions (>= 4.3) - restriction: || (&& (== net462) (< net45)) (&& (== net462) (< portable-net45+win8+wpa81)) (&& (== net462) (>= uap10.0)) (== netstandard1.6)
      System.Threading (>= 4.3) - restriction: || (&& (== net462) (< net45)) (&& (== net462) (< portable-net45+win8+wpa81)) (&& (== net462) (>= uap10.0)) (== netstandard1.6)
      System.Threading.Tasks (>= 4.3) - restriction: || (&& (== net462) (< net45)) (&& (== net462) (< portable-net45+win8+wpa81)) (&& (== net462) (>= uap10.0)) (== netstandard1.6)
      System.Threading.Timer (>= 4.3) - restriction: || (&& (== net462) (< net45)) (&& (== net462) (>= uap10.0)) (== netstandard1.6)
      System.Xml.ReaderWriter (>= 4.3) - restriction: || (&& (== net462) (< net45)) (&& (== net462) (< netstandard1.4)) (&& (== net462) (< portable-net45+win8+wpa81)) (&& (== net462) (>= uap10.0)) (== netstandard1.6)
      System.Xml.XDocument (>= 4.3) - restriction: || (&& (== net462) (< net45)) (&& (== net462) (< portable-net45+win8+wpa81)) (&& (== net462) (>= uap10.0)) (== netstandard1.6)
    runtime.debian.8-x64.runtime.native.System.Security.Cryptography.OpenSsl (4.3.1) - restriction: || (&& (== net462) (< net45) (>= netstandard1.6)) (== netstandard1.6)
    runtime.fedora.23-x64.runtime.native.System.Security.Cryptography.OpenSsl (4.3.1) - restriction: || (&& (== net462) (< net45) (>= netstandard1.6)) (== netstandard1.6)
    runtime.fedora.24-x64.runtime.native.System.Security.Cryptography.OpenSsl (4.3.1) - restriction: || (&& (== net462) (< net45) (>= netstandard1.6)) (== netstandard1.6)
    runtime.native.System (4.3) - restriction: || (&& (== net462) (< net45) (>= netstandard1.6)) (&& (== net462) (< netstandard1.0) (>= netstandard1.6)) (&& (== net462) (< netstandard1.3) (>= netstandard1.6) (>= wpa81)) (&& (== net462) (>= netstandard1.6) (>= uap10.0)) (== netstandard1.6)
      Microsoft.NETCore.Platforms (>= 1.1)
      Microsoft.NETCore.Targets (>= 1.1)
    runtime.native.System.IO.Compression (4.3) - restriction: || (&& (== net462) (< net45) (>= netstandard1.6)) (&& (== net462) (>= netstandard1.6) (< portable-net45+win8+wpa81)) (&& (== net462) (>= netstandard1.6) (>= uap10.0)) (== netstandard1.6)
      Microsoft.NETCore.Platforms (>= 1.1)
      Microsoft.NETCore.Targets (>= 1.1)
    runtime.native.System.Net.Http (4.3) - restriction: || (&& (== net462) (< net45) (>= netstandard1.6)) (&& (== net462) (>= netstandard1.6) (>= uap10.0)) (== netstandard1.6)
      Microsoft.NETCore.Platforms (>= 1.1)
      Microsoft.NETCore.Targets (>= 1.1)
    runtime.native.System.Security.Cryptography.Apple (4.3) - restriction: || (&& (== net462) (< net45) (>= netstandard1.6)) (== netstandard1.6)
      runtime.osx.10.10-x64.runtime.native.System.Security.Cryptography.Apple (>= 4.3)
    runtime.native.System.Security.Cryptography.OpenSsl (4.3.1) - restriction: || (&& (== net462) (< net45) (>= netstandard1.6)) (&& (== net462) (>= netstandard1.6) (>= uap10.0)) (== netstandard1.6)
      runtime.debian.8-x64.runtime.native.System.Security.Cryptography.OpenSsl (>= 4.3.1)
      runtime.fedora.23-x64.runtime.native.System.Security.Cryptography.OpenSsl (>= 4.3.1)
      runtime.fedora.24-x64.runtime.native.System.Security.Cryptography.OpenSsl (>= 4.3.1)
      runtime.opensuse.13.2-x64.runtime.native.System.Security.Cryptography.OpenSsl (>= 4.3.1)
      runtime.opensuse.42.1-x64.runtime.native.System.Security.Cryptography.OpenSsl (>= 4.3.1)
      runtime.osx.10.10-x64.runtime.native.System.Security.Cryptography.OpenSsl (>= 4.3.1)
      runtime.rhel.7-x64.runtime.native.System.Security.Cryptography.OpenSsl (>= 4.3.1)
      runtime.ubuntu.14.04-x64.runtime.native.System.Security.Cryptography.OpenSsl (>= 4.3.1)
      runtime.ubuntu.16.04-x64.runtime.native.System.Security.Cryptography.OpenSsl (>= 4.3.1)
      runtime.ubuntu.16.10-x64.runtime.native.System.Security.Cryptography.OpenSsl (>= 4.3.1)
    runtime.opensuse.13.2-x64.runtime.native.System.Security.Cryptography.OpenSsl (4.3.1) - restriction: || (&& (== net462) (< net45) (>= netstandard1.6)) (== netstandard1.6)
    runtime.opensuse.42.1-x64.runtime.native.System.Security.Cryptography.OpenSsl (4.3.1) - restriction: || (&& (== net462) (< net45) (>= netstandard1.6)) (== netstandard1.6)
    runtime.osx.10.10-x64.runtime.native.System.Security.Cryptography.Apple (4.3) - restriction: || (&& (== net462) (< net45) (>= netstandard1.6)) (== netstandard1.6)
    runtime.osx.10.10-x64.runtime.native.System.Security.Cryptography.OpenSsl (4.3.1) - restriction: || (&& (== net462) (< net45) (>= netstandard1.6)) (== netstandard1.6)
    runtime.rhel.7-x64.runtime.native.System.Security.Cryptography.OpenSsl (4.3.1) - restriction: || (&& (== net462) (< net45) (>= netstandard1.6)) (== netstandard1.6)
    runtime.ubuntu.14.04-x64.runtime.native.System.Security.Cryptography.OpenSsl (4.3.1) - restriction: || (&& (== net462) (< net45) (>= netstandard1.6)) (== netstandard1.6)
    runtime.ubuntu.16.04-x64.runtime.native.System.Security.Cryptography.OpenSsl (4.3.1) - restriction: || (&& (== net462) (< net45) (>= netstandard1.6)) (== netstandard1.6)
    runtime.ubuntu.16.10-x64.runtime.native.System.Security.Cryptography.OpenSsl (4.3.1) - restriction: || (&& (== net462) (< net45) (>= netstandard1.6)) (== netstandard1.6)
    System.AppContext (4.3) - restriction: || (&& (== net462) (< net45) (>= netstandard1.6)) (&& (== net462) (>= netstandard1.6) (>= uap10.0)) (== netstandard1.6)
      System.Runtime (>= 4.3) - restriction: || (&& (== net462) (< net46)) (&& (== net462) (< netstandard1.3)) (== netstandard1.6)
    System.Buffers (4.4) - restriction: || (&& (== net462) (< net45) (>= netstandard1.6)) (&& (== net462) (>= netstandard1.6) (< portable-net45+win8+wpa81)) (&& (== net462) (>= netstandard1.6) (>= uap10.0)) (== netstandard1.6)
      System.Diagnostics.Debug (>= 4.3)
      System.Diagnostics.Tracing (>= 4.3)
      System.Resources.ResourceManager (>= 4.3)
      System.Runtime (>= 4.3)
      System.Threading (>= 4.3)
    System.Collections (4.3) - restriction: || (&& (== net462) (< net45) (>= netstandard1.6)) (&& (== net462) (>= netstandard1.6) (< portable-net45+win8+wp8+wpa81)) (&& (== net462) (>= netstandard1.6) (< portable-net45+win8+wpa81)) (&& (== net462) (>= netstandard1.6) (>= uap10.0)) (== netstandard1.6)
      Microsoft.NETCore.Platforms (>= 1.1) - restriction: || (&& (== net462) (< net45)) (&& (== net462) (< portable-net45+win8+wp8+wpa81)) (== netstandard1.6)
      Microsoft.NETCore.Targets (>= 1.1) - restriction: || (&& (== net462) (< net45)) (&& (== net462) (< portable-net45+win8+wp8+wpa81)) (== netstandard1.6)
      System.Runtime (>= 4.3) - restriction: || (&& (== net462) (< net45)) (&& (== net462) (< portable-net45+win8+wp8+wpa81)) (== netstandard1.6)
    System.Collections.Concurrent (4.3) - restriction: || (&& (== net462) (< net45) (>= netstandard1.6)) (&& (== net462) (>= netstandard1.6) (< portable-net45+win8+wpa81)) (&& (== net462) (>= netstandard1.6) (>= uap10.0)) (== netstandard1.6)
      System.Collections (>= 4.3) - restriction: || (&& (== net462) (< net45)) (&& (== net462) (< portable-net45+win8+wpa81)) (== netstandard1.6)
      System.Diagnostics.Debug (>= 4.3) - restriction: || (&& (== net462) (< net45)) (&& (== net462) (< portable-net45+win8+wpa81)) (== netstandard1.6)
      System.Diagnostics.Tracing (>= 4.3) - restriction: || (&& (== net462) (< net45)) (&& (== net462) (< portable-net45+win8+wpa81)) (== netstandard1.6)
      System.Globalization (>= 4.3) - restriction: || (&& (== net462) (< net45)) (&& (== net462) (< portable-net45+win8+wpa81)) (== netstandard1.6)
      System.Reflection (>= 4.3) - restriction: || (&& (== net462) (< net45)) (== netstandard1.6)
      System.Resources.ResourceManager (>= 4.3) - restriction: || (&& (== net462) (< net45)) (&& (== net462) (< portable-net45+win8+wpa81)) (== netstandard1.6)
      System.Runtime (>= 4.3) - restriction: || (&& (== net462) (< net45)) (&& (== net462) (< portable-net45+win8+wpa81)) (== netstandard1.6)
      System.Runtime.Extensions (>= 4.3) - restriction: || (&& (== net462) (< net45)) (&& (== net462) (< portable-net45+win8+wpa81)) (== netstandard1.6)
      System.Threading (>= 4.3) - restriction: || (&& (== net462) (< net45)) (&& (== net462) (< portable-net45+win8+wpa81)) (== netstandard1.6)
      System.Threading.Tasks (>= 4.3) - restriction: || (&& (== net462) (< net45)) (&& (== net462) (< portable-net45+win8+wpa81)) (== netstandard1.6)
    System.Collections.Immutable (1.4)
      NETStandard.Library (>= 1.6.1)
    System.Console (4.3) - restriction: || (&& (== net462) (< net45) (>= netstandard1.6)) (&& (== net462) (>= netstandard1.6) (>= uap10.0)) (== netstandard1.6)
      Microsoft.NETCore.Platforms (>= 1.1) - restriction: || (&& (== net462) (< net46)) (== netstandard1.6)
      Microsoft.NETCore.Targets (>= 1.1) - restriction: || (&& (== net462) (< net46)) (== netstandard1.6)
      System.IO (>= 4.3) - restriction: || (&& (== net462) (< net46)) (== netstandard1.6)
      System.Runtime (>= 4.3) - restriction: || (&& (== net462) (< net46)) (== netstandard1.6)
      System.Text.Encoding (>= 4.3) - restriction: || (&& (== net462) (< net46)) (== netstandard1.6)
    System.Diagnostics.Debug (4.3) - restriction: || (&& (== net462) (< net45) (>= netstandard1.6)) (&& (== net462) (>= netstandard1.6) (< portable-net45+win8+wp8+wpa81)) (&& (== net462) (>= netstandard1.6) (< portable-net45+win8+wpa81)) (&& (== net462) (>= netstandard1.6) (>= uap10.0)) (== netstandard1.6)
      Microsoft.NETCore.Platforms (>= 1.1) - restriction: || (&& (== net462) (< net45)) (&& (== net462) (< portable-net45+win8+wp8+wpa81)) (== netstandard1.6)
      Microsoft.NETCore.Targets (>= 1.1) - restriction: || (&& (== net462) (< net45)) (&& (== net462) (< portable-net45+win8+wp8+wpa81)) (== netstandard1.6)
      System.Runtime (>= 4.3) - restriction: || (&& (== net462) (< net45)) (&& (== net462) (< portable-net45+win8+wp8+wpa81)) (== netstandard1.6)
    System.Diagnostics.DiagnosticSource (4.4.1) - restriction: || (&& (== net462) (< net45) (>= netstandard1.6)) (&& (== net462) (>= netstandard1.6) (< portable-net45+win8+wpa81)) (&& (== net462) (>= netstandard1.6) (>= uap10.0)) (== netstandard1.6)
      System.Collections (>= 4.3) - restriction: || (&& (== net462) (< net45)) (== netstandard1.6)
      System.Diagnostics.Debug (>= 4.3) - restriction: || (&& (== net462) (< net45)) (== netstandard1.6)
      System.Diagnostics.Tracing (>= 4.3) - restriction: || (&& (== net462) (< net45)) (== netstandard1.6)
      System.Reflection (>= 4.3) - restriction: || (&& (== net462) (< net45)) (== netstandard1.6)
      System.Runtime (>= 4.3) - restriction: || (&& (== net462) (< net45)) (== netstandard1.6)
      System.Runtime.Extensions (>= 4.3) - restriction: || (&& (== net462) (< net45)) (== netstandard1.6)
      System.Threading (>= 4.3) - restriction: || (&& (== net462) (< net45)) (== netstandard1.6)
    System.Diagnostics.Process (4.3) - restriction: || (&& (== net462) (< net45) (>= netstandard1.6)) (== netstandard1.6)
      Microsoft.NETCore.Platforms (>= 1.1) - restriction: || (&& (== net462) (< net46)) (== netstandard1.6)
      Microsoft.Win32.Primitives (>= 4.3) - restriction: || (&& (== net462) (< net46)) (== netstandard1.6)
      Microsoft.Win32.Registry (>= 4.3) - restriction: || (&& (== net462) (< net46)) (== netstandard1.6)
      runtime.native.System (>= 4.3) - restriction: || (&& (== net462) (< net46)) (== netstandard1.6)
      System.Collections (>= 4.3) - restriction: || (&& (== net462) (< net46)) (== netstandard1.6)
      System.Diagnostics.Debug (>= 4.3) - restriction: || (&& (== net462) (< net46)) (== netstandard1.6)
      System.Globalization (>= 4.3) - restriction: || (&& (== net462) (< net46)) (== netstandard1.6)
      System.IO (>= 4.3) - restriction: || (&& (== net462) (< net46)) (== netstandard1.6)
      System.IO.FileSystem (>= 4.3) - restriction: || (&& (== net462) (< net46)) (== netstandard1.6)
      System.IO.FileSystem.Primitives (>= 4.3) - restriction: || (&& (== net462) (< net46)) (== netstandard1.6)
      System.Resources.ResourceManager (>= 4.3) - restriction: || (&& (== net462) (< net46)) (== netstandard1.6)
      System.Runtime (>= 4.3) - restriction: || (&& (== net462) (< net46)) (== netstandard1.6)
      System.Runtime.Extensions (>= 4.3) - restriction: || (&& (== net462) (< net46)) (== netstandard1.6)
      System.Runtime.Handles (>= 4.3) - restriction: || (&& (== net462) (< net46)) (== netstandard1.6)
      System.Runtime.InteropServices (>= 4.3) - restriction: || (&& (== net462) (< net46)) (== netstandard1.6)
      System.Text.Encoding (>= 4.3) - restriction: || (&& (== net462) (< net46)) (== netstandard1.6)
      System.Text.Encoding.Extensions (>= 4.3) - restriction: || (&& (== net462) (< net46)) (== netstandard1.6)
      System.Threading (>= 4.3) - restriction: || (&& (== net462) (< net46)) (== netstandard1.6)
      System.Threading.Tasks (>= 4.3) - restriction: || (&& (== net462) (< net46)) (== netstandard1.6)
      System.Threading.Thread (>= 4.3) - restriction: || (&& (== net462) (< net46)) (== netstandard1.6)
      System.Threading.ThreadPool (>= 4.3) - restriction: || (&& (== net462) (< net46)) (== netstandard1.6)
    System.Diagnostics.Tools (4.3) - restriction: || (&& (== net462) (< net45) (>= netstandard1.6)) (&& (== net462) (>= netstandard1.6) (< portable-net45+win8+wpa81)) (&& (== net462) (>= netstandard1.6) (>= uap10.0)) (== netstandard1.6)
      Microsoft.NETCore.Platforms (>= 1.1) - restriction: || (&& (== net462) (< net45)) (&& (== net462) (< portable-net45+win8+wp8+wpa81)) (== netstandard1.6)
      Microsoft.NETCore.Targets (>= 1.1) - restriction: || (&& (== net462) (< net45)) (&& (== net462) (< portable-net45+win8+wp8+wpa81)) (== netstandard1.6)
      System.Runtime (>= 4.3) - restriction: || (&& (== net462) (< net45)) (&& (== net462) (< portable-net45+win8+wp8+wpa81)) (== netstandard1.6)
    System.Diagnostics.TraceSource (4.3) - restriction: || (&& (== net462) (< net45) (>= netstandard1.6)) (== netstandard1.6)
      Microsoft.NETCore.Platforms (>= 1.1) - restriction: || (&& (== net462) (< net46)) (== netstandard1.6)
      runtime.native.System (>= 4.3) - restriction: || (&& (== net462) (< net46)) (== netstandard1.6)
      System.Collections (>= 4.3) - restriction: || (&& (== net462) (< net46)) (== netstandard1.6)
      System.Diagnostics.Debug (>= 4.3) - restriction: || (&& (== net462) (< net46)) (== netstandard1.6)
      System.Globalization (>= 4.3) - restriction: || (&& (== net462) (< net46)) (== netstandard1.6)
      System.Resources.ResourceManager (>= 4.3) - restriction: || (&& (== net462) (< net46)) (== netstandard1.6)
      System.Runtime (>= 4.3) - restriction: || (&& (== net462) (< net46)) (== netstandard1.6)
      System.Runtime.Extensions (>= 4.3) - restriction: || (&& (== net462) (< net46)) (== netstandard1.6)
      System.Threading (>= 4.3) - restriction: || (&& (== net462) (< net46)) (== netstandard1.6)
    System.Diagnostics.Tracing (4.3) - restriction: || (&& (== net462) (< net45) (>= netstandard1.6)) (&& (== net462) (>= netstandard1.6) (< portable-net45+win8+wp8+wpa81)) (&& (== net462) (>= netstandard1.6) (< portable-net45+win8+wpa81)) (&& (== net462) (>= netstandard1.6) (>= uap10.0)) (== netstandard1.6)
      Microsoft.NETCore.Platforms (>= 1.1) - restriction: || (&& (== net462) (< net45)) (&& (== net462) (< portable-net45+win8+wpa81)) (== netstandard1.6)
      Microsoft.NETCore.Targets (>= 1.1) - restriction: || (&& (== net462) (< net45)) (&& (== net462) (< portable-net45+win8+wpa81)) (== netstandard1.6)
      System.Runtime (>= 4.3) - restriction: || (&& (== net462) (< net45)) (&& (== net462) (< portable-net45+win8+wpa81)) (== netstandard1.6)
    System.Globalization (4.3) - restriction: || (&& (== net462) (< net45) (>= netstandard1.6)) (&& (== net462) (>= netstandard1.6) (< portable-net45+win8+wp8+wpa81)) (&& (== net462) (>= netstandard1.6) (< portable-net45+win8+wpa81)) (&& (== net462) (>= netstandard1.6) (>= uap10.0)) (== netstandard1.6)
      Microsoft.NETCore.Platforms (>= 1.1) - restriction: || (&& (== net462) (< net45)) (&& (== net462) (< portable-net45+win8+wp8+wpa81)) (== netstandard1.6)
      Microsoft.NETCore.Targets (>= 1.1) - restriction: || (&& (== net462) (< net45)) (&& (== net462) (< portable-net45+win8+wp8+wpa81)) (== netstandard1.6)
      System.Runtime (>= 4.3) - restriction: || (&& (== net462) (< net45)) (&& (== net462) (< portable-net45+win8+wp8+wpa81)) (== netstandard1.6)
    System.Globalization.Calendars (4.3) - restriction: || (&& (== net462) (< net45) (>= netstandard1.6)) (&& (== net462) (>= netstandard1.6) (>= uap10.0)) (== netstandard1.6)
      Microsoft.NETCore.Platforms (>= 1.1) - restriction: || (&& (== net462) (< net46)) (== netstandard1.6)
      Microsoft.NETCore.Targets (>= 1.1) - restriction: || (&& (== net462) (< net46)) (== netstandard1.6)
      System.Globalization (>= 4.3) - restriction: || (&& (== net462) (< net46)) (== netstandard1.6)
      System.Runtime (>= 4.3) - restriction: || (&& (== net462) (< net46)) (== netstandard1.6)
    System.Globalization.Extensions (4.3) - restriction: || (&& (== net462) (< net45) (>= netstandard1.6)) (&& (== net462) (>= netstandard1.6) (>= uap10.0)) (== netstandard1.6)
      Microsoft.NETCore.Platforms (>= 1.1) - restriction: || (&& (== net462) (< net46)) (== netstandard1.6)
      System.Globalization (>= 4.3) - restriction: || (&& (== net462) (< net46)) (== netstandard1.6)
      System.Resources.ResourceManager (>= 4.3) - restriction: || (&& (== net462) (< net46)) (== netstandard1.6)
      System.Runtime (>= 4.3) - restriction: || (&& (== net462) (< net46)) (== netstandard1.6)
      System.Runtime.Extensions (>= 4.3) - restriction: || (&& (== net462) (< net46)) (== netstandard1.6)
      System.Runtime.InteropServices (>= 4.3) - restriction: || (&& (== net462) (< net46)) (== netstandard1.6)
    System.IO (4.3) - restriction: || (&& (== net462) (< net45) (>= netstandard1.6)) (&& (== net462) (< netstandard1.1) (>= netstandard1.6)) (&& (== net462) (>= netstandard1.6) (< portable-net45+win8+wp8+wpa81)) (&& (== net462) (>= netstandard1.6) (< portable-net45+win8+wpa81)) (&& (== net462) (>= netstandard1.6) (>= uap10.0)) (== netstandard1.6)
      Microsoft.NETCore.Platforms (>= 1.1) - restriction: || (&& (== net462) (< net45)) (&& (== net462) (< portable-net45+win8+wp8+wpa81)) (== netstandard1.6)
      Microsoft.NETCore.Targets (>= 1.1) - restriction: || (&& (== net462) (< net45)) (&& (== net462) (< portable-net45+win8+wp8+wpa81)) (== netstandard1.6)
      System.Runtime (>= 4.3) - restriction: || (&& (== net462) (< net45)) (&& (== net462) (< portable-net45+win8+wp8+wpa81)) (== netstandard1.6)
      System.Text.Encoding (>= 4.3) - restriction: || (&& (== net462) (< net45)) (&& (== net462) (< portable-net45+win8+wp8+wpa81)) (== netstandard1.6)
      System.Threading.Tasks (>= 4.3) - restriction: || (&& (== net462) (< net45)) (&& (== net462) (< portable-net45+win8+wp8+wpa81)) (== netstandard1.6)
    System.IO.Compression (4.3) - restriction: || (&& (== net462) (< net45) (>= netstandard1.6)) (&& (== net462) (>= netstandard1.6) (>= uap10.0)) (== netstandard1.6)
      Microsoft.NETCore.Platforms (>= 1.1) - restriction: || (&& (== net462) (< net45)) (== netstandard1.6)
      runtime.native.System (>= 4.3) - restriction: || (&& (== net462) (< net45)) (== netstandard1.6)
      runtime.native.System.IO.Compression (>= 4.3) - restriction: || (&& (== net462) (< net45)) (&& (== net462) (< portable-net45+win8+wpa81)) (== netstandard1.6)
      System.Buffers (>= 4.3) - restriction: || (&& (== net462) (< net45)) (&& (== net462) (< portable-net45+win8+wpa81)) (== netstandard1.6)
      System.Collections (>= 4.3) - restriction: || (&& (== net462) (< net45)) (&& (== net462) (< portable-net45+win8+wpa81)) (== netstandard1.6)
      System.Diagnostics.Debug (>= 4.3) - restriction: || (&& (== net462) (< net45)) (&& (== net462) (< portable-net45+win8+wpa81)) (== netstandard1.6)
      System.IO (>= 4.3) - restriction: || (&& (== net462) (< net45)) (&& (== net462) (< portable-net45+win8+wpa81)) (== netstandard1.6)
      System.Resources.ResourceManager (>= 4.3) - restriction: || (&& (== net462) (< net45)) (&& (== net462) (< portable-net45+win8+wpa81)) (== netstandard1.6)
      System.Runtime (>= 4.3) - restriction: || (&& (== net462) (< net45)) (&& (== net462) (< portable-net45+win8+wpa81)) (== netstandard1.6)
      System.Runtime.Extensions (>= 4.3) - restriction: || (&& (== net462) (< net45)) (&& (== net462) (< portable-net45+win8+wpa81)) (== netstandard1.6)
      System.Runtime.Handles (>= 4.3) - restriction: || (&& (== net462) (< net45)) (&& (== net462) (< portable-net45+win8+wpa81)) (== netstandard1.6)
      System.Runtime.InteropServices (>= 4.3) - restriction: || (&& (== net462) (< net45)) (&& (== net462) (< portable-net45+win8+wpa81)) (== netstandard1.6)
      System.Text.Encoding (>= 4.3) - restriction: || (&& (== net462) (< net45)) (&& (== net462) (< portable-net45+win8+wpa81)) (== netstandard1.6)
      System.Threading (>= 4.3) - restriction: || (&& (== net462) (< net45)) (&& (== net462) (< portable-net45+win8+wpa81)) (== netstandard1.6)
      System.Threading.Tasks (>= 4.3) - restriction: || (&& (== net462) (< net45)) (&& (== net462) (< portable-net45+win8+wpa81)) (== netstandard1.6)
    System.IO.Compression.ZipFile (4.3) - restriction: || (&& (== net462) (< net45) (>= netstandard1.6)) (&& (== net462) (>= netstandard1.6) (>= uap10.0)) (== netstandard1.6)
      System.Buffers (>= 4.3) - restriction: || (&& (== net462) (< net46)) (== netstandard1.6)
      System.IO (>= 4.3) - restriction: || (&& (== net462) (< net46)) (== netstandard1.6)
      System.IO.Compression (>= 4.3) - restriction: || (&& (== net462) (< net46)) (== netstandard1.6)
      System.IO.FileSystem (>= 4.3) - restriction: || (&& (== net462) (< net46)) (== netstandard1.6)
      System.IO.FileSystem.Primitives (>= 4.3) - restriction: || (&& (== net462) (< net46)) (== netstandard1.6)
      System.Resources.ResourceManager (>= 4.3) - restriction: || (&& (== net462) (< net46)) (== netstandard1.6)
      System.Runtime (>= 4.3) - restriction: || (&& (== net462) (< net46)) (== netstandard1.6)
      System.Runtime.Extensions (>= 4.3) - restriction: || (&& (== net462) (< net46)) (== netstandard1.6)
      System.Text.Encoding (>= 4.3) - restriction: || (&& (== net462) (< net46)) (== netstandard1.6)
    System.IO.FileSystem (4.3) - restriction: || (&& (== net462) (< net45) (>= netstandard1.6)) (&& (== net462) (>= netstandard1.6) (>= uap10.0)) (== netstandard1.6)
      Microsoft.NETCore.Platforms (>= 1.1) - restriction: || (&& (== net462) (< net46)) (== netstandard1.6)
      Microsoft.NETCore.Targets (>= 1.1) - restriction: || (&& (== net462) (< net46)) (== netstandard1.6)
      System.IO (>= 4.3) - restriction: || (&& (== net462) (< net46)) (== netstandard1.6)
      System.IO.FileSystem.Primitives (>= 4.3)
      System.Runtime (>= 4.3) - restriction: || (&& (== net462) (< net46)) (== netstandard1.6)
      System.Runtime.Handles (>= 4.3) - restriction: || (&& (== net462) (< net46)) (== netstandard1.6)
      System.Text.Encoding (>= 4.3) - restriction: || (&& (== net462) (< net46)) (== netstandard1.6)
      System.Threading.Tasks (>= 4.3) - restriction: || (&& (== net462) (< net46)) (== netstandard1.6)
    System.IO.FileSystem.Primitives (4.3) - restriction: || (&& (== net462) (< net45) (>= netstandard1.6)) (&& (== net462) (>= netstandard1.6) (>= uap10.0)) (== netstandard1.6)
      System.Runtime (>= 4.3) - restriction: || (&& (== net462) (< net46)) (== netstandard1.6)
    System.Linq (4.3) - restriction: || (&& (== net462) (< net45) (>= netstandard1.6)) (&& (== net462) (>= netstandard1.6) (< portable-net45+win8+wp8+wpa81)) (&& (== net462) (>= netstandard1.6) (< portable-net45+win8+wpa81)) (&& (== net462) (>= netstandard1.6) (>= uap10.0)) (== netstandard1.6)
      System.Collections (>= 4.3) - restriction: || (&& (== net462) (< net45)) (&& (== net462) (< portable-net45+win8+wp8+wpa81)) (== netstandard1.6)
      System.Diagnostics.Debug (>= 4.3) - restriction: || (&& (== net462) (< net45) (>= netstandard1.6)) (&& (== net462) (< portable-net45+win8+wp8+wpa81)) (== netstandard1.6)
      System.Resources.ResourceManager (>= 4.3) - restriction: || (&& (== net462) (< net45) (>= netstandard1.6)) (&& (== net462) (< portable-net45+win8+wp8+wpa81)) (== netstandard1.6)
      System.Runtime (>= 4.3) - restriction: || (&& (== net462) (< net45)) (&& (== net462) (< portable-net45+win8+wp8+wpa81)) (== netstandard1.6)
      System.Runtime.Extensions (>= 4.3) - restriction: || (&& (== net462) (< net45) (>= netstandard1.6)) (&& (== net462) (< portable-net45+win8+wp8+wpa81)) (== netstandard1.6)
    System.Linq.Expressions (4.3) - restriction: || (&& (== net462) (< net45) (>= netstandard1.6)) (&& (== net462) (>= netstandard1.6) (< portable-net45+win8+wp8+wpa81)) (&& (== net462) (>= netstandard1.6) (< portable-net45+win8+wpa81)) (&& (== net462) (>= netstandard1.6) (>= uap10.0)) (== netstandard1.6)
      System.Collections (>= 4.3) - restriction: || (&& (== net462) (< net45) (>= netstandard1.6)) (&& (== net462) (< portable-net45+win8+wp8+wpa81)) (== netstandard1.6)
      System.Diagnostics.Debug (>= 4.3) - restriction: || (&& (== net462) (< net45) (>= netstandard1.6)) (&& (== net462) (< portable-net45+win8+wp8+wpa81)) (== netstandard1.6)
      System.Globalization (>= 4.3) - restriction: || (&& (== net462) (< net45) (>= netstandard1.6)) (&& (== net462) (< portable-net45+win8+wp8+wpa81)) (== netstandard1.6)
      System.IO (>= 4.3) - restriction: || (&& (== net462) (< net45) (>= netstandard1.6)) (&& (== net462) (< portable-net45+win8+wp8+wpa81)) (== netstandard1.6)
      System.Linq (>= 4.3) - restriction: || (&& (== net462) (< net45) (>= netstandard1.6)) (&& (== net462) (< portable-net45+win8+wp8+wpa81)) (== netstandard1.6)
      System.ObjectModel (>= 4.3) - restriction: || (&& (== net462) (< net45) (>= netstandard1.6)) (== netstandard1.6)
      System.Reflection (>= 4.3) - restriction: || (&& (== net462) (< net45)) (&& (== net462) (< portable-net45+win8+wp8+wpa81)) (== netstandard1.6)
      System.Reflection.Emit (>= 4.3) - restriction: || (&& (== net462) (< net45) (>= netstandard1.6)) (== netstandard1.6)
      System.Reflection.Emit.ILGeneration (>= 4.3) - restriction: || (&& (== net462) (< net45) (>= netstandard1.6)) (&& (== net462) (< portable-net45+win8+wp8+wpa81)) (== netstandard1.6)
      System.Reflection.Emit.Lightweight (>= 4.3) - restriction: || (&& (== net462) (< net45) (>= netstandard1.6)) (&& (== net462) (< portable-net45+win8+wp8+wpa81)) (== netstandard1.6)
      System.Reflection.Extensions (>= 4.3) - restriction: || (&& (== net462) (< net45) (>= netstandard1.6)) (&& (== net462) (< portable-net45+win8+wp8+wpa81)) (== netstandard1.6)
      System.Reflection.Primitives (>= 4.3) - restriction: || (&& (== net462) (< net45) (>= netstandard1.6)) (&& (== net462) (< portable-net45+win8+wp8+wpa81)) (== netstandard1.6)
      System.Reflection.TypeExtensions (>= 4.3) - restriction: || (&& (== net462) (< net45) (>= netstandard1.6)) (&& (== net462) (< portable-net45+win8+wp8+wpa81)) (== netstandard1.6)
      System.Resources.ResourceManager (>= 4.3) - restriction: || (&& (== net462) (< net45) (>= netstandard1.6)) (&& (== net462) (< portable-net45+win8+wp8+wpa81)) (== netstandard1.6)
      System.Runtime (>= 4.3) - restriction: || (&& (== net462) (< net45)) (&& (== net462) (< portable-net45+win8+wp8+wpa81)) (== netstandard1.6)
      System.Runtime.Extensions (>= 4.3) - restriction: || (&& (== net462) (< net45) (>= netstandard1.6)) (&& (== net462) (< portable-net45+win8+wp8+wpa81)) (== netstandard1.6)
      System.Threading (>= 4.3) - restriction: || (&& (== net462) (< net45) (>= netstandard1.6)) (&& (== net462) (< portable-net45+win8+wp8+wpa81)) (== netstandard1.6)
    System.Linq.Queryable (4.3) - restriction: || (&& (== net462) (< net45) (>= netstandard1.6)) (== netstandard1.6)
      System.Collections (>= 4.3) - restriction: || (&& (== net462) (< net45)) (&& (== net462) (< portable-net45+win8+wp8+wpa81)) (== netstandard1.6)
      System.Diagnostics.Debug (>= 4.3) - restriction: || (&& (== net462) (< net45)) (&& (== net462) (< portable-net45+win8+wp8+wpa81)) (== netstandard1.6)
      System.Linq (>= 4.3) - restriction: || (&& (== net462) (< net45)) (&& (== net462) (< portable-net45+win8+wp8+wpa81)) (== netstandard1.6)
      System.Linq.Expressions (>= 4.3) - restriction: || (&& (== net462) (< net45)) (&& (== net462) (< portable-net45+win8+wp8+wpa81)) (== netstandard1.6)
      System.Reflection (>= 4.3) - restriction: || (&& (== net462) (< net45)) (&& (== net462) (< portable-net45+win8+wp8+wpa81)) (== netstandard1.6)
      System.Reflection.Extensions (>= 4.3) - restriction: || (&& (== net462) (< net45)) (&& (== net462) (< portable-net45+win8+wp8+wpa81)) (== netstandard1.6)
      System.Resources.ResourceManager (>= 4.3) - restriction: || (&& (== net462) (< net45)) (&& (== net462) (< portable-net45+win8+wp8+wpa81)) (== netstandard1.6)
      System.Runtime (>= 4.3) - restriction: || (&& (== net462) (< net45)) (&& (== net462) (< portable-net45+win8+wp8+wpa81)) (== netstandard1.6)
    System.Net.Http (4.3.2) - restriction: || (&& (== net462) (< net45) (>= netstandard1.6)) (&& (== net462) (>= netstandard1.6) (< portable-net45+win8+wp8+wpa81)) (&& (== net462) (>= netstandard1.6) (>= uap10.0)) (== netstandard1.6)
      Microsoft.NETCore.Platforms (>= 1.1) - restriction: || (&& (== net462) (< net45)) (&& (== net462) (< portable-net45+win8+wpa81)) (== netstandard1.6)
      runtime.native.System (>= 4.3) - restriction: || (&& (== net462) (< net45) (>= netstandard1.6)) (== netstandard1.6)
      runtime.native.System.Net.Http (>= 4.3) - restriction: || (&& (== net462) (< net45) (>= netstandard1.6)) (== netstandard1.6)
      runtime.native.System.Security.Cryptography.OpenSsl (>= 4.3) - restriction: || (&& (== net462) (< net45) (>= netstandard1.6)) (== netstandard1.6)
      System.Collections (>= 4.3) - restriction: || (&& (== net462) (< net45)) (&& (== net462) (< portable-net45+win8+wpa81)) (== netstandard1.6)
      System.Diagnostics.Debug (>= 4.3) - restriction: || (&& (== net462) (< net45)) (&& (== net462) (< portable-net45+win8+wpa81)) (== netstandard1.6)
      System.Diagnostics.DiagnosticSource (>= 4.3) - restriction: || (&& (== net462) (< net45)) (&& (== net462) (< portable-net45+win8+wpa81)) (== netstandard1.6)
      System.Diagnostics.Tracing (>= 4.3) - restriction: || (&& (== net462) (< net45)) (&& (== net462) (< portable-net45+win8+wpa81)) (== netstandard1.6)
      System.Globalization (>= 4.3) - restriction: || (&& (== net462) (< net45)) (&& (== net462) (< portable-net45+win8+wpa81)) (== netstandard1.6)
      System.Globalization.Extensions (>= 4.3) - restriction: || (&& (== net462) (< net45) (>= netstandard1.6)) (== netstandard1.6)
      System.IO (>= 4.3) - restriction: || (&& (== net462) (< net45)) (&& (== net462) (< portable-net45+win8+wpa81)) (== netstandard1.6)
      System.IO.FileSystem (>= 4.3) - restriction: || (&& (== net462) (< net45) (>= netstandard1.6)) (== netstandard1.6)
      System.Net.Primitives (>= 4.3) - restriction: || (&& (== net462) (< net45)) (&& (== net462) (< portable-net45+win8+wpa81)) (== netstandard1.6)
      System.Resources.ResourceManager (>= 4.3) - restriction: || (&& (== net462) (< net45)) (&& (== net462) (< portable-net45+win8+wpa81)) (== netstandard1.6)
      System.Runtime (>= 4.3) - restriction: || (&& (== net462) (< net45)) (&& (== net462) (< portable-net45+win8+wpa81)) (== netstandard1.6)
      System.Runtime.Extensions (>= 4.3) - restriction: || (&& (== net462) (< net45)) (&& (== net462) (< portable-net45+win8+wpa81)) (== netstandard1.6)
      System.Runtime.Handles (>= 4.3) - restriction: || (&& (== net462) (< net45)) (== netstandard1.6)
      System.Runtime.InteropServices (>= 4.3) - restriction: || (&& (== net462) (< net45)) (&& (== net462) (< portable-net45+win8+wpa81)) (== netstandard1.6)
      System.Security.Cryptography.Algorithms (>= 4.3) - restriction: || (&& (== net462) (< net45) (>= netstandard1.6)) (== netstandard1.6)
      System.Security.Cryptography.Encoding (>= 4.3) - restriction: || (&& (== net462) (< net45)) (== netstandard1.6)
      System.Security.Cryptography.OpenSsl (>= 4.3) - restriction: || (&& (== net462) (< net45) (>= netstandard1.6)) (== netstandard1.6)
      System.Security.Cryptography.Primitives (>= 4.3) - restriction: || (&& (== net462) (< net45) (>= netstandard1.6)) (== netstandard1.6)
      System.Security.Cryptography.X509Certificates (>= 4.3)
      System.Text.Encoding (>= 4.3) - restriction: || (&& (== net462) (< net45)) (&& (== net462) (< portable-net45+win8+wpa81)) (== netstandard1.6)
      System.Threading (>= 4.3) - restriction: || (&& (== net462) (< net45)) (&& (== net462) (< portable-net45+win8+wpa81)) (== netstandard1.6)
      System.Threading.Tasks (>= 4.3) - restriction: || (&& (== net462) (< net45)) (&& (== net462) (< portable-net45+win8+wpa81)) (== netstandard1.6)
    System.Net.Primitives (4.3) - restriction: || (&& (== net462) (< net45) (>= netstandard1.6)) (&& (== net462) (< netstandard1.1) (>= netstandard1.6)) (&& (== net462) (>= netstandard1.6) (< portable-net45+win8+wp8+wpa81)) (&& (== net462) (>= netstandard1.6) (< portable-net45+win8+wpa81)) (&& (== net462) (>= netstandard1.6) (>= uap10.0)) (== netstandard1.6)
      Microsoft.NETCore.Platforms (>= 1.1) - restriction: || (&& (== net462) (< net45)) (&& (== net462) (< netstandard1.1)) (&& (== net462) (< portable-net45+win8+wp8+wpa81)) (== netstandard1.6)
      Microsoft.NETCore.Targets (>= 1.1) - restriction: || (&& (== net462) (< net45)) (&& (== net462) (< netstandard1.1)) (&& (== net462) (< portable-net45+win8+wp8+wpa81)) (== netstandard1.6)
      System.Runtime (>= 4.3) - restriction: || (&& (== net462) (< net45)) (&& (== net462) (< netstandard1.1)) (&& (== net462) (< portable-net45+win8+wp8+wpa81)) (== netstandard1.6)
      System.Runtime.Handles (>= 4.3) - restriction: || (&& (== net462) (< net45)) (&& (== net462) (< portable-net45+win8+wp8+wpa81)) (== netstandard1.6)
    System.Net.Requests (4.3) - restriction: || (&& (== net462) (< net45) (>= netstandard1.6)) (== netstandard1.6)
      Microsoft.NETCore.Platforms (>= 1.1) - restriction: || (&& (== net462) (< net45)) (== netstandard1.6)
      System.Collections (>= 4.3) - restriction: || (&& (== net462) (< net45)) (&& (== net462) (< portable-net45+win8+wp8+wpa81)) (== netstandard1.6)
      System.Diagnostics.Debug (>= 4.3) - restriction: || (&& (== net462) (< net45)) (&& (== net462) (< portable-net45+win8+wp8+wpa81)) (== netstandard1.6)
      System.Diagnostics.Tracing (>= 4.3) - restriction: || (&& (== net462) (< net45)) (&& (== net462) (< portable-net45+win8+wp8+wpa81)) (== netstandard1.6)
      System.Globalization (>= 4.3) - restriction: || (&& (== net462) (< net45)) (&& (== net462) (< portable-net45+win8+wp8+wpa81)) (== netstandard1.6)
      System.IO (>= 4.3) - restriction: || (&& (== net462) (< net45)) (&& (== net462) (< netstandard1.1)) (&& (== net462) (< portable-net45+win8+wp8+wpa81)) (== netstandard1.6)
      System.Net.Http (>= 4.3) - restriction: || (&& (== net462) (< net45)) (&& (== net462) (< portable-net45+win8+wp8+wpa81)) (== netstandard1.6)
      System.Net.Primitives (>= 4.3) - restriction: || (&& (== net462) (< net45)) (&& (== net462) (< netstandard1.1)) (&& (== net462) (< portable-net45+win8+wp8+wpa81)) (== netstandard1.6)
      System.Net.WebHeaderCollection (>= 4.3) - restriction: || (&& (== net462) (< net45)) (&& (== net462) (< portable-net45+win8+wp8+wpa81)) (== netstandard1.6)
      System.Resources.ResourceManager (>= 4.3) - restriction: || (&& (== net462) (< net45)) (&& (== net462) (< portable-net45+win8+wp8+wpa81)) (== netstandard1.6)
      System.Runtime (>= 4.3) - restriction: || (&& (== net462) (< net45)) (&& (== net462) (< netstandard1.1)) (&& (== net462) (< portable-net45+win8+wp8+wpa81)) (== netstandard1.6)
      System.Threading (>= 4.3) - restriction: || (&& (== net462) (< net45)) (&& (== net462) (< portable-net45+win8+wp8+wpa81)) (== netstandard1.6)
      System.Threading.Tasks (>= 4.3) - restriction: || (&& (== net462) (< net45)) (&& (== net462) (< portable-net45+win8+wp8+wpa81)) (== netstandard1.6)
    System.Net.Sockets (4.3) - restriction: || (&& (== net462) (< net45) (>= netstandard1.6)) (&& (== net462) (>= netstandard1.6) (>= uap10.0)) (== netstandard1.6)
      Microsoft.NETCore.Platforms (>= 1.1) - restriction: || (&& (== net462) (< net46)) (== netstandard1.6)
      Microsoft.NETCore.Targets (>= 1.1) - restriction: || (&& (== net462) (< net46)) (== netstandard1.6)
      System.IO (>= 4.3) - restriction: || (&& (== net462) (< net46)) (== netstandard1.6)
      System.Net.Primitives (>= 4.3) - restriction: || (&& (== net462) (< net46)) (== netstandard1.6)
      System.Runtime (>= 4.3) - restriction: || (&& (== net462) (< net46)) (== netstandard1.6)
      System.Threading.Tasks (>= 4.3) - restriction: || (&& (== net462) (< net46)) (== netstandard1.6)
    System.Net.WebHeaderCollection (4.3) - restriction: || (&& (== net462) (< net45) (>= netstandard1.6)) (&& (== net462) (>= netstandard1.6) (< portable-net45+win8+wp8+wpa81)) (== netstandard1.6)
      System.Collections (>= 4.3) - restriction: || (&& (== net462) (< net46)) (== netstandard1.6)
      System.Resources.ResourceManager (>= 4.3) - restriction: || (&& (== net462) (< net46)) (== netstandard1.6)
      System.Runtime (>= 4.3) - restriction: || (&& (== net462) (< net46)) (== netstandard1.6)
      System.Runtime.Extensions (>= 4.3) - restriction: || (&& (== net462) (< net46)) (== netstandard1.6)
    System.ObjectModel (4.3) - restriction: || (&& (== net462) (< net45) (>= netstandard1.6)) (&& (== net462) (>= netstandard1.6) (< portable-net45+win8+wpa81)) (&& (== net462) (>= netstandard1.6) (>= uap10.0)) (== netstandard1.6)
      System.Collections (>= 4.3) - restriction: || (&& (== net462) (< net45)) (&& (== net462) (< portable-net45+win8+wp8+wpa81)) (== netstandard1.6)
      System.Diagnostics.Debug (>= 4.3) - restriction: || (&& (== net462) (< net45)) (&& (== net462) (< portable-net45+win8+wp8+wpa81)) (== netstandard1.6)
      System.Resources.ResourceManager (>= 4.3) - restriction: || (&& (== net462) (< net45)) (&& (== net462) (< portable-net45+win8+wp8+wpa81)) (== netstandard1.6)
      System.Runtime (>= 4.3) - restriction: || (&& (== net462) (< net45)) (&& (== net462) (< portable-net45+win8+wp8+wpa81)) (== netstandard1.6)
      System.Threading (>= 4.3) - restriction: || (&& (== net462) (< net45)) (&& (== net462) (< portable-net45+win8+wp8+wpa81)) (== netstandard1.6)
    System.Reflection (4.3) - restriction: || (&& (== net462) (< net45) (>= netstandard1.6)) (&& (== net462) (>= netstandard1.6) (< portable-net45+win8+wp8+wpa81)) (&& (== net462) (>= netstandard1.6) (< portable-net45+win8+wpa81)) (&& (== net462) (>= netstandard1.6) (>= uap10.0)) (== netstandard1.6)
      Microsoft.NETCore.Platforms (>= 1.1) - restriction: || (&& (== net462) (< net45)) (&& (== net462) (< portable-net45+win8+wp8+wpa81)) (== netstandard1.6)
      Microsoft.NETCore.Targets (>= 1.1) - restriction: || (&& (== net462) (< net45)) (&& (== net462) (< portable-net45+win8+wp8+wpa81)) (== netstandard1.6)
      System.IO (>= 4.3) - restriction: || (&& (== net462) (< net45)) (&& (== net462) (< portable-net45+win8+wp8+wpa81)) (== netstandard1.6)
      System.Reflection.Primitives (>= 4.3) - restriction: || (&& (== net462) (< net45)) (&& (== net462) (< portable-net45+win8+wp8+wpa81)) (== netstandard1.6)
      System.Runtime (>= 4.3) - restriction: || (&& (== net462) (< net45)) (&& (== net462) (< portable-net45+win8+wp8+wpa81)) (== netstandard1.6)
    System.Reflection.Emit (4.3) - restriction: || (&& (== net462) (< net45) (>= netstandard1.6)) (== netstandard1.6)
      System.IO (>= 4.3) - restriction: || (&& (== net462) (< net45)) (== netstandard1.6)
      System.Reflection (>= 4.3) - restriction: || (&& (== net462) (< net45)) (== netstandard1.6)
      System.Reflection.Emit.ILGeneration (>= 4.3) - restriction: || (&& (== net462) (< net45)) (== netstandard1.6)
      System.Reflection.Primitives (>= 4.3) - restriction: || (&& (== net462) (< net45)) (== netstandard1.6)
      System.Runtime (>= 4.3) - restriction: || (&& (== net462) (< net45)) (== netstandard1.6)
    System.Reflection.Emit.ILGeneration (4.3) - restriction: || (&& (== net462) (< net45) (>= netstandard1.6)) (&& (== net462) (>= netstandard1.6) (< portable-net45+win8+wp8+wpa81)) (== netstandard1.6)
      System.Reflection (>= 4.3) - restriction: || (&& (== net462) (< net45)) (== netstandard1.6)
      System.Reflection.Primitives (>= 4.3) - restriction: || (&& (== net462) (< net45)) (== netstandard1.6)
      System.Runtime (>= 4.3) - restriction: || (&& (== net462) (< net45)) (== netstandard1.6)
    System.Reflection.Emit.Lightweight (4.3) - restriction: || (&& (== net462) (< net45) (>= netstandard1.6)) (&& (== net462) (>= netstandard1.6) (< portable-net45+win8+wp8+wpa81)) (== netstandard1.6)
      System.Reflection (>= 4.3) - restriction: || (&& (== net462) (< net45)) (== netstandard1.6)
      System.Reflection.Emit.ILGeneration (>= 4.3) - restriction: || (&& (== net462) (< net45)) (== netstandard1.6)
      System.Reflection.Primitives (>= 4.3) - restriction: || (&& (== net462) (< net45)) (== netstandard1.6)
      System.Runtime (>= 4.3) - restriction: || (&& (== net462) (< net45)) (== netstandard1.6)
    System.Reflection.Extensions (4.3) - restriction: || (&& (== net462) (< net45) (>= netstandard1.6)) (&& (== net462) (>= netstandard1.6) (< portable-net45+win8+wp8+wpa81)) (&& (== net462) (>= netstandard1.6) (< portable-net45+win8+wpa81)) (&& (== net462) (>= netstandard1.6) (>= uap10.0)) (== netstandard1.6)
      Microsoft.NETCore.Platforms (>= 1.1) - restriction: || (&& (== net462) (< net45)) (&& (== net462) (< portable-net45+win8+wp8+wpa81)) (== netstandard1.6)
      Microsoft.NETCore.Targets (>= 1.1) - restriction: || (&& (== net462) (< net45)) (&& (== net462) (< portable-net45+win8+wp8+wpa81)) (== netstandard1.6)
      System.Reflection (>= 4.3) - restriction: || (&& (== net462) (< net45)) (&& (== net462) (< portable-net45+win8+wp8+wpa81)) (== netstandard1.6)
      System.Runtime (>= 4.3) - restriction: || (&& (== net462) (< net45)) (&& (== net462) (< portable-net45+win8+wp8+wpa81)) (== netstandard1.6)
    System.Reflection.Metadata (1.5)
      NETStandard.Library (>= 1.6.1)
      System.Collections.Immutable (>= 1.4)
    System.Reflection.Primitives (4.3) - restriction: || (&& (== net462) (< net45) (>= netstandard1.6)) (&& (== net462) (>= netstandard1.6) (< portable-net45+win8+wp8+wpa81)) (&& (== net462) (>= netstandard1.6) (< portable-net45+win8+wpa81)) (&& (== net462) (>= netstandard1.6) (>= uap10.0)) (== netstandard1.6)
      Microsoft.NETCore.Platforms (>= 1.1) - restriction: || (&& (== net462) (< net45)) (&& (== net462) (< portable-net45+win8+wp8+wpa81)) (== netstandard1.6)
      Microsoft.NETCore.Targets (>= 1.1) - restriction: || (&& (== net462) (< net45)) (&& (== net462) (< portable-net45+win8+wp8+wpa81)) (== netstandard1.6)
      System.Runtime (>= 4.3) - restriction: || (&& (== net462) (< net45)) (&& (== net462) (< portable-net45+win8+wp8+wpa81)) (== netstandard1.6)
    System.Reflection.TypeExtensions (4.4) - restriction: || (&& (== net462) (< net45) (>= netstandard1.6)) (== netstandard1.6)
      System.Reflection (>= 4.3) - restriction: || (&& (== net462) (< net46)) (&& (== net462) (< netstandard1.3)) (== netstandard1.6)
      System.Resources.ResourceManager (>= 4.3) - restriction: || (&& (== net462) (< net46)) (&& (== net462) (< netstandard1.3)) (== netstandard1.6)
      System.Runtime (>= 4.3) - restriction: || (&& (== net462) (< net46)) (&& (== net462) (< netstandard1.3)) (== netstandard1.6)
    System.Resources.ResourceManager (4.3) - restriction: || (&& (== net462) (< net45) (>= netstandard1.6)) (&& (== net462) (>= netstandard1.6) (< portable-net45+win8+wp8+wpa81)) (&& (== net462) (>= netstandard1.6) (< portable-net45+win8+wpa81)) (&& (== net462) (>= netstandard1.6) (>= uap10.0)) (== netstandard1.6)
      Microsoft.NETCore.Platforms (>= 1.1) - restriction: || (&& (== net462) (< net45)) (&& (== net462) (< portable-net45+win8+wp8+wpa81)) (== netstandard1.6)
      Microsoft.NETCore.Targets (>= 1.1) - restriction: || (&& (== net462) (< net45)) (&& (== net462) (< portable-net45+win8+wp8+wpa81)) (== netstandard1.6)
      System.Globalization (>= 4.3) - restriction: || (&& (== net462) (< net45)) (&& (== net462) (< portable-net45+win8+wp8+wpa81)) (== netstandard1.6)
      System.Reflection (>= 4.3) - restriction: || (&& (== net462) (< net45)) (&& (== net462) (< portable-net45+win8+wp8+wpa81)) (== netstandard1.6)
      System.Runtime (>= 4.3) - restriction: || (&& (== net462) (< net45)) (&& (== net462) (< portable-net45+win8+wp8+wpa81)) (== netstandard1.6)
    System.Runtime (4.3) - restriction: || (&& (== net462) (< net45) (>= netstandard1.6)) (&& (== net462) (>= netcoreapp1.1)) (&& (== net462) (< netstandard1.1) (>= netstandard1.6)) (&& (== net462) (>= netstandard1.6) (< portable-net45+win8+wp8+wpa81)) (&& (== net462) (>= netstandard1.6) (< portable-net45+win8+wpa81)) (&& (== net462) (>= netstandard1.6) (>= uap10.0)) (== netstandard1.6)
      Microsoft.NETCore.Platforms (>= 1.1) - restriction: || (&& (== net462) (< net45)) (&& (== net462) (< portable-net45+win8+wp8+wpa81)) (== netstandard1.6)
      Microsoft.NETCore.Targets (>= 1.1) - restriction: || (&& (== net462) (< net45)) (&& (== net462) (< portable-net45+win8+wp8+wpa81)) (== netstandard1.6)
    System.Runtime.Extensions (4.3) - restriction: || (&& (== net462) (< net45) (>= netstandard1.6)) (&& (== net462) (>= netstandard1.6) (< portable-net45+win8+wp8+wpa81)) (&& (== net462) (>= netstandard1.6) (< portable-net45+win8+wpa81)) (&& (== net462) (>= netstandard1.6) (>= uap10.0)) (== netstandard1.6)
      Microsoft.NETCore.Platforms (>= 1.1) - restriction: || (&& (== net462) (< net45)) (&& (== net462) (< portable-net45+win8+wp8+wpa81)) (== netstandard1.6)
      Microsoft.NETCore.Targets (>= 1.1) - restriction: || (&& (== net462) (< net45)) (&& (== net462) (< portable-net45+win8+wp8+wpa81)) (== netstandard1.6)
      System.Runtime (>= 4.3) - restriction: || (&& (== net462) (< net45)) (&& (== net462) (< portable-net45+win8+wp8+wpa81)) (== netstandard1.6)
    System.Runtime.Handles (4.3) - restriction: || (&& (== net462) (< net45) (>= netstandard1.6)) (&& (== net462) (>= netstandard1.6) (< portable-net45+win8+wp8+wpa81)) (&& (== net462) (>= netstandard1.6) (< portable-net45+win8+wpa81)) (&& (== net462) (>= netstandard1.6) (>= uap10.0)) (== netstandard1.6)
      Microsoft.NETCore.Platforms (>= 1.1) - restriction: || (&& (== net462) (< net46)) (== netstandard1.6)
      Microsoft.NETCore.Targets (>= 1.1) - restriction: || (&& (== net462) (< net46)) (== netstandard1.6)
      System.Runtime (>= 4.3) - restriction: || (&& (== net462) (< net46)) (== netstandard1.6)
    System.Runtime.InteropServices (4.3) - restriction: || (&& (== net462) (< net45) (>= netstandard1.6)) (&& (== net462) (>= netstandard1.6) (< portable-net45+win8+wpa81)) (&& (== net462) (>= netstandard1.6) (>= uap10.0)) (== netstandard1.6)
      Microsoft.NETCore.Platforms (>= 1.1) - restriction: || (&& (== net462) (< net45)) (&& (== net462) (>= netcoreapp1.1)) (&& (== net462) (< portable-net45+win8+wpa81)) (== netstandard1.6)
      Microsoft.NETCore.Targets (>= 1.1) - restriction: || (&& (== net462) (< net45)) (&& (== net462) (>= netcoreapp1.1)) (&& (== net462) (< portable-net45+win8+wpa81)) (== netstandard1.6)
      System.Reflection (>= 4.3) - restriction: || (&& (== net462) (< net45)) (&& (== net462) (>= netcoreapp1.1)) (&& (== net462) (< portable-net45+win8+wpa81)) (== netstandard1.6)
      System.Reflection.Primitives (>= 4.3) - restriction: || (&& (== net462) (< net45)) (&& (== net462) (>= netcoreapp1.1)) (&& (== net462) (< portable-net45+win8+wpa81)) (== netstandard1.6)
      System.Runtime (>= 4.3)
      System.Runtime.Handles (>= 4.3) - restriction: || (&& (== net462) (< net45)) (&& (== net462) (>= netcoreapp1.1)) (&& (== net462) (< portable-net45+win8+wpa81)) (== netstandard1.6)
    System.Runtime.InteropServices.RuntimeInformation (4.3) - restriction: || (&& (== net462) (< net45) (>= netstandard1.6)) (&& (== net462) (< netstandard1.0) (>= netstandard1.6)) (&& (== net462) (< netstandard1.3) (>= netstandard1.6) (>= wpa81)) (&& (== net462) (>= netstandard1.6) (>= uap10.0)) (== netstandard1.6)
      runtime.native.System (>= 4.3) - restriction: || (&& (== net462) (< net45)) (== netstandard1.6)
      System.Reflection (>= 4.3) - restriction: || (&& (== net462) (< net45)) (&& (== net462) (< netstandard1.1)) (== netstandard1.6)
      System.Reflection.Extensions (>= 4.3) - restriction: || (&& (== net462) (< net45)) (&& (== net462) (< netstandard1.1)) (== netstandard1.6)
      System.Resources.ResourceManager (>= 4.3) - restriction: || (&& (== net462) (< net45)) (&& (== net462) (< netstandard1.1)) (== netstandard1.6)
      System.Runtime (>= 4.3) - restriction: || (&& (== net462) (< net45)) (&& (== net462) (< netstandard1.1)) (== netstandard1.6)
      System.Runtime.InteropServices (>= 4.3) - restriction: || (&& (== net462) (< net45)) (== netstandard1.6)
      System.Threading (>= 4.3) - restriction: || (&& (== net462) (< net45)) (&& (== net462) (< netstandard1.1)) (== netstandard1.6)
    System.Runtime.Loader (4.3) - restriction: || (&& (== net462) (< net45) (>= netstandard1.6)) (== netstandard1.6)
      System.IO (>= 4.3) - restriction: == netstandard1.6
      System.Reflection (>= 4.3) - restriction: == netstandard1.6
      System.Runtime (>= 4.3) - restriction: == netstandard1.6
    System.Runtime.Numerics (4.3) - restriction: || (&& (== net462) (< net45) (>= netstandard1.6)) (&& (== net462) (>= netstandard1.6) (>= uap10.0)) (== netstandard1.6)
      System.Globalization (>= 4.3) - restriction: || (&& (== net462) (< net45)) (&& (== net462) (< portable-net45+win8+wpa81)) (== netstandard1.6)
      System.Resources.ResourceManager (>= 4.3) - restriction: || (&& (== net462) (< net45)) (&& (== net462) (< portable-net45+win8+wpa81)) (== netstandard1.6)
      System.Runtime (>= 4.3) - restriction: || (&& (== net462) (< net45)) (&& (== net462) (< portable-net45+win8+wpa81)) (== netstandard1.6)
      System.Runtime.Extensions (>= 4.3) - restriction: || (&& (== net462) (< net45)) (&& (== net462) (< portable-net45+win8+wpa81)) (== netstandard1.6)
    System.Security.Cryptography.Algorithms (4.3) - restriction: || (&& (== net462) (< net45) (>= netstandard1.6)) (== netstandard1.6)
      Microsoft.NETCore.Platforms (>= 1.1) - restriction: || (&& (== net462) (< net46) (>= netstandard1.6)) (&& (== net462) (< netstandard1.3)) (== netstandard1.6)
      runtime.native.System.Security.Cryptography.Apple (>= 4.3) - restriction: || (&& (== net462) (< net46) (>= netstandard1.6)) (== netstandard1.6)
      runtime.native.System.Security.Cryptography.OpenSsl (>= 4.3) - restriction: || (&& (== net462) (< net46) (>= netstandard1.6)) (== netstandard1.6)
      System.Collections (>= 4.3) - restriction: || (&& (== net462) (< net46) (>= netstandard1.6)) (== netstandard1.6)
      System.IO (>= 4.3) - restriction: || (&& (== net462) (< net46)) (&& (== net462) (>= net463)) (&& (== net462) (< netstandard1.3)) (== netstandard1.6)
      System.Resources.ResourceManager (>= 4.3) - restriction: || (&& (== net462) (< net46) (>= netstandard1.6)) (&& (== net462) (< netstandard1.3)) (== netstandard1.6)
      System.Runtime (>= 4.3) - restriction: || (&& (== net462) (< net46)) (&& (== net462) (>= net463)) (&& (== net462) (< netstandard1.3)) (== netstandard1.6)
      System.Runtime.Extensions (>= 4.3) - restriction: || (&& (== net462) (< net46) (>= netstandard1.6)) (&& (== net462) (< netstandard1.3)) (== netstandard1.6)
      System.Runtime.Handles (>= 4.3) - restriction: || (&& (== net462) (< net46) (>= netstandard1.6)) (&& (== net462) (< netstandard1.3)) (== netstandard1.6)
      System.Runtime.InteropServices (>= 4.3) - restriction: || (&& (== net462) (< net46) (>= netstandard1.6)) (&& (== net462) (< netstandard1.3)) (== netstandard1.6)
      System.Runtime.Numerics (>= 4.3) - restriction: || (&& (== net462) (< net46) (>= netstandard1.6)) (== netstandard1.6)
      System.Security.Cryptography.Encoding (>= 4.3) - restriction: || (&& (== net462) (< net46) (>= netstandard1.6)) (&& (== net462) (>= net463)) (&& (== net462) (< netstandard1.3)) (== netstandard1.6)
      System.Security.Cryptography.Primitives (>= 4.3)
      System.Text.Encoding (>= 4.3) - restriction: || (&& (== net462) (< net46) (>= netstandard1.6)) (&& (== net462) (< netstandard1.3)) (== netstandard1.6)
    System.Security.Cryptography.Cng (4.4) - restriction: || (&& (== net462) (< net45) (>= netstandard1.6)) (&& (== net462) (>= netstandard1.6) (>= uap10.0)) (== netstandard1.6)
      System.IO (>= 4.3) - restriction: || (&& (== net462) (< net46)) (== netstandard1.6)
      System.Resources.ResourceManager (>= 4.3) - restriction: || (&& (== net462) (< net46)) (== netstandard1.6)
      System.Runtime (>= 4.3) - restriction: || (&& (== net462) (< net46)) (== netstandard1.6)
      System.Runtime.Extensions (>= 4.3) - restriction: || (&& (== net462) (< net46)) (== netstandard1.6)
      System.Runtime.Handles (>= 4.3) - restriction: || (&& (== net462) (< net46)) (== netstandard1.6)
      System.Runtime.InteropServices (>= 4.3) - restriction: || (&& (== net462) (< net46)) (== netstandard1.6)
      System.Security.Cryptography.Algorithms (>= 4.3) - restriction: || (&& (== net462) (< net46)) (&& (== net462) (< netstandard1.4)) (== netstandard1.6)
      System.Security.Cryptography.Encoding (>= 4.3) - restriction: || (&& (== net462) (< net46)) (== netstandard1.6)
      System.Security.Cryptography.Primitives (>= 4.3) - restriction: || (&& (== net462) (< net46)) (&& (== net462) (< netstandard1.4)) (== netstandard1.6)
      System.Text.Encoding (>= 4.3) - restriction: || (&& (== net462) (< net46)) (== netstandard1.6)
    System.Security.Cryptography.Csp (4.3) - restriction: || (&& (== net462) (< net45) (>= netstandard1.6)) (&& (== net462) (>= netstandard1.6) (>= uap10.0)) (== netstandard1.6)
      Microsoft.NETCore.Platforms (>= 1.1) - restriction: || (&& (== net462) (< net46)) (== netstandard1.6)
      System.IO (>= 4.3) - restriction: || (&& (== net462) (< net46)) (== netstandard1.6)
      System.Reflection (>= 4.3) - restriction: || (&& (== net462) (< net46)) (== netstandard1.6)
      System.Resources.ResourceManager (>= 4.3) - restriction: || (&& (== net462) (< net46)) (== netstandard1.6)
      System.Runtime (>= 4.3) - restriction: || (&& (== net462) (< net46)) (== netstandard1.6)
      System.Runtime.Extensions (>= 4.3) - restriction: || (&& (== net462) (< net46)) (== netstandard1.6)
      System.Runtime.Handles (>= 4.3) - restriction: || (&& (== net462) (< net46)) (== netstandard1.6)
      System.Runtime.InteropServices (>= 4.3) - restriction: || (&& (== net462) (< net46)) (== netstandard1.6)
      System.Security.Cryptography.Algorithms (>= 4.3)
      System.Security.Cryptography.Encoding (>= 4.3) - restriction: || (&& (== net462) (< net46)) (== netstandard1.6)
      System.Security.Cryptography.Primitives (>= 4.3)
      System.Text.Encoding (>= 4.3) - restriction: || (&& (== net462) (< net46)) (== netstandard1.6)
      System.Threading (>= 4.3) - restriction: || (&& (== net462) (< net46)) (== netstandard1.6)
    System.Security.Cryptography.Encoding (4.3) - restriction: || (&& (== net462) (< net45) (>= netstandard1.6)) (&& (== net462) (>= netstandard1.6) (>= uap10.0)) (== netstandard1.6)
      Microsoft.NETCore.Platforms (>= 1.1) - restriction: || (&& (== net462) (< net46)) (== netstandard1.6)
      runtime.native.System.Security.Cryptography.OpenSsl (>= 4.3) - restriction: || (&& (== net462) (< net46)) (== netstandard1.6)
      System.Collections (>= 4.3) - restriction: || (&& (== net462) (< net46)) (== netstandard1.6)
      System.Collections.Concurrent (>= 4.3) - restriction: || (&& (== net462) (< net46)) (== netstandard1.6)
      System.Linq (>= 4.3) - restriction: || (&& (== net462) (< net46)) (== netstandard1.6)
      System.Resources.ResourceManager (>= 4.3) - restriction: || (&& (== net462) (< net46)) (== netstandard1.6)
      System.Runtime (>= 4.3) - restriction: || (&& (== net462) (< net46)) (== netstandard1.6)
      System.Runtime.Extensions (>= 4.3) - restriction: || (&& (== net462) (< net46)) (== netstandard1.6)
      System.Runtime.Handles (>= 4.3) - restriction: || (&& (== net462) (< net46)) (== netstandard1.6)
      System.Runtime.InteropServices (>= 4.3) - restriction: || (&& (== net462) (< net46)) (== netstandard1.6)
      System.Security.Cryptography.Primitives (>= 4.3) - restriction: || (&& (== net462) (< net46)) (== netstandard1.6)
      System.Text.Encoding (>= 4.3) - restriction: || (&& (== net462) (< net46)) (== netstandard1.6)
    System.Security.Cryptography.OpenSsl (4.4) - restriction: || (&& (== net462) (< net45) (>= netstandard1.6)) (&& (== net462) (>= netstandard1.6) (>= uap10.0)) (== netstandard1.6)
      System.Collections (>= 4.3) - restriction: || (&& (== net462) (< net461) (>= netstandard1.6)) (== netstandard1.6)
      System.IO (>= 4.3) - restriction: || (&& (== net462) (< net461) (>= netstandard1.6)) (== netstandard1.6)
      System.Resources.ResourceManager (>= 4.3) - restriction: || (&& (== net462) (< net461) (>= netstandard1.6)) (== netstandard1.6)
      System.Runtime (>= 4.3) - restriction: || (&& (== net462) (< net461) (>= netstandard1.6)) (== netstandard1.6)
      System.Runtime.Extensions (>= 4.3) - restriction: || (&& (== net462) (< net461) (>= netstandard1.6)) (== netstandard1.6)
      System.Runtime.Handles (>= 4.3) - restriction: || (&& (== net462) (< net461) (>= netstandard1.6)) (== netstandard1.6)
      System.Runtime.InteropServices (>= 4.3) - restriction: || (&& (== net462) (< net461) (>= netstandard1.6)) (== netstandard1.6)
      System.Runtime.Numerics (>= 4.3) - restriction: || (&& (== net462) (< net461) (>= netstandard1.6)) (== netstandard1.6)
      System.Security.Cryptography.Algorithms (>= 4.3) - restriction: || (&& (== net462) (< net461) (>= netstandard1.6)) (== netstandard1.6)
      System.Security.Cryptography.Encoding (>= 4.3) - restriction: || (&& (== net462) (< net461) (>= netstandard1.6)) (== netstandard1.6)
      System.Security.Cryptography.Primitives (>= 4.3) - restriction: || (&& (== net462) (< net461) (>= netstandard1.6)) (== netstandard1.6)
      System.Text.Encoding (>= 4.3) - restriction: || (&& (== net462) (< net461) (>= netstandard1.6)) (== netstandard1.6)
    System.Security.Cryptography.Primitives (4.3) - restriction: || (&& (== net462) (< net45) (>= netstandard1.6)) (&& (== net462) (>= netstandard1.6) (>= uap10.0)) (== netstandard1.6)
      System.Diagnostics.Debug (>= 4.3) - restriction: || (&& (== net462) (< net46)) (== netstandard1.6)
      System.Globalization (>= 4.3) - restriction: || (&& (== net462) (< net46)) (== netstandard1.6)
      System.IO (>= 4.3) - restriction: || (&& (== net462) (< net46)) (== netstandard1.6)
      System.Resources.ResourceManager (>= 4.3) - restriction: || (&& (== net462) (< net46)) (== netstandard1.6)
      System.Runtime (>= 4.3) - restriction: || (&& (== net462) (< net46)) (== netstandard1.6)
      System.Threading (>= 4.3) - restriction: || (&& (== net462) (< net46)) (== netstandard1.6)
      System.Threading.Tasks (>= 4.3) - restriction: || (&& (== net462) (< net46)) (== netstandard1.6)
    System.Security.Cryptography.X509Certificates (4.3) - restriction: || (&& (== net462) (< net45) (>= netstandard1.6)) (&& (== net462) (>= netstandard1.6) (< portable-net45+win8+wpa81)) (&& (== net462) (>= netstandard1.6) (>= uap10.0)) (== netstandard1.6)
      Microsoft.NETCore.Platforms (>= 1.1) - restriction: || (&& (== net462) (< net46) (>= netstandard1.6)) (&& (== net462) (< netstandard1.3)) (== netstandard1.6)
      runtime.native.System (>= 4.3) - restriction: || (&& (== net462) (< net46) (>= netstandard1.6)) (== netstandard1.6)
      runtime.native.System.Net.Http (>= 4.3) - restriction: || (&& (== net462) (< net46) (>= netstandard1.6)) (== netstandard1.6)
      runtime.native.System.Security.Cryptography.OpenSsl (>= 4.3) - restriction: || (&& (== net462) (< net46) (>= netstandard1.6)) (== netstandard1.6)
      System.Collections (>= 4.3) - restriction: || (&& (== net462) (< net46) (>= netstandard1.6)) (&& (== net462) (< netstandard1.3)) (== netstandard1.6)
      System.Diagnostics.Debug (>= 4.3) - restriction: || (&& (== net462) (< net46) (>= netstandard1.6)) (== netstandard1.6)
      System.Globalization (>= 4.3) - restriction: || (&& (== net462) (< net46) (>= netstandard1.6)) (&& (== net462) (< netstandard1.3)) (== netstandard1.6)
      System.Globalization.Calendars (>= 4.3) - restriction: || (&& (== net462) (< net46) (>= netstandard1.6)) (&& (== net462) (< netstandard1.3)) (== netstandard1.6)
      System.IO (>= 4.3) - restriction: || (&& (== net462) (< net46) (>= netstandard1.6)) (&& (== net462) (< netstandard1.3)) (== netstandard1.6)
      System.IO.FileSystem (>= 4.3) - restriction: || (&& (== net462) (< net46) (>= netstandard1.6)) (&& (== net462) (< netstandard1.3)) (== netstandard1.6)
      System.IO.FileSystem.Primitives (>= 4.3) - restriction: || (&& (== net462) (< net46) (>= netstandard1.6)) (== netstandard1.6)
      System.Resources.ResourceManager (>= 4.3) - restriction: || (&& (== net462) (< net46) (>= netstandard1.6)) (&& (== net462) (< netstandard1.3)) (== netstandard1.6)
      System.Runtime (>= 4.3) - restriction: || (&& (== net462) (< net46)) (&& (== net462) (< netstandard1.3)) (== netstandard1.6)
      System.Runtime.Extensions (>= 4.3) - restriction: || (&& (== net462) (< net46) (>= netstandard1.6)) (&& (== net462) (< netstandard1.3)) (== netstandard1.6)
      System.Runtime.Handles (>= 4.3) - restriction: || (&& (== net462) (< net46)) (&& (== net462) (< netstandard1.3)) (== netstandard1.6)
      System.Runtime.InteropServices (>= 4.3) - restriction: || (&& (== net462) (< net46) (>= netstandard1.6)) (&& (== net462) (< netstandard1.3)) (== netstandard1.6)
      System.Runtime.Numerics (>= 4.3) - restriction: || (&& (== net462) (< net46) (>= netstandard1.6)) (&& (== net462) (< netstandard1.3)) (== netstandard1.6)
      System.Security.Cryptography.Algorithms (>= 4.3)
      System.Security.Cryptography.Cng (>= 4.3) - restriction: || (&& (== net462) (< net46) (>= netstandard1.6)) (&& (== net462) (< netstandard1.3)) (== netstandard1.6)
      System.Security.Cryptography.Csp (>= 4.3) - restriction: || (&& (== net462) (< net46) (>= netstandard1.6)) (== netstandard1.6)
      System.Security.Cryptography.Encoding (>= 4.3)
      System.Security.Cryptography.OpenSsl (>= 4.3) - restriction: || (&& (== net462) (< net46) (>= netstandard1.6)) (== netstandard1.6)
      System.Security.Cryptography.Primitives (>= 4.3) - restriction: || (&& (== net462) (< net46) (>= netstandard1.6)) (&& (== net462) (< netstandard1.3)) (== netstandard1.6)
      System.Text.Encoding (>= 4.3) - restriction: || (&& (== net462) (< net46) (>= netstandard1.6)) (&& (== net462) (< netstandard1.3)) (== netstandard1.6)
      System.Threading (>= 4.3) - restriction: || (&& (== net462) (< net46) (>= netstandard1.6)) (&& (== net462) (< netstandard1.3)) (== netstandard1.6)
    System.Text.Encoding (4.3) - restriction: || (&& (== net462) (< net45) (>= netstandard1.6)) (&& (== net462) (>= netstandard1.6) (< portable-net45+win8+wp8+wpa81)) (&& (== net462) (>= netstandard1.6) (< portable-net45+win8+wpa81)) (&& (== net462) (>= netstandard1.6) (>= uap10.0)) (== netstandard1.6)
      Microsoft.NETCore.Platforms (>= 1.1) - restriction: || (&& (== net462) (< net45)) (&& (== net462) (< portable-net45+win8+wp8+wpa81)) (== netstandard1.6)
      Microsoft.NETCore.Targets (>= 1.1) - restriction: || (&& (== net462) (< net45)) (&& (== net462) (< portable-net45+win8+wp8+wpa81)) (== netstandard1.6)
      System.Runtime (>= 4.3) - restriction: || (&& (== net462) (< net45)) (&& (== net462) (< portable-net45+win8+wp8+wpa81)) (== netstandard1.6)
    System.Text.Encoding.Extensions (4.3) - restriction: || (&& (== net462) (< net45) (>= netstandard1.6)) (&& (== net462) (>= netstandard1.6) (< portable-net45+win8+wpa81)) (&& (== net462) (>= netstandard1.6) (>= uap10.0)) (== netstandard1.6)
      Microsoft.NETCore.Platforms (>= 1.1) - restriction: || (&& (== net462) (< net45)) (&& (== net462) (< portable-net45+win8+wp8+wpa81)) (== netstandard1.6)
      Microsoft.NETCore.Targets (>= 1.1) - restriction: || (&& (== net462) (< net45)) (&& (== net462) (< portable-net45+win8+wp8+wpa81)) (== netstandard1.6)
      System.Runtime (>= 4.3) - restriction: || (&& (== net462) (< net45)) (&& (== net462) (< portable-net45+win8+wp8+wpa81)) (== netstandard1.6)
      System.Text.Encoding (>= 4.3) - restriction: || (&& (== net462) (< net45)) (&& (== net462) (< portable-net45+win8+wp8+wpa81)) (== netstandard1.6)
    System.Text.RegularExpressions (4.3) - restriction: || (&& (== net462) (< net45) (>= netstandard1.6)) (&& (== net462) (>= netstandard1.6) (< portable-net45+win8+wpa81)) (&& (== net462) (>= netstandard1.6) (>= uap10.0)) (== netstandard1.6)
      System.Collections (>= 4.3) - restriction: || (&& (== net462) (< net45) (>= netstandard1.6)) (&& (== net462) (< portable-net45+win8+wp8+wpa81)) (== netstandard1.6)
      System.Globalization (>= 4.3) - restriction: || (&& (== net462) (< net45) (>= netstandard1.6)) (&& (== net462) (< portable-net45+win8+wp8+wpa81)) (== netstandard1.6)
      System.Resources.ResourceManager (>= 4.3) - restriction: || (&& (== net462) (< net45) (>= netstandard1.6)) (&& (== net462) (< portable-net45+win8+wp8+wpa81)) (== netstandard1.6)
      System.Runtime (>= 4.3) - restriction: || (&& (== net462) (< net45)) (&& (== net462) (>= netcoreapp1.1)) (&& (== net462) (< portable-net45+win8+wp8+wpa81)) (== netstandard1.6)
      System.Runtime.Extensions (>= 4.3) - restriction: || (&& (== net462) (< net45) (>= netstandard1.6)) (&& (== net462) (< portable-net45+win8+wp8+wpa81)) (== netstandard1.6)
      System.Threading (>= 4.3) - restriction: || (&& (== net462) (< net45) (>= netstandard1.6)) (&& (== net462) (< portable-net45+win8+wp8+wpa81)) (== netstandard1.6)
    System.Threading (4.3) - restriction: || (&& (== net462) (< net45) (>= netstandard1.6)) (&& (== net462) (< netstandard1.0) (>= netstandard1.6)) (&& (== net462) (< netstandard1.1) (>= netstandard1.6)) (&& (== net462) (< netstandard1.3) (>= netstandard1.6) (>= wpa81)) (&& (== net462) (>= netstandard1.6) (< portable-net45+win8+wp8+wpa81)) (&& (== net462) (>= netstandard1.6) (< portable-net45+win8+wpa81)) (&& (== net462) (>= netstandard1.6) (>= uap10.0)) (== netstandard1.6)
      System.Runtime (>= 4.3) - restriction: || (&& (== net462) (< net45)) (&& (== net462) (< portable-net45+win8+wp8+wpa81)) (== netstandard1.6)
      System.Threading.Tasks (>= 4.3) - restriction: || (&& (== net462) (< net45)) (&& (== net462) (< portable-net45+win8+wp8+wpa81)) (== netstandard1.6)
    System.Threading.Tasks (4.3) - restriction: || (&& (== net462) (< net45) (>= netstandard1.6)) (&& (== net462) (>= netstandard1.6) (< portable-net45+win8+wp8+wpa81)) (&& (== net462) (>= netstandard1.6) (< portable-net45+win8+wpa81)) (&& (== net462) (>= netstandard1.6) (>= uap10.0)) (== netstandard1.6)
      Microsoft.NETCore.Platforms (>= 1.1) - restriction: || (&& (== net462) (< net45)) (&& (== net462) (< portable-net45+win8+wp8+wpa81)) (== netstandard1.6)
      Microsoft.NETCore.Targets (>= 1.1) - restriction: || (&& (== net462) (< net45)) (&& (== net462) (< portable-net45+win8+wp8+wpa81)) (== netstandard1.6)
      System.Runtime (>= 4.3) - restriction: || (&& (== net462) (< net45)) (&& (== net462) (< portable-net45+win8+wp8+wpa81)) (== netstandard1.6)
    System.Threading.Tasks.Extensions (4.4) - restriction: || (&& (== net462) (< net45) (>= netstandard1.6)) (&& (== net462) (>= netstandard1.6) (< portable-net45+win8+wp8+wpa81)) (&& (== net462) (>= netstandard1.6) (< portable-net45+win8+wpa81)) (&& (== net462) (>= netstandard1.6) (>= uap10.0)) (== netstandard1.6)
      System.Collections (>= 4.3)
      System.Runtime (>= 4.3)
      System.Threading.Tasks (>= 4.3)
    System.Threading.Tasks.Parallel (4.3) - restriction: || (&& (== net462) (< net45) (>= netstandard1.6)) (== netstandard1.6)
      System.Collections.Concurrent (>= 4.3) - restriction: || (&& (== net462) (< net45)) (&& (== net462) (< portable-net45+win8+wpa81)) (== netstandard1.6)
      System.Diagnostics.Debug (>= 4.3) - restriction: || (&& (== net462) (< net45)) (&& (== net462) (< portable-net45+win8+wpa81)) (== netstandard1.6)
      System.Diagnostics.Tracing (>= 4.3) - restriction: || (&& (== net462) (< net45)) (&& (== net462) (< portable-net45+win8+wpa81)) (== netstandard1.6)
      System.Resources.ResourceManager (>= 4.3) - restriction: || (&& (== net462) (< net45)) (&& (== net462) (< portable-net45+win8+wpa81)) (== netstandard1.6)
      System.Runtime (>= 4.3) - restriction: || (&& (== net462) (< net45)) (&& (== net462) (< portable-net45+win8+wpa81)) (== netstandard1.6)
      System.Runtime.Extensions (>= 4.3) - restriction: || (&& (== net462) (< net45)) (&& (== net462) (< portable-net45+win8+wpa81)) (== netstandard1.6)
      System.Threading (>= 4.3) - restriction: || (&& (== net462) (< net45)) (&& (== net462) (< portable-net45+win8+wpa81)) (== netstandard1.6)
      System.Threading.Tasks (>= 4.3) - restriction: || (&& (== net462) (< net45)) (&& (== net462) (< portable-net45+win8+wpa81)) (== netstandard1.6)
    System.Threading.Thread (4.3) - restriction: || (&& (== net462) (< net45) (>= netstandard1.6)) (== netstandard1.6)
      System.Runtime (>= 4.3) - restriction: || (&& (== net462) (< net46)) (== netstandard1.6)
    System.Threading.ThreadPool (4.3) - restriction: || (&& (== net462) (< net45) (>= netstandard1.6)) (== netstandard1.6)
      System.Runtime (>= 4.3) - restriction: || (&& (== net462) (< net46)) (== netstandard1.6)
      System.Runtime.Handles (>= 4.3) - restriction: || (&& (== net462) (< net46)) (== netstandard1.6)
    System.Threading.Timer (4.3) - restriction: || (&& (== net462) (< net45) (>= netstandard1.6)) (&& (== net462) (>= netstandard1.6) (>= uap10.0)) (== netstandard1.6)
      Microsoft.NETCore.Platforms (>= 1.1) - restriction: || (&& (== net462) (< net451)) (&& (== net462) (< portable-net451+win81+wpa81)) (== netstandard1.6)
      Microsoft.NETCore.Targets (>= 1.1) - restriction: || (&& (== net462) (< net451)) (&& (== net462) (< portable-net451+win81+wpa81)) (== netstandard1.6)
      System.Runtime (>= 4.3) - restriction: || (&& (== net462) (< net451)) (&& (== net462) (< portable-net451+win81+wpa81)) (== netstandard1.6)
    System.ValueTuple (4.4) - restriction: || (&& (== net462) (< net45) (>= netstandard1.6)) (== netstandard1.6)
      NETStandard.Library (>= 1.6.1) - restriction: || (&& (== net462) (< net461)) (== netstandard1.6)
    System.Xml.ReaderWriter (4.3) - restriction: || (&& (== net462) (< net45) (>= netstandard1.6)) (&& (== net462) (>= netstandard1.6) (< portable-net45+win8+wpa81)) (&& (== net462) (>= netstandard1.6) (>= uap10.0)) (== netstandard1.6)
      System.Collections (>= 4.3) - restriction: || (&& (== net462) (< net45)) (&& (== net462) (< portable-net45+win8+wp8+wpa81)) (== netstandard1.6)
      System.Diagnostics.Debug (>= 4.3) - restriction: || (&& (== net462) (< net45)) (&& (== net462) (< portable-net45+win8+wp8+wpa81)) (== netstandard1.6)
      System.Globalization (>= 4.3) - restriction: || (&& (== net462) (< net45)) (&& (== net462) (< portable-net45+win8+wp8+wpa81)) (== netstandard1.6)
      System.IO (>= 4.3) - restriction: || (&& (== net462) (< net45)) (&& (== net462) (< portable-net45+win8+wp8+wpa81)) (== netstandard1.6)
      System.IO.FileSystem (>= 4.3) - restriction: || (&& (== net462) (< net45)) (&& (== net462) (< portable-net45+win8+wp8+wpa81)) (== netstandard1.6)
      System.IO.FileSystem.Primitives (>= 4.3) - restriction: || (&& (== net462) (< net45)) (&& (== net462) (< portable-net45+win8+wp8+wpa81)) (== netstandard1.6)
      System.Resources.ResourceManager (>= 4.3) - restriction: || (&& (== net462) (< net45)) (&& (== net462) (< portable-net45+win8+wp8+wpa81)) (== netstandard1.6)
      System.Runtime (>= 4.3) - restriction: || (&& (== net462) (< net45)) (&& (== net462) (< portable-net45+win8+wp8+wpa81)) (== netstandard1.6)
      System.Runtime.Extensions (>= 4.3) - restriction: || (&& (== net462) (< net45)) (&& (== net462) (< portable-net45+win8+wp8+wpa81)) (== netstandard1.6)
      System.Runtime.InteropServices (>= 4.3) - restriction: || (&& (== net462) (< net45)) (&& (== net462) (< portable-net45+win8+wp8+wpa81)) (== netstandard1.6)
      System.Text.Encoding (>= 4.3) - restriction: || (&& (== net462) (< net45)) (&& (== net462) (< portable-net45+win8+wp8+wpa81)) (== netstandard1.6)
      System.Text.Encoding.Extensions (>= 4.3) - restriction: || (&& (== net462) (< net45)) (&& (== net462) (< portable-net45+win8+wp8+wpa81)) (== netstandard1.6)
      System.Text.RegularExpressions (>= 4.3) - restriction: || (&& (== net462) (< net45)) (&& (== net462) (< portable-net45+win8+wp8+wpa81)) (== netstandard1.6)
      System.Threading.Tasks (>= 4.3) - restriction: || (&& (== net462) (< net45)) (&& (== net462) (< portable-net45+win8+wp8+wpa81)) (== netstandard1.6)
      System.Threading.Tasks.Extensions (>= 4.3) - restriction: || (&& (== net462) (< net45)) (&& (== net462) (< portable-net45+win8+wp8+wpa81)) (== netstandard1.6)
    System.Xml.XDocument (4.3) - restriction: || (&& (== net462) (< net45) (>= netstandard1.6)) (&& (== net462) (>= netstandard1.6) (< portable-net45+win8+wpa81)) (&& (== net462) (>= netstandard1.6) (>= uap10.0)) (== netstandard1.6)
      System.Collections (>= 4.3) - restriction: || (&& (== net462) (< net45)) (&& (== net462) (< portable-net45+win8+wp8+wpa81)) (== netstandard1.6)
      System.Diagnostics.Debug (>= 4.3) - restriction: || (&& (== net462) (< net45)) (&& (== net462) (< portable-net45+win8+wp8+wpa81)) (== netstandard1.6)
      System.Diagnostics.Tools (>= 4.3) - restriction: || (&& (== net462) (< net45)) (&& (== net462) (< portable-net45+win8+wp8+wpa81)) (== netstandard1.6)
      System.Globalization (>= 4.3) - restriction: || (&& (== net462) (< net45)) (&& (== net462) (< portable-net45+win8+wp8+wpa81)) (== netstandard1.6)
      System.IO (>= 4.3) - restriction: || (&& (== net462) (< net45)) (&& (== net462) (< portable-net45+win8+wp8+wpa81)) (== netstandard1.6)
      System.Reflection (>= 4.3) - restriction: || (&& (== net462) (< net45)) (&& (== net462) (< portable-net45+win8+wp8+wpa81)) (== netstandard1.6)
      System.Resources.ResourceManager (>= 4.3) - restriction: || (&& (== net462) (< net45)) (&& (== net462) (< portable-net45+win8+wp8+wpa81)) (== netstandard1.6)
      System.Runtime (>= 4.3) - restriction: || (&& (== net462) (< net45)) (&& (== net462) (< portable-net45+win8+wp8+wpa81)) (== netstandard1.6)
      System.Runtime.Extensions (>= 4.3) - restriction: || (&& (== net462) (< net45)) (&& (== net462) (< portable-net45+win8+wp8+wpa81)) (== netstandard1.6)
      System.Text.Encoding (>= 4.3) - restriction: || (&& (== net462) (< net45)) (&& (== net462) (< portable-net45+win8+wp8+wpa81)) (== netstandard1.6)
      System.Threading (>= 4.3) - restriction: || (&& (== net462) (< net45)) (&& (== net462) (< portable-net45+win8+wp8+wpa81)) (== netstandard1.6)
      System.Xml.ReaderWriter (>= 4.3) - restriction: || (&& (== net462) (< net45)) (&& (== net462) (< portable-net45+win8+wp8+wpa81)) (== netstandard1.6)
GITHUB
  remote: xyncro/aether
    src/Aether/Aether.fs (dd5f93879216c4cea114f63473fa949bbe2144c4)
  remote: teo-tsirpanis/FSharpx.Collections
    src/FSharpx.Collections/RandomAccessList.fs (ff2c3271cffd74ee5a6ad1cb49bde19a274c15db)
    src/FSharpx.Collections/RandomAccessList.fsi (ff2c3271cffd74ee5a6ad1cb49bde19a274c15db)
GROUP Build
RESTRICTION: == net462
NUGET
  remote: https://www.nuget.org/api/v2
    FAKE (4.63)
    FSharp.Compiler.Service (2.0.0.6)
    FSharp.Formatting (2.14.4)
      FSharp.Compiler.Service (2.0.0.6)
      FSharpVSPowerTools.Core (>= 2.3 < 2.4)
    FSharpVSPowerTools.Core (2.3)
      FSharp.Compiler.Service (>= 2.0.0.3)
    Octokit (0.26)
GITHUB
  remote: fsharp/FAKE
    modules/Octokit/Octokit.fsx (2b028cb33738ed3d35a79730bd792c24d48a0f31)
      Octokit (>= 0.20)
GROUP Test
STORAGE: NONE
RESTRICTION: == netcoreapp2.0
NUGET
  remote: https://www.nuget.org/api/v2
    Argu (3.7)
      FSharp.Core (>= 4.0.1.7-alpha)
      NETStandard.Library (>= 1.6)
      System.Xml.XDocument (>= 4.0.11)
    BenchmarkDotNet (0.10.9)
      BenchmarkDotNet.Core (>= 0.10.9)
      Microsoft.NETCore.App (>= 1.1.2)
    BenchmarkDotNet.Core (0.10.9)
      Microsoft.DotNet.InternalAbstractions (>= 1.0)
      Microsoft.DotNet.PlatformAbstractions (>= 1.1.1)
      Microsoft.NETCore.App (>= 1.1.2)
      Microsoft.Win32.Registry (>= 4.3)
      System.Reflection.Emit.Lightweight (>= 4.3)
      System.Runtime.Serialization.Primitives (>= 4.3)
      System.ValueTuple (>= 4.3)
      System.Xml.XPath.XmlDocument (>= 4.3)
    Expecto (5.0.1)
      Argu (>= 3.7)
      FSharp.Core (>= 4.1.18)
      Mono.Cecil (>= 0.10.0-beta5)
      NETStandard.Library (>= 1.6.1)
      System.Diagnostics.FileVersionInfo (>= 4.3)
      System.Diagnostics.TraceSource (>= 4.3)
      System.Linq.Parallel (>= 4.3)
    Expecto.FsCheck (5.0.1)
      Expecto (>= 5.0.1)
      FsCheck (>= 2.8)
      FSharp.Core (>= 4.1.12)
    FsCheck (2.10)
      FSharp.Core (>= 4.1.18)
      NETStandard.Library (>= 1.6.1)
    FSharp.Core (4.2.3)
      System.Collections (>= 4.0.11)
      System.Console (>= 4.0)
      System.Diagnostics.Debug (>= 4.0.11)
      System.Diagnostics.Tools (>= 4.0.1)
      System.Globalization (>= 4.0.11)
      System.IO (>= 4.1)
      System.Linq (>= 4.1)
      System.Linq.Expressions (>= 4.1)
      System.Linq.Queryable (>= 4.0.1)
      System.Net.Requests (>= 4.0.11)
      System.Reflection (>= 4.1)
      System.Reflection.Extensions (>= 4.0.1)
      System.Resources.ResourceManager (>= 4.0.1)
      System.Runtime (>= 4.1)
      System.Runtime.Extensions (>= 4.1)
      System.Runtime.Numerics (>= 4.0.1)
      System.Text.RegularExpressions (>= 4.1)
      System.Threading (>= 4.0.11)
      System.Threading.Tasks (>= 4.0.11)
      System.Threading.Tasks.Parallel (>= 4.0.1)
      System.Threading.Thread (>= 4.0)
      System.Threading.ThreadPool (>= 4.0.10)
      System.Threading.Timer (>= 4.0.1)
    Microsoft.DotNet.InternalAbstractions (1.0)
      System.AppContext (>= 4.1)
      System.Collections (>= 4.0.11)
      System.IO (>= 4.1)
      System.IO.FileSystem (>= 4.0.1)
      System.Reflection.TypeExtensions (>= 4.1)
      System.Runtime.Extensions (>= 4.1)
      System.Runtime.InteropServices (>= 4.1)
      System.Runtime.InteropServices.RuntimeInformation (>= 4.0)
    Microsoft.DotNet.PlatformAbstractions (2.0)
      System.AppContext (>= 4.1)
      System.Collections (>= 4.0.11)
      System.IO (>= 4.1)
      System.IO.FileSystem (>= 4.0.1)
      System.Reflection.TypeExtensions (>= 4.1)
      System.Runtime.Extensions (>= 4.1)
      System.Runtime.InteropServices (>= 4.1)
      System.Runtime.InteropServices.RuntimeInformation (>= 4.0)
    Microsoft.NETCore.App (2.0)
      Microsoft.NETCore.DotNetHostPolicy (>= 2.0)
      Microsoft.NETCore.Platforms (>= 2.0)
      NETStandard.Library (>= 2.0)
    Microsoft.NETCore.DotNetAppHost (2.0)
    Microsoft.NETCore.DotNetHostPolicy (2.0)
      Microsoft.NETCore.DotNetHostResolver (>= 2.0)
    Microsoft.NETCore.DotNetHostResolver (2.0)
      Microsoft.NETCore.DotNetAppHost (>= 2.0)
    Microsoft.NETCore.Platforms (2.0)
    Microsoft.NETCore.Targets (2.0)
    Microsoft.Win32.Registry (4.4)
      Microsoft.NETCore.Platforms (>= 2.0)
      System.Security.AccessControl (>= 4.4)
      System.Security.Principal.Windows (>= 4.4)
    Mono.Cecil (0.10.0-beta6)
      System.Collections (>= 4.0.11)
      System.IO.FileSystem (>= 4.0.1)
      System.IO.FileSystem.Primitives (>= 4.0.1)
      System.Reflection (>= 4.1)
      System.Runtime.Extensions (>= 4.1)
      System.Security.Cryptography.Algorithms (>= 4.2)
      System.Security.Cryptography.Csp (>= 4.0)
      System.Threading (>= 4.0.11)
    NETStandard.Library (2.0)
      Microsoft.NETCore.Platforms (>= 1.1)
    runtime.debian.8-x64.runtime.native.System.Security.Cryptography.OpenSsl (4.3.1)
    runtime.fedora.23-x64.runtime.native.System.Security.Cryptography.OpenSsl (4.3.1)
    runtime.fedora.24-x64.runtime.native.System.Security.Cryptography.OpenSsl (4.3.1)
    runtime.native.System (4.3)
      Microsoft.NETCore.Platforms (>= 1.1)
      Microsoft.NETCore.Targets (>= 1.1)
    runtime.native.System.Net.Http (4.3)
      Microsoft.NETCore.Platforms (>= 1.1)
      Microsoft.NETCore.Targets (>= 1.1)
    runtime.native.System.Security.Cryptography.Apple (4.3)
      runtime.osx.10.10-x64.runtime.native.System.Security.Cryptography.Apple (>= 4.3)
    runtime.native.System.Security.Cryptography.OpenSsl (4.3.1)
      runtime.debian.8-x64.runtime.native.System.Security.Cryptography.OpenSsl (>= 4.3.1)
      runtime.fedora.23-x64.runtime.native.System.Security.Cryptography.OpenSsl (>= 4.3.1)
      runtime.fedora.24-x64.runtime.native.System.Security.Cryptography.OpenSsl (>= 4.3.1)
      runtime.opensuse.13.2-x64.runtime.native.System.Security.Cryptography.OpenSsl (>= 4.3.1)
      runtime.opensuse.42.1-x64.runtime.native.System.Security.Cryptography.OpenSsl (>= 4.3.1)
      runtime.osx.10.10-x64.runtime.native.System.Security.Cryptography.OpenSsl (>= 4.3.1)
      runtime.rhel.7-x64.runtime.native.System.Security.Cryptography.OpenSsl (>= 4.3.1)
      runtime.ubuntu.14.04-x64.runtime.native.System.Security.Cryptography.OpenSsl (>= 4.3.1)
      runtime.ubuntu.16.04-x64.runtime.native.System.Security.Cryptography.OpenSsl (>= 4.3.1)
      runtime.ubuntu.16.10-x64.runtime.native.System.Security.Cryptography.OpenSsl (>= 4.3.1)
    runtime.opensuse.13.2-x64.runtime.native.System.Security.Cryptography.OpenSsl (4.3.1)
    runtime.opensuse.42.1-x64.runtime.native.System.Security.Cryptography.OpenSsl (4.3.1)
    runtime.osx.10.10-x64.runtime.native.System.Security.Cryptography.Apple (4.3)
    runtime.osx.10.10-x64.runtime.native.System.Security.Cryptography.OpenSsl (4.3.1)
    runtime.rhel.7-x64.runtime.native.System.Security.Cryptography.OpenSsl (4.3.1)
    runtime.ubuntu.14.04-x64.runtime.native.System.Security.Cryptography.OpenSsl (4.3.1)
    runtime.ubuntu.16.04-x64.runtime.native.System.Security.Cryptography.OpenSsl (4.3.1)
    runtime.ubuntu.16.10-x64.runtime.native.System.Security.Cryptography.OpenSsl (4.3.1)
    System.AppContext (4.3)
      System.Runtime (>= 4.3)
    System.Collections (4.3)
      Microsoft.NETCore.Platforms (>= 1.1)
      Microsoft.NETCore.Targets (>= 1.1)
      System.Runtime (>= 4.3)
    System.Collections.Concurrent (4.3)
      System.Collections (>= 4.3)
      System.Diagnostics.Debug (>= 4.3)
      System.Diagnostics.Tracing (>= 4.3)
      System.Globalization (>= 4.3)
      System.Reflection (>= 4.3)
      System.Resources.ResourceManager (>= 4.3)
      System.Runtime (>= 4.3)
      System.Runtime.Extensions (>= 4.3)
      System.Threading (>= 4.3)
      System.Threading.Tasks (>= 4.3)
    System.Console (4.3)
      Microsoft.NETCore.Platforms (>= 1.1)
      Microsoft.NETCore.Targets (>= 1.1)
      System.IO (>= 4.3)
      System.Runtime (>= 4.3)
      System.Text.Encoding (>= 4.3)
    System.Diagnostics.Debug (4.3)
      Microsoft.NETCore.Platforms (>= 1.1)
      Microsoft.NETCore.Targets (>= 1.1)
      System.Runtime (>= 4.3)
    System.Diagnostics.DiagnosticSource (4.4.1)
    System.Diagnostics.FileVersionInfo (4.3)
      Microsoft.NETCore.Platforms (>= 1.1)
      System.Globalization (>= 4.3)
      System.IO (>= 4.3)
      System.IO.FileSystem (>= 4.3)
      System.IO.FileSystem.Primitives (>= 4.3)
      System.Reflection.Metadata (>= 1.4.1)
      System.Runtime (>= 4.3)
      System.Runtime.Extensions (>= 4.3)
      System.Runtime.InteropServices (>= 4.3)
    System.Diagnostics.Tools (4.3)
      Microsoft.NETCore.Platforms (>= 1.1)
      Microsoft.NETCore.Targets (>= 1.1)
      System.Runtime (>= 4.3)
    System.Diagnostics.TraceSource (4.3)
      Microsoft.NETCore.Platforms (>= 1.1)
      runtime.native.System (>= 4.3)
      System.Collections (>= 4.3)
      System.Diagnostics.Debug (>= 4.3)
      System.Globalization (>= 4.3)
      System.Resources.ResourceManager (>= 4.3)
      System.Runtime (>= 4.3)
      System.Runtime.Extensions (>= 4.3)
      System.Threading (>= 4.3)
    System.Diagnostics.Tracing (4.3)
      Microsoft.NETCore.Platforms (>= 1.1)
      Microsoft.NETCore.Targets (>= 1.1)
      System.Runtime (>= 4.3)
    System.Globalization (4.3)
      Microsoft.NETCore.Platforms (>= 1.1)
      Microsoft.NETCore.Targets (>= 1.1)
      System.Runtime (>= 4.3)
    System.Globalization.Calendars (4.3)
      Microsoft.NETCore.Platforms (>= 1.1)
      Microsoft.NETCore.Targets (>= 1.1)
      System.Globalization (>= 4.3)
      System.Runtime (>= 4.3)
    System.Globalization.Extensions (4.3)
      Microsoft.NETCore.Platforms (>= 1.1)
      System.Globalization (>= 4.3)
      System.Resources.ResourceManager (>= 4.3)
      System.Runtime (>= 4.3)
      System.Runtime.Extensions (>= 4.3)
      System.Runtime.InteropServices (>= 4.3)
    System.IO (4.3)
      Microsoft.NETCore.Platforms (>= 1.1)
      Microsoft.NETCore.Targets (>= 1.1)
      System.Runtime (>= 4.3)
      System.Text.Encoding (>= 4.3)
      System.Threading.Tasks (>= 4.3)
    System.IO.FileSystem (4.3)
      Microsoft.NETCore.Platforms (>= 1.1)
      Microsoft.NETCore.Targets (>= 1.1)
      System.IO (>= 4.3)
      System.IO.FileSystem.Primitives (>= 4.3)
      System.Runtime (>= 4.3)
      System.Runtime.Handles (>= 4.3)
      System.Text.Encoding (>= 4.3)
      System.Threading.Tasks (>= 4.3)
    System.IO.FileSystem.Primitives (4.3)
      System.Runtime (>= 4.3)
    System.Linq (4.3)
      System.Collections (>= 4.3)
      System.Diagnostics.Debug (>= 4.3)
      System.Resources.ResourceManager (>= 4.3)
      System.Runtime (>= 4.3)
      System.Runtime.Extensions (>= 4.3)
    System.Linq.Expressions (4.3)
      System.Collections (>= 4.3)
      System.Diagnostics.Debug (>= 4.3)
      System.Globalization (>= 4.3)
      System.IO (>= 4.3)
      System.Linq (>= 4.3)
      System.ObjectModel (>= 4.3)
      System.Reflection (>= 4.3)
      System.Reflection.Emit (>= 4.3)
      System.Reflection.Emit.ILGeneration (>= 4.3)
      System.Reflection.Emit.Lightweight (>= 4.3)
      System.Reflection.Extensions (>= 4.3)
      System.Reflection.Primitives (>= 4.3)
      System.Reflection.TypeExtensions (>= 4.3)
      System.Resources.ResourceManager (>= 4.3)
      System.Runtime (>= 4.3)
      System.Runtime.Extensions (>= 4.3)
      System.Threading (>= 4.3)
    System.Linq.Parallel (4.3)
      System.Collections (>= 4.3)
      System.Collections.Concurrent (>= 4.3)
      System.Diagnostics.Debug (>= 4.3)
      System.Diagnostics.Tracing (>= 4.3)
      System.Linq (>= 4.3)
      System.Resources.ResourceManager (>= 4.3)
      System.Runtime (>= 4.3)
      System.Runtime.Extensions (>= 4.3)
      System.Threading (>= 4.3)
      System.Threading.Tasks (>= 4.3)
    System.Linq.Queryable (4.3)
      System.Collections (>= 4.3)
      System.Diagnostics.Debug (>= 4.3)
      System.Linq (>= 4.3)
      System.Linq.Expressions (>= 4.3)
      System.Reflection (>= 4.3)
      System.Reflection.Extensions (>= 4.3)
      System.Resources.ResourceManager (>= 4.3)
      System.Runtime (>= 4.3)
    System.Net.Http (4.3.2)
      Microsoft.NETCore.Platforms (>= 1.1)
      runtime.native.System (>= 4.3)
      runtime.native.System.Net.Http (>= 4.3)
      runtime.native.System.Security.Cryptography.OpenSsl (>= 4.3)
      System.Collections (>= 4.3)
      System.Diagnostics.Debug (>= 4.3)
      System.Diagnostics.DiagnosticSource (>= 4.3)
      System.Diagnostics.Tracing (>= 4.3)
      System.Globalization (>= 4.3)
      System.Globalization.Extensions (>= 4.3)
      System.IO (>= 4.3)
      System.IO.FileSystem (>= 4.3)
      System.Net.Primitives (>= 4.3)
      System.Resources.ResourceManager (>= 4.3)
      System.Runtime (>= 4.3)
      System.Runtime.Extensions (>= 4.3)
      System.Runtime.Handles (>= 4.3)
      System.Runtime.InteropServices (>= 4.3)
      System.Security.Cryptography.Algorithms (>= 4.3)
      System.Security.Cryptography.Encoding (>= 4.3)
      System.Security.Cryptography.OpenSsl (>= 4.3)
      System.Security.Cryptography.Primitives (>= 4.3)
      System.Security.Cryptography.X509Certificates (>= 4.3)
      System.Text.Encoding (>= 4.3)
      System.Threading (>= 4.3)
      System.Threading.Tasks (>= 4.3)
    System.Net.Primitives (4.3)
      Microsoft.NETCore.Platforms (>= 1.1)
      Microsoft.NETCore.Targets (>= 1.1)
      System.Runtime (>= 4.3)
      System.Runtime.Handles (>= 4.3)
    System.Net.Requests (4.3)
      Microsoft.NETCore.Platforms (>= 1.1)
      System.Collections (>= 4.3)
      System.Diagnostics.Debug (>= 4.3)
      System.Diagnostics.Tracing (>= 4.3)
      System.Globalization (>= 4.3)
      System.IO (>= 4.3)
      System.Net.Http (>= 4.3)
      System.Net.Primitives (>= 4.3)
      System.Net.WebHeaderCollection (>= 4.3)
      System.Resources.ResourceManager (>= 4.3)
      System.Runtime (>= 4.3)
      System.Threading (>= 4.3)
      System.Threading.Tasks (>= 4.3)
    System.Net.WebHeaderCollection (4.3)
      System.Collections (>= 4.3)
      System.Resources.ResourceManager (>= 4.3)
      System.Runtime (>= 4.3)
      System.Runtime.Extensions (>= 4.3)
    System.ObjectModel (4.3)
      System.Collections (>= 4.3)
      System.Diagnostics.Debug (>= 4.3)
      System.Resources.ResourceManager (>= 4.3)
      System.Runtime (>= 4.3)
      System.Threading (>= 4.3)
    System.Reflection (4.3)
      Microsoft.NETCore.Platforms (>= 1.1)
      Microsoft.NETCore.Targets (>= 1.1)
      System.IO (>= 4.3)
      System.Reflection.Primitives (>= 4.3)
      System.Runtime (>= 4.3)
    System.Reflection.Emit (4.3)
      System.IO (>= 4.3)
      System.Reflection (>= 4.3)
      System.Reflection.Emit.ILGeneration (>= 4.3)
      System.Reflection.Primitives (>= 4.3)
      System.Runtime (>= 4.3)
    System.Reflection.Emit.ILGeneration (4.3)
      System.Reflection (>= 4.3)
      System.Reflection.Primitives (>= 4.3)
      System.Runtime (>= 4.3)
    System.Reflection.Emit.Lightweight (4.3)
      System.Reflection (>= 4.3)
      System.Reflection.Emit.ILGeneration (>= 4.3)
      System.Reflection.Primitives (>= 4.3)
      System.Runtime (>= 4.3)
    System.Reflection.Extensions (4.3)
      Microsoft.NETCore.Platforms (>= 1.1)
      Microsoft.NETCore.Targets (>= 1.1)
      System.Reflection (>= 4.3)
      System.Runtime (>= 4.3)
    System.Reflection.Metadata (1.5)
    System.Reflection.Primitives (4.3)
      Microsoft.NETCore.Platforms (>= 1.1)
      Microsoft.NETCore.Targets (>= 1.1)
      System.Runtime (>= 4.3)
    System.Reflection.TypeExtensions (4.4)
    System.Resources.ResourceManager (4.3)
      Microsoft.NETCore.Platforms (>= 1.1)
      Microsoft.NETCore.Targets (>= 1.1)
      System.Globalization (>= 4.3)
      System.Reflection (>= 4.3)
      System.Runtime (>= 4.3)
    System.Runtime (4.3)
      Microsoft.NETCore.Platforms (>= 1.1)
      Microsoft.NETCore.Targets (>= 1.1)
    System.Runtime.Extensions (4.3)
      Microsoft.NETCore.Platforms (>= 1.1)
      Microsoft.NETCore.Targets (>= 1.1)
      System.Runtime (>= 4.3)
    System.Runtime.Handles (4.3)
      Microsoft.NETCore.Platforms (>= 1.1)
      Microsoft.NETCore.Targets (>= 1.1)
      System.Runtime (>= 4.3)
    System.Runtime.InteropServices (4.3)
      Microsoft.NETCore.Platforms (>= 1.1)
      Microsoft.NETCore.Targets (>= 1.1)
      System.Reflection (>= 4.3)
      System.Reflection.Primitives (>= 4.3)
      System.Runtime (>= 4.3)
      System.Runtime.Handles (>= 4.3)
    System.Runtime.InteropServices.RuntimeInformation (4.3)
      runtime.native.System (>= 4.3)
      System.Reflection (>= 4.3)
      System.Reflection.Extensions (>= 4.3)
      System.Resources.ResourceManager (>= 4.3)
      System.Runtime (>= 4.3)
      System.Runtime.InteropServices (>= 4.3)
      System.Threading (>= 4.3)
    System.Runtime.Numerics (4.3)
      System.Globalization (>= 4.3)
      System.Resources.ResourceManager (>= 4.3)
      System.Runtime (>= 4.3)
      System.Runtime.Extensions (>= 4.3)
    System.Runtime.Serialization.Primitives (4.3)
      System.Resources.ResourceManager (>= 4.3)
      System.Runtime (>= 4.3)
    System.Security.AccessControl (4.4)
      Microsoft.NETCore.Platforms (>= 2.0)
      System.Security.Principal.Windows (>= 4.4)
    System.Security.Cryptography.Algorithms (4.3)
      Microsoft.NETCore.Platforms (>= 1.1)
      runtime.native.System.Security.Cryptography.Apple (>= 4.3)
      runtime.native.System.Security.Cryptography.OpenSsl (>= 4.3)
      System.Collections (>= 4.3)
      System.IO (>= 4.3)
      System.Resources.ResourceManager (>= 4.3)
      System.Runtime (>= 4.3)
      System.Runtime.Extensions (>= 4.3)
      System.Runtime.Handles (>= 4.3)
      System.Runtime.InteropServices (>= 4.3)
      System.Runtime.Numerics (>= 4.3)
      System.Security.Cryptography.Encoding (>= 4.3)
      System.Security.Cryptography.Primitives (>= 4.3)
      System.Text.Encoding (>= 4.3)
    System.Security.Cryptography.Cng (4.4)
      Microsoft.NETCore.Platforms (>= 2.0)
    System.Security.Cryptography.Csp (4.3)
      Microsoft.NETCore.Platforms (>= 1.1)
      System.IO (>= 4.3)
      System.Reflection (>= 4.3)
      System.Resources.ResourceManager (>= 4.3)
      System.Runtime (>= 4.3)
      System.Runtime.Extensions (>= 4.3)
      System.Runtime.Handles (>= 4.3)
      System.Runtime.InteropServices (>= 4.3)
      System.Security.Cryptography.Algorithms (>= 4.3)
      System.Security.Cryptography.Encoding (>= 4.3)
      System.Security.Cryptography.Primitives (>= 4.3)
      System.Text.Encoding (>= 4.3)
      System.Threading (>= 4.3)
    System.Security.Cryptography.Encoding (4.3)
      Microsoft.NETCore.Platforms (>= 1.1)
      runtime.native.System.Security.Cryptography.OpenSsl (>= 4.3)
      System.Collections (>= 4.3)
      System.Collections.Concurrent (>= 4.3)
      System.Linq (>= 4.3)
      System.Resources.ResourceManager (>= 4.3)
      System.Runtime (>= 4.3)
      System.Runtime.Extensions (>= 4.3)
      System.Runtime.Handles (>= 4.3)
      System.Runtime.InteropServices (>= 4.3)
      System.Security.Cryptography.Primitives (>= 4.3)
      System.Text.Encoding (>= 4.3)
    System.Security.Cryptography.OpenSsl (4.4)
      Microsoft.NETCore.Platforms (>= 2.0)
    System.Security.Cryptography.Primitives (4.3)
      System.Diagnostics.Debug (>= 4.3)
      System.Globalization (>= 4.3)
      System.IO (>= 4.3)
      System.Resources.ResourceManager (>= 4.3)
      System.Runtime (>= 4.3)
      System.Threading (>= 4.3)
      System.Threading.Tasks (>= 4.3)
    System.Security.Cryptography.X509Certificates (4.3)
      Microsoft.NETCore.Platforms (>= 1.1)
      runtime.native.System (>= 4.3)
      runtime.native.System.Net.Http (>= 4.3)
      runtime.native.System.Security.Cryptography.OpenSsl (>= 4.3)
      System.Collections (>= 4.3)
      System.Diagnostics.Debug (>= 4.3)
      System.Globalization (>= 4.3)
      System.Globalization.Calendars (>= 4.3)
      System.IO (>= 4.3)
      System.IO.FileSystem (>= 4.3)
      System.IO.FileSystem.Primitives (>= 4.3)
      System.Resources.ResourceManager (>= 4.3)
      System.Runtime (>= 4.3)
      System.Runtime.Extensions (>= 4.3)
      System.Runtime.Handles (>= 4.3)
      System.Runtime.InteropServices (>= 4.3)
      System.Runtime.Numerics (>= 4.3)
      System.Security.Cryptography.Algorithms (>= 4.3)
      System.Security.Cryptography.Cng (>= 4.3)
      System.Security.Cryptography.Csp (>= 4.3)
      System.Security.Cryptography.Encoding (>= 4.3)
      System.Security.Cryptography.OpenSsl (>= 4.3)
      System.Security.Cryptography.Primitives (>= 4.3)
      System.Text.Encoding (>= 4.3)
      System.Threading (>= 4.3)
    System.Security.Principal.Windows (4.4)
      Microsoft.NETCore.Platforms (>= 2.0)
    System.Text.Encoding (4.3)
      Microsoft.NETCore.Platforms (>= 1.1)
      Microsoft.NETCore.Targets (>= 1.1)
      System.Runtime (>= 4.3)
    System.Text.Encoding.Extensions (4.3)
      Microsoft.NETCore.Platforms (>= 1.1)
      Microsoft.NETCore.Targets (>= 1.1)
      System.Runtime (>= 4.3)
      System.Text.Encoding (>= 4.3)
    System.Text.RegularExpressions (4.3)
      System.Runtime (>= 4.3)
    System.Threading (4.3)
      System.Runtime (>= 4.3)
      System.Threading.Tasks (>= 4.3)
    System.Threading.Tasks (4.3)
      Microsoft.NETCore.Platforms (>= 1.1)
      Microsoft.NETCore.Targets (>= 1.1)
      System.Runtime (>= 4.3)
    System.Threading.Tasks.Extensions (4.4)
    System.Threading.Tasks.Parallel (4.3)
      System.Collections.Concurrent (>= 4.3)
      System.Diagnostics.Debug (>= 4.3)
      System.Diagnostics.Tracing (>= 4.3)
      System.Resources.ResourceManager (>= 4.3)
      System.Runtime (>= 4.3)
      System.Runtime.Extensions (>= 4.3)
      System.Threading (>= 4.3)
      System.Threading.Tasks (>= 4.3)
    System.Threading.Thread (4.3)
      System.Runtime (>= 4.3)
    System.Threading.ThreadPool (4.3)
      System.Runtime (>= 4.3)
      System.Runtime.Handles (>= 4.3)
    System.Threading.Timer (4.3)
      Microsoft.NETCore.Platforms (>= 1.1)
      Microsoft.NETCore.Targets (>= 1.1)
      System.Runtime (>= 4.3)
    System.ValueTuple (4.4)
    System.Xml.ReaderWriter (4.3)
      System.Collections (>= 4.3)
      System.Diagnostics.Debug (>= 4.3)
      System.Globalization (>= 4.3)
      System.IO (>= 4.3)
      System.IO.FileSystem (>= 4.3)
      System.IO.FileSystem.Primitives (>= 4.3)
      System.Resources.ResourceManager (>= 4.3)
      System.Runtime (>= 4.3)
      System.Runtime.Extensions (>= 4.3)
      System.Runtime.InteropServices (>= 4.3)
      System.Text.Encoding (>= 4.3)
      System.Text.Encoding.Extensions (>= 4.3)
      System.Text.RegularExpressions (>= 4.3)
      System.Threading.Tasks (>= 4.3)
      System.Threading.Tasks.Extensions (>= 4.3)
    System.Xml.XDocument (4.3)
      System.Collections (>= 4.3)
      System.Diagnostics.Debug (>= 4.3)
      System.Diagnostics.Tools (>= 4.3)
      System.Globalization (>= 4.3)
      System.IO (>= 4.3)
      System.Reflection (>= 4.3)
      System.Resources.ResourceManager (>= 4.3)
      System.Runtime (>= 4.3)
      System.Runtime.Extensions (>= 4.3)
      System.Text.Encoding (>= 4.3)
      System.Threading (>= 4.3)
      System.Xml.ReaderWriter (>= 4.3)
    System.Xml.XmlDocument (4.3)
      System.Collections (>= 4.3)
      System.Diagnostics.Debug (>= 4.3)
      System.Globalization (>= 4.3)
      System.IO (>= 4.3)
      System.Resources.ResourceManager (>= 4.3)
      System.Runtime (>= 4.3)
      System.Runtime.Extensions (>= 4.3)
      System.Text.Encoding (>= 4.3)
      System.Threading (>= 4.3)
      System.Xml.ReaderWriter (>= 4.3)
    System.Xml.XPath (4.3)
      System.Collections (>= 4.3)
      System.Diagnostics.Debug (>= 4.3)
      System.Globalization (>= 4.3)
      System.IO (>= 4.3)
      System.Resources.ResourceManager (>= 4.3)
      System.Runtime (>= 4.3)
      System.Runtime.Extensions (>= 4.3)
      System.Threading (>= 4.3)
      System.Xml.ReaderWriter (>= 4.3)
    System.Xml.XPath.XmlDocument (4.3)
      System.Collections (>= 4.3)
      System.Globalization (>= 4.3)
      System.IO (>= 4.3)
      System.Resources.ResourceManager (>= 4.3)
      System.Runtime (>= 4.3)
      System.Runtime.Extensions (>= 4.3)
      System.Threading (>= 4.3)
      System.Xml.ReaderWriter (>= 4.3)
      System.Xml.XmlDocument (>= 4.3)
      System.Xml.XPath (>= 4.3)
