RESTRICTION: || (== net462) (== netstandard1.6)
NUGET
  remote: https://www.nuget.org/api/v2
    FSharp.Core (4.2.1)
      System.Collections (>= 4.0.11) - restriction: || (&& (== net462) (>= netstandard1.6)) (== netstandard1.6)
      System.Console (>= 4.0) - restriction: || (&& (== net462) (>= netstandard1.6)) (== netstandard1.6)
      System.Diagnostics.Debug (>= 4.0.11) - restriction: || (&& (== net462) (>= netstandard1.6)) (== netstandard1.6)
      System.Diagnostics.Tools (>= 4.0.1) - restriction: || (&& (== net462) (>= netstandard1.6)) (== netstandard1.6)
      System.Globalization (>= 4.0.11) - restriction: || (&& (== net462) (>= netstandard1.6)) (== netstandard1.6)
      System.IO (>= 4.1) - restriction: || (&& (== net462) (>= netstandard1.6)) (== netstandard1.6)
      System.Linq (>= 4.1) - restriction: || (&& (== net462) (>= netstandard1.6)) (== netstandard1.6)
      System.Linq.Expressions (>= 4.1) - restriction: || (&& (== net462) (>= netstandard1.6)) (== netstandard1.6)
      System.Linq.Queryable (>= 4.0.1) - restriction: || (&& (== net462) (>= netstandard1.6)) (== netstandard1.6)
      System.Net.Requests (>= 4.0.11) - restriction: || (&& (== net462) (>= netstandard1.6)) (== netstandard1.6)
      System.Reflection (>= 4.1) - restriction: || (&& (== net462) (>= netstandard1.6)) (== netstandard1.6)
      System.Reflection.Extensions (>= 4.0.1) - restriction: || (&& (== net462) (>= netstandard1.6)) (== netstandard1.6)
      System.Resources.ResourceManager (>= 4.0.1) - restriction: || (&& (== net462) (>= netstandard1.6)) (== netstandard1.6)
      System.Runtime (>= 4.1) - restriction: || (&& (== net462) (>= netstandard1.6)) (== netstandard1.6)
      System.Runtime.Extensions (>= 4.1) - restriction: || (&& (== net462) (>= netstandard1.6)) (== netstandard1.6)
      System.Runtime.Numerics (>= 4.0.1) - restriction: || (&& (== net462) (>= netstandard1.6)) (== netstandard1.6)
      System.Text.RegularExpressions (>= 4.1) - restriction: || (&& (== net462) (>= netstandard1.6)) (== netstandard1.6)
      System.Threading (>= 4.0.11) - restriction: || (&& (== net462) (>= netstandard1.6)) (== netstandard1.6)
      System.Threading.Tasks (>= 4.0.11) - restriction: || (&& (== net462) (>= netstandard1.6)) (== netstandard1.6)
      System.Threading.Tasks.Parallel (>= 4.0.1) - restriction: || (&& (== net462) (>= netstandard1.6)) (== netstandard1.6)
      System.Threading.Thread (>= 4.0) - restriction: || (&& (== net462) (>= netstandard1.6)) (== netstandard1.6)
      System.Threading.ThreadPool (>= 4.0.10) - restriction: || (&& (== net462) (>= netstandard1.6)) (== netstandard1.6)
      System.Threading.Timer (>= 4.0.1) - restriction: || (&& (== net462) (>= netstandard1.6)) (== netstandard1.6)
    Microsoft.NETCore.Platforms (1.1) - restriction: || (&& (== net462) (>= netstandard1.6)) (== netstandard1.6)
    Microsoft.NETCore.Targets (1.1) - restriction: || (&& (== net462) (>= netstandard1.6)) (== netstandard1.6)
    runtime.debian.8-x64.runtime.native.System.Security.Cryptography.OpenSsl (4.3.1) - restriction: || (&& (== net462) (== netstandard1.6)) (&& (== net462) (>= netstandard1.6)) (== netstandard1.6)
    runtime.fedora.23-x64.runtime.native.System.Security.Cryptography.OpenSsl (4.3.1) - restriction: || (&& (== net462) (== netstandard1.6)) (&& (== net462) (>= netstandard1.6)) (== netstandard1.6)
    runtime.fedora.24-x64.runtime.native.System.Security.Cryptography.OpenSsl (4.3.1) - restriction: || (&& (== net462) (== netstandard1.6)) (&& (== net462) (>= netstandard1.6)) (== netstandard1.6)
    runtime.native.System (4.3) - restriction: || (&& (== net462) (== netstandard1.6)) (&& (== net462) (>= netstandard1.6)) (== netstandard1.6)
      Microsoft.NETCore.Platforms (>= 1.1)
      Microsoft.NETCore.Targets (>= 1.1)
    runtime.native.System.Net.Http (4.3) - restriction: || (&& (== net462) (== netstandard1.6)) (&& (== net462) (>= netstandard1.6)) (== netstandard1.6)
      Microsoft.NETCore.Platforms (>= 1.1)
      Microsoft.NETCore.Targets (>= 1.1)
    runtime.native.System.Security.Cryptography.Apple (4.3) - restriction: || (&& (== net462) (== netstandard1.6)) (&& (== net462) (>= netstandard1.6)) (== netstandard1.6)
      runtime.osx.10.10-x64.runtime.native.System.Security.Cryptography.Apple (>= 4.3)
    runtime.native.System.Security.Cryptography.OpenSsl (4.3.1) - restriction: || (&& (== net462) (== netstandard1.6)) (&& (== net462) (>= netstandard1.6)) (== netstandard1.6)
      runtime.debian.8-x64.runtime.native.System.Security.Cryptography.OpenSsl (>= 4.3.1)
      runtime.fedora.23-x64.runtime.native.System.Security.Cryptography.OpenSsl (>= 4.3.1)
      runtime.fedora.24-x64.runtime.native.System.Security.Cryptography.OpenSsl (>= 4.3.1)
      runtime.opensuse.13.2-x64.runtime.native.System.Security.Cryptography.OpenSsl (>= 4.3.1)
      runtime.opensuse.42.1-x64.runtime.native.System.Security.Cryptography.OpenSsl (>= 4.3.1)
      runtime.osx.10.10-x64.runtime.native.System.Security.Cryptography.OpenSsl (>= 4.3.1)
      runtime.rhel.7-x64.runtime.native.System.Security.Cryptography.OpenSsl (>= 4.3.1)
      runtime.ubuntu.14.04-x64.runtime.native.System.Security.Cryptography.OpenSsl (>= 4.3.1)
      runtime.ubuntu.16.04-x64.runtime.native.System.Security.Cryptography.OpenSsl (>= 4.3.1)
      runtime.ubuntu.16.10-x64.runtime.native.System.Security.Cryptography.OpenSsl (>= 4.3.1)
    runtime.opensuse.13.2-x64.runtime.native.System.Security.Cryptography.OpenSsl (4.3.1) - restriction: || (&& (== net462) (== netstandard1.6)) (&& (== net462) (>= netstandard1.6)) (== netstandard1.6)
    runtime.opensuse.42.1-x64.runtime.native.System.Security.Cryptography.OpenSsl (4.3.1) - restriction: || (&& (== net462) (== netstandard1.6)) (&& (== net462) (>= netstandard1.6)) (== netstandard1.6)
    runtime.osx.10.10-x64.runtime.native.System.Security.Cryptography.Apple (4.3) - restriction: || (&& (== net462) (== netstandard1.6)) (&& (== net462) (>= netstandard1.6)) (== netstandard1.6)
    runtime.osx.10.10-x64.runtime.native.System.Security.Cryptography.OpenSsl (4.3.1) - restriction: || (&& (== net462) (== netstandard1.6)) (&& (== net462) (>= netstandard1.6)) (== netstandard1.6)
    runtime.rhel.7-x64.runtime.native.System.Security.Cryptography.OpenSsl (4.3.1) - restriction: || (&& (== net462) (== netstandard1.6)) (&& (== net462) (>= netstandard1.6)) (== netstandard1.6)
    runtime.ubuntu.14.04-x64.runtime.native.System.Security.Cryptography.OpenSsl (4.3.1) - restriction: || (&& (== net462) (== netstandard1.6)) (&& (== net462) (>= netstandard1.6)) (== netstandard1.6)
    runtime.ubuntu.16.04-x64.runtime.native.System.Security.Cryptography.OpenSsl (4.3.1) - restriction: || (&& (== net462) (== netstandard1.6)) (&& (== net462) (>= netstandard1.6)) (== netstandard1.6)
    runtime.ubuntu.16.10-x64.runtime.native.System.Security.Cryptography.OpenSsl (4.3.1) - restriction: || (&& (== net462) (== netstandard1.6)) (&& (== net462) (>= netstandard1.6)) (== netstandard1.6)
    System.Collections (4.3) - restriction: || (&& (== net462) (>= netstandard1.6)) (== netstandard1.6)
      Microsoft.NETCore.Platforms (>= 1.1) - restriction: || (&& (== net462) (< net45)) (&& (== net462) (>= dnxcore50)) (== netstandard1.6)
      Microsoft.NETCore.Targets (>= 1.1) - restriction: || (&& (== net462) (< net45)) (&& (== net462) (>= dnxcore50)) (== netstandard1.6)
      System.Runtime (>= 4.3) - restriction: || (&& (== net462) (< net45)) (&& (== net462) (>= dnxcore50)) (== netstandard1.6)
    System.Collections.Concurrent (4.3) - restriction: || (&& (== net462) (== netstandard1.6)) (&& (== net462) (>= netstandard1.6)) (== netstandard1.6)
      System.Collections (>= 4.3) - restriction: || (&& (== net462) (< net45)) (&& (== net462) (>= dnxcore50)) (== netstandard1.6)
      System.Diagnostics.Debug (>= 4.3) - restriction: || (&& (== net462) (< net45)) (&& (== net462) (>= dnxcore50)) (== netstandard1.6)
      System.Diagnostics.Tracing (>= 4.3) - restriction: || (&& (== net462) (< net45)) (&& (== net462) (>= dnxcore50)) (== netstandard1.6)
      System.Globalization (>= 4.3) - restriction: || (&& (== net462) (< net45)) (&& (== net462) (>= dnxcore50)) (== netstandard1.6)
      System.Reflection (>= 4.3) - restriction: || (&& (== net462) (< net45)) (== netstandard1.6)
      System.Resources.ResourceManager (>= 4.3) - restriction: || (&& (== net462) (< net45)) (&& (== net462) (>= dnxcore50)) (== netstandard1.6)
      System.Runtime (>= 4.3) - restriction: || (&& (== net462) (< net45)) (&& (== net462) (>= dnxcore50)) (== netstandard1.6)
      System.Runtime.Extensions (>= 4.3) - restriction: || (&& (== net462) (< net45)) (&& (== net462) (>= dnxcore50)) (== netstandard1.6)
      System.Threading (>= 4.3) - restriction: || (&& (== net462) (< net45)) (&& (== net462) (>= dnxcore50)) (== netstandard1.6)
      System.Threading.Tasks (>= 4.3) - restriction: || (&& (== net462) (< net45)) (&& (== net462) (>= dnxcore50)) (== netstandard1.6)
    System.Console (4.3) - restriction: || (&& (== net462) (== netstandard1.6)) (&& (== net462) (>= netstandard1.6)) (== netstandard1.6)
      Microsoft.NETCore.Platforms (>= 1.1) - restriction: || (&& (== net462) (< net46)) (== netstandard1.6)
      Microsoft.NETCore.Targets (>= 1.1) - restriction: || (&& (== net462) (< net46)) (== netstandard1.6)
      System.IO (>= 4.3) - restriction: || (&& (== net462) (< net46)) (== netstandard1.6)
      System.Runtime (>= 4.3) - restriction: || (&& (== net462) (< net46)) (== netstandard1.6)
      System.Text.Encoding (>= 4.3) - restriction: || (&& (== net462) (< net46)) (== netstandard1.6)
    System.Diagnostics.Debug (4.3) - restriction: || (&& (== net462) (>= netstandard1.6)) (== netstandard1.6)
      Microsoft.NETCore.Platforms (>= 1.1) - restriction: || (&& (== net462) (< net45)) (&& (== net462) (>= dnxcore50)) (== netstandard1.6)
      Microsoft.NETCore.Targets (>= 1.1) - restriction: || (&& (== net462) (< net45)) (&& (== net462) (>= dnxcore50)) (== netstandard1.6)
      System.Runtime (>= 4.3) - restriction: || (&& (== net462) (< net45)) (&& (== net462) (>= dnxcore50)) (== netstandard1.6)
    System.Diagnostics.DiagnosticSource (4.4) - restriction: || (&& (== net462) (== netstandard1.6)) (&& (== net462) (>= netstandard1.6)) (== netstandard1.6)
      System.Collections (>= 4.3) - restriction: || (&& (== net462) (< net45)) (== netstandard1.6)
      System.Diagnostics.Debug (>= 4.3) - restriction: || (&& (== net462) (< net45)) (== netstandard1.6)
      System.Diagnostics.Tracing (>= 4.3) - restriction: || (&& (== net462) (< net45)) (== netstandard1.6)
      System.Reflection (>= 4.3) - restriction: || (&& (== net462) (< net45)) (== netstandard1.6)
      System.Runtime (>= 4.3) - restriction: || (&& (== net462) (< net45)) (== netstandard1.6)
      System.Runtime.Extensions (>= 4.3) - restriction: || (&& (== net462) (< net45)) (== netstandard1.6)
      System.Threading (>= 4.3) - restriction: || (&& (== net462) (< net45)) (== netstandard1.6)
    System.Diagnostics.Tools (4.3) - restriction: || (&& (== net462) (== netstandard1.6)) (&& (== net462) (>= netstandard1.6)) (== netstandard1.6)
      Microsoft.NETCore.Platforms (>= 1.1) - restriction: || (&& (== net462) (< net45)) (&& (== net462) (>= dnxcore50)) (== netstandard1.6)
      Microsoft.NETCore.Targets (>= 1.1) - restriction: || (&& (== net462) (< net45)) (&& (== net462) (>= dnxcore50)) (== netstandard1.6)
      System.Runtime (>= 4.3) - restriction: || (&& (== net462) (< net45)) (&& (== net462) (>= dnxcore50)) (== netstandard1.6)
    System.Diagnostics.Tracing (4.3) - restriction: || (&& (== net462) (>= netstandard1.6)) (== netstandard1.6)
      Microsoft.NETCore.Platforms (>= 1.1) - restriction: || (&& (== net462) (< net45)) (&& (== net462) (>= dnxcore50)) (== netstandard1.6)
      Microsoft.NETCore.Targets (>= 1.1) - restriction: || (&& (== net462) (< net45)) (&& (== net462) (>= dnxcore50)) (== netstandard1.6)
      System.Runtime (>= 4.3) - restriction: || (&& (== net462) (< net45)) (&& (== net462) (>= dnxcore50)) (== netstandard1.6)
    System.Globalization (4.3) - restriction: || (&& (== net462) (>= netstandard1.6)) (== netstandard1.6)
      Microsoft.NETCore.Platforms (>= 1.1) - restriction: || (&& (== net462) (< net45)) (&& (== net462) (>= dnxcore50)) (== netstandard1.6)
      Microsoft.NETCore.Targets (>= 1.1) - restriction: || (&& (== net462) (< net45)) (&& (== net462) (>= dnxcore50)) (== netstandard1.6)
      System.Runtime (>= 4.3) - restriction: || (&& (== net462) (< net45)) (&& (== net462) (>= dnxcore50)) (== netstandard1.6)
    System.Globalization.Calendars (4.3) - restriction: || (&& (== net462) (== netstandard1.6)) (&& (== net462) (>= netstandard1.6)) (== netstandard1.6)
      Microsoft.NETCore.Platforms (>= 1.1) - restriction: || (&& (== net462) (< net46)) (== netstandard1.6)
      Microsoft.NETCore.Targets (>= 1.1) - restriction: || (&& (== net462) (< net46)) (== netstandard1.6)
      System.Globalization (>= 4.3) - restriction: || (&& (== net462) (< net46)) (== netstandard1.6)
      System.Runtime (>= 4.3) - restriction: || (&& (== net462) (< net46)) (== netstandard1.6)
    System.Globalization.Extensions (4.3) - restriction: || (&& (== net462) (== netstandard1.6)) (&& (== net462) (>= netstandard1.6)) (== netstandard1.6)
      Microsoft.NETCore.Platforms (>= 1.1) - restriction: || (&& (== net462) (< net46)) (== netstandard1.6)
      System.Globalization (>= 4.3) - restriction: || (&& (== net462) (< net46)) (== netstandard1.6)
      System.Resources.ResourceManager (>= 4.3) - restriction: || (&& (== net462) (< net46)) (== netstandard1.6)
      System.Runtime (>= 4.3) - restriction: || (&& (== net462) (< net46)) (== netstandard1.6)
      System.Runtime.Extensions (>= 4.3) - restriction: || (&& (== net462) (< net46)) (== netstandard1.6)
      System.Runtime.InteropServices (>= 4.3) - restriction: || (&& (== net462) (< net46)) (== netstandard1.6)
    System.IO (4.3) - restriction: || (&& (== net462) (>= netstandard1.6)) (== netstandard1.6)
      Microsoft.NETCore.Platforms (>= 1.1) - restriction: || (&& (== net462) (< net45)) (&& (== net462) (>= dnxcore50)) (== netstandard1.6)
      Microsoft.NETCore.Targets (>= 1.1) - restriction: || (&& (== net462) (< net45)) (&& (== net462) (>= dnxcore50)) (== netstandard1.6)
      System.Runtime (>= 4.3) - restriction: || (&& (== net462) (< net45)) (&& (== net462) (>= dnxcore50)) (== netstandard1.6)
      System.Text.Encoding (>= 4.3) - restriction: || (&& (== net462) (< net45)) (&& (== net462) (>= dnxcore50)) (== netstandard1.6)
      System.Threading.Tasks (>= 4.3) - restriction: || (&& (== net462) (< net45)) (&& (== net462) (>= dnxcore50)) (== netstandard1.6)
    System.IO.FileSystem (4.3) - restriction: || (&& (== net462) (== netstandard1.6)) (&& (== net462) (>= netstandard1.6)) (== netstandard1.6)
      Microsoft.NETCore.Platforms (>= 1.1) - restriction: || (&& (== net462) (< net46)) (== netstandard1.6)
      Microsoft.NETCore.Targets (>= 1.1) - restriction: || (&& (== net462) (< net46)) (== netstandard1.6)
      System.IO (>= 4.3) - restriction: || (&& (== net462) (< net46)) (== netstandard1.6)
      System.IO.FileSystem.Primitives (>= 4.3)
      System.Runtime (>= 4.3) - restriction: || (&& (== net462) (< net46)) (== netstandard1.6)
      System.Runtime.Handles (>= 4.3) - restriction: || (&& (== net462) (< net46)) (== netstandard1.6)
      System.Text.Encoding (>= 4.3) - restriction: || (&& (== net462) (< net46)) (== netstandard1.6)
      System.Threading.Tasks (>= 4.3) - restriction: || (&& (== net462) (< net46)) (== netstandard1.6)
    System.IO.FileSystem.Primitives (4.3) - restriction: || (&& (== net462) (>= netstandard1.6)) (== netstandard1.6)
      System.Runtime (>= 4.3) - restriction: || (&& (== net462) (< net46)) (== netstandard1.6)
    System.Linq (4.3) - restriction: || (&& (== net462) (>= netstandard1.6)) (== netstandard1.6)
      System.Collections (>= 4.3) - restriction: || (&& (== net462) (< net45)) (&& (== net462) (>= dnxcore50)) (&& (== net462) (>= netstandard1.6)) (== netstandard1.6)
      System.Diagnostics.Debug (>= 4.3) - restriction: || (&& (== net462) (>= dnxcore50)) (&& (== net462) (>= netstandard1.6)) (== netstandard1.6)
      System.Resources.ResourceManager (>= 4.3) - restriction: || (&& (== net462) (>= dnxcore50)) (&& (== net462) (>= netstandard1.6)) (== netstandard1.6)
      System.Runtime (>= 4.3) - restriction: || (&& (== net462) (< net45)) (&& (== net462) (>= dnxcore50)) (&& (== net462) (>= netstandard1.6)) (== netstandard1.6)
      System.Runtime.Extensions (>= 4.3) - restriction: || (&& (== net462) (>= dnxcore50)) (&& (== net462) (>= netstandard1.6)) (== netstandard1.6)
    System.Linq.Expressions (4.3) - restriction: || (&& (== net462) (>= netstandard1.6)) (== netstandard1.6)
      System.Collections (>= 4.3) - restriction: || (&& (== net462) (>= dnxcore50)) (&& (== net462) (>= netstandard1.6)) (== netstandard1.6)
      System.Diagnostics.Debug (>= 4.3) - restriction: || (&& (== net462) (>= dnxcore50)) (&& (== net462) (>= netstandard1.6)) (== netstandard1.6)
      System.Globalization (>= 4.3) - restriction: || (&& (== net462) (>= dnxcore50)) (&& (== net462) (>= netstandard1.6)) (== netstandard1.6)
      System.IO (>= 4.3) - restriction: || (&& (== net462) (>= dnxcore50)) (&& (== net462) (>= netstandard1.6)) (== netstandard1.6)
      System.Linq (>= 4.3) - restriction: || (&& (== net462) (>= dnxcore50)) (&& (== net462) (>= netstandard1.6)) (== netstandard1.6)
      System.ObjectModel (>= 4.3) - restriction: || (&& (== net462) (>= netstandard1.6)) (== netstandard1.6)
      System.Reflection (>= 4.3) - restriction: || (&& (== net462) (< net45)) (&& (== net462) (>= dnxcore50)) (&& (== net462) (>= netstandard1.6)) (== netstandard1.6)
      System.Reflection.Emit (>= 4.3) - restriction: || (&& (== net462) (>= netstandard1.6)) (== netstandard1.6)
      System.Reflection.Emit.ILGeneration (>= 4.3) - restriction: || (&& (== net462) (>= dnxcore50)) (&& (== net462) (>= netstandard1.6)) (== netstandard1.6)
      System.Reflection.Emit.Lightweight (>= 4.3) - restriction: || (&& (== net462) (>= dnxcore50)) (&& (== net462) (>= netstandard1.6)) (== netstandard1.6)
      System.Reflection.Extensions (>= 4.3) - restriction: || (&& (== net462) (>= dnxcore50)) (&& (== net462) (>= netstandard1.6)) (== netstandard1.6)
      System.Reflection.Primitives (>= 4.3) - restriction: || (&& (== net462) (>= dnxcore50)) (&& (== net462) (>= netstandard1.6)) (== netstandard1.6)
      System.Reflection.TypeExtensions (>= 4.3) - restriction: || (&& (== net462) (>= dnxcore50)) (&& (== net462) (>= netstandard1.6)) (== netstandard1.6)
      System.Resources.ResourceManager (>= 4.3) - restriction: || (&& (== net462) (>= dnxcore50)) (&& (== net462) (>= netstandard1.6)) (== netstandard1.6)
      System.Runtime (>= 4.3) - restriction: || (&& (== net462) (< net45)) (&& (== net462) (>= dnxcore50)) (&& (== net462) (>= netstandard1.6)) (== netstandard1.6)
      System.Runtime.Extensions (>= 4.3) - restriction: || (&& (== net462) (>= dnxcore50)) (&& (== net462) (>= netstandard1.6)) (== netstandard1.6)
      System.Threading (>= 4.3) - restriction: || (&& (== net462) (>= dnxcore50)) (&& (== net462) (>= netstandard1.6)) (== netstandard1.6)
    System.Linq.Queryable (4.3) - restriction: || (&& (== net462) (== netstandard1.6)) (&& (== net462) (>= netstandard1.6)) (== netstandard1.6)
      System.Collections (>= 4.3) - restriction: || (&& (== net462) (< net45)) (&& (== net462) (>= dnxcore50)) (== netstandard1.6)
      System.Diagnostics.Debug (>= 4.3) - restriction: || (&& (== net462) (< net45)) (&& (== net462) (>= dnxcore50)) (== netstandard1.6)
      System.Linq (>= 4.3) - restriction: || (&& (== net462) (< net45)) (&& (== net462) (>= dnxcore50)) (== netstandard1.6)
      System.Linq.Expressions (>= 4.3) - restriction: || (&& (== net462) (< net45)) (&& (== net462) (>= dnxcore50)) (== netstandard1.6)
      System.Reflection (>= 4.3) - restriction: || (&& (== net462) (< net45)) (&& (== net462) (>= dnxcore50)) (== netstandard1.6)
      System.Reflection.Extensions (>= 4.3) - restriction: || (&& (== net462) (< net45)) (&& (== net462) (>= dnxcore50)) (== netstandard1.6)
      System.Resources.ResourceManager (>= 4.3) - restriction: || (&& (== net462) (< net45)) (&& (== net462) (>= dnxcore50)) (== netstandard1.6)
      System.Runtime (>= 4.3) - restriction: || (&& (== net462) (< net45)) (&& (== net462) (>= dnxcore50)) (== netstandard1.6)
    System.Net.Http (4.3.2) - restriction: || (&& (== net462) (== netstandard1.6)) (&& (== net462) (>= netstandard1.6)) (== netstandard1.6)
      Microsoft.NETCore.Platforms (>= 1.1) - restriction: || (&& (== net462) (< net45)) (&& (== net462) (>= dnxcore50)) (&& (== net462) (>= netstandard1.6)) (== netstandard1.6)
      runtime.native.System (>= 4.3) - restriction: || (&& (== net462) (>= netstandard1.6)) (== netstandard1.6)
      runtime.native.System.Net.Http (>= 4.3) - restriction: || (&& (== net462) (>= netstandard1.6)) (== netstandard1.6)
      runtime.native.System.Security.Cryptography.OpenSsl (>= 4.3) - restriction: || (&& (== net462) (>= netstandard1.6)) (== netstandard1.6)
      System.Collections (>= 4.3) - restriction: || (&& (== net462) (< net45)) (&& (== net462) (>= dnxcore50)) (&& (== net462) (>= netstandard1.6)) (== netstandard1.6)
      System.Diagnostics.Debug (>= 4.3) - restriction: || (&& (== net462) (< net45)) (&& (== net462) (>= dnxcore50)) (&& (== net462) (>= netstandard1.6)) (== netstandard1.6)
      System.Diagnostics.DiagnosticSource (>= 4.3) - restriction: || (&& (== net462) (< net45)) (&& (== net462) (>= dnxcore50)) (&& (== net462) (>= netstandard1.6)) (== netstandard1.6)
      System.Diagnostics.Tracing (>= 4.3) - restriction: || (&& (== net462) (< net45)) (&& (== net462) (>= dnxcore50)) (&& (== net462) (>= netstandard1.6)) (== netstandard1.6)
      System.Globalization (>= 4.3) - restriction: || (&& (== net462) (< net45)) (&& (== net462) (>= dnxcore50)) (&& (== net462) (>= netstandard1.6)) (== netstandard1.6)
      System.Globalization.Extensions (>= 4.3) - restriction: || (&& (== net462) (>= netstandard1.6)) (== netstandard1.6)
      System.IO (>= 4.3) - restriction: || (&& (== net462) (< net45)) (&& (== net462) (>= dnxcore50)) (&& (== net462) (>= netstandard1.6)) (== netstandard1.6)
      System.IO.FileSystem (>= 4.3) - restriction: || (&& (== net462) (>= netstandard1.6)) (== netstandard1.6)
      System.Net.Primitives (>= 4.3) - restriction: || (&& (== net462) (< net45)) (&& (== net462) (>= dnxcore50)) (&& (== net462) (>= netstandard1.6)) (== netstandard1.6)
      System.Resources.ResourceManager (>= 4.3) - restriction: || (&& (== net462) (< net45)) (&& (== net462) (>= dnxcore50)) (&& (== net462) (>= netstandard1.6)) (== netstandard1.6)
      System.Runtime (>= 4.3) - restriction: || (&& (== net462) (< net45)) (&& (== net462) (>= dnxcore50)) (&& (== net462) (>= netstandard1.6)) (== netstandard1.6)
      System.Runtime.Extensions (>= 4.3) - restriction: || (&& (== net462) (< net45)) (&& (== net462) (>= dnxcore50)) (&& (== net462) (>= netstandard1.6)) (== netstandard1.6)
      System.Runtime.Handles (>= 4.3) - restriction: || (&& (== net462) (< net45)) (&& (== net462) (>= netstandard1.6)) (== netstandard1.6)
      System.Runtime.InteropServices (>= 4.3) - restriction: || (&& (== net462) (< net45)) (&& (== net462) (>= dnxcore50)) (&& (== net462) (>= netstandard1.6)) (== netstandard1.6)
      System.Security.Cryptography.Algorithms (>= 4.3) - restriction: || (&& (== net462) (>= netstandard1.6)) (== netstandard1.6)
      System.Security.Cryptography.Encoding (>= 4.3) - restriction: || (&& (== net462) (< net45)) (&& (== net462) (>= netstandard1.6)) (== netstandard1.6)
      System.Security.Cryptography.OpenSsl (>= 4.3) - restriction: || (&& (== net462) (>= netstandard1.6)) (== netstandard1.6)
      System.Security.Cryptography.Primitives (>= 4.3) - restriction: || (&& (== net462) (>= netstandard1.6)) (== netstandard1.6)
      System.Security.Cryptography.X509Certificates (>= 4.3)
      System.Text.Encoding (>= 4.3) - restriction: || (&& (== net462) (< net45)) (&& (== net462) (>= dnxcore50)) (&& (== net462) (>= netstandard1.6)) (== netstandard1.6)
      System.Threading (>= 4.3) - restriction: || (&& (== net462) (< net45)) (&& (== net462) (>= dnxcore50)) (&& (== net462) (>= netstandard1.6)) (== netstandard1.6)
      System.Threading.Tasks (>= 4.3) - restriction: || (&& (== net462) (< net45)) (&& (== net462) (>= dnxcore50)) (&& (== net462) (>= netstandard1.6)) (== netstandard1.6)
    System.Net.Primitives (4.3) - restriction: || (&& (== net462) (>= netstandard1.6)) (== netstandard1.6)
      Microsoft.NETCore.Platforms (>= 1.1) - restriction: || (&& (== net462) (< net45)) (&& (== net462) (>= dnxcore50)) (&& (== net462) (< netstandard1.1)) (== netstandard1.6)
      Microsoft.NETCore.Targets (>= 1.1) - restriction: || (&& (== net462) (< net45)) (&& (== net462) (>= dnxcore50)) (&& (== net462) (< netstandard1.1)) (== netstandard1.6)
      System.Runtime (>= 4.3) - restriction: || (&& (== net462) (< net45)) (&& (== net462) (>= dnxcore50)) (&& (== net462) (< netstandard1.1)) (== netstandard1.6)
      System.Runtime.Handles (>= 4.3) - restriction: || (&& (== net462) (< net45)) (&& (== net462) (>= dnxcore50)) (== netstandard1.6)
    System.Net.Requests (4.3) - restriction: || (&& (== net462) (== netstandard1.6)) (&& (== net462) (>= netstandard1.6)) (== netstandard1.6)
      Microsoft.NETCore.Platforms (>= 1.1) - restriction: || (&& (== net462) (< net45)) (== netstandard1.6)
      System.Collections (>= 4.3) - restriction: || (&& (== net462) (< net45)) (&& (== net462) (>= dnxcore50)) (== netstandard1.6)
      System.Diagnostics.Debug (>= 4.3) - restriction: || (&& (== net462) (< net45)) (&& (== net462) (>= dnxcore50)) (== netstandard1.6)
      System.Diagnostics.Tracing (>= 4.3) - restriction: || (&& (== net462) (< net45)) (&& (== net462) (>= dnxcore50)) (== netstandard1.6)
      System.Globalization (>= 4.3) - restriction: || (&& (== net462) (< net45)) (&& (== net462) (>= dnxcore50)) (== netstandard1.6)
      System.IO (>= 4.3) - restriction: || (&& (== net462) (< net45)) (&& (== net462) (>= dnxcore50)) (&& (== net462) (< netstandard1.1)) (== netstandard1.6)
      System.Net.Http (>= 4.3) - restriction: || (&& (== net462) (< net45)) (&& (== net462) (>= dnxcore50)) (== netstandard1.6)
      System.Net.Primitives (>= 4.3) - restriction: || (&& (== net462) (< net45)) (&& (== net462) (>= dnxcore50)) (&& (== net462) (< netstandard1.1)) (== netstandard1.6)
      System.Net.WebHeaderCollection (>= 4.3) - restriction: || (&& (== net462) (< net45)) (&& (== net462) (>= dnxcore50)) (== netstandard1.6)
      System.Resources.ResourceManager (>= 4.3) - restriction: || (&& (== net462) (< net45)) (&& (== net462) (>= dnxcore50)) (== netstandard1.6)
      System.Runtime (>= 4.3) - restriction: || (&& (== net462) (< net45)) (&& (== net462) (>= dnxcore50)) (&& (== net462) (< netstandard1.1)) (== netstandard1.6)
      System.Threading (>= 4.3) - restriction: || (&& (== net462) (< net45)) (&& (== net462) (>= dnxcore50)) (== netstandard1.6)
      System.Threading.Tasks (>= 4.3) - restriction: || (&& (== net462) (< net45)) (&& (== net462) (>= dnxcore50)) (== netstandard1.6)
    System.Net.WebHeaderCollection (4.3) - restriction: || (&& (== net462) (== netstandard1.6)) (&& (== net462) (>= netstandard1.6)) (== netstandard1.6)
      System.Collections (>= 4.3) - restriction: || (&& (== net462) (< net46)) (== netstandard1.6)
      System.Resources.ResourceManager (>= 4.3) - restriction: || (&& (== net462) (< net46)) (== netstandard1.6)
      System.Runtime (>= 4.3) - restriction: || (&& (== net462) (< net46)) (== netstandard1.6)
      System.Runtime.Extensions (>= 4.3) - restriction: || (&& (== net462) (< net46)) (== netstandard1.6)
    System.ObjectModel (4.3) - restriction: || (&& (== net462) (== netstandard1.6)) (&& (== net462) (>= netstandard1.6)) (== netstandard1.6)
      System.Collections (>= 4.3) - restriction: || (&& (== net462) (< net45)) (&& (== net462) (>= dnxcore50)) (== netstandard1.6)
      System.Diagnostics.Debug (>= 4.3) - restriction: || (&& (== net462) (< net45)) (&& (== net462) (>= dnxcore50)) (== netstandard1.6)
      System.Resources.ResourceManager (>= 4.3) - restriction: || (&& (== net462) (< net45)) (&& (== net462) (>= dnxcore50)) (== netstandard1.6)
      System.Runtime (>= 4.3) - restriction: || (&& (== net462) (< net45)) (&& (== net462) (>= dnxcore50)) (== netstandard1.6)
      System.Threading (>= 4.3) - restriction: || (&& (== net462) (< net45)) (&& (== net462) (>= dnxcore50)) (== netstandard1.6)
    System.Reflection (4.3) - restriction: || (&& (== net462) (>= netstandard1.6)) (== netstandard1.6)
      Microsoft.NETCore.Platforms (>= 1.1) - restriction: || (&& (== net462) (< net45)) (&& (== net462) (>= dnxcore50)) (== netstandard1.6)
      Microsoft.NETCore.Targets (>= 1.1) - restriction: || (&& (== net462) (< net45)) (&& (== net462) (>= dnxcore50)) (== netstandard1.6)
      System.IO (>= 4.3) - restriction: || (&& (== net462) (< net45)) (&& (== net462) (>= dnxcore50)) (== netstandard1.6)
      System.Reflection.Primitives (>= 4.3) - restriction: || (&& (== net462) (< net45)) (&& (== net462) (>= dnxcore50)) (== netstandard1.6)
      System.Runtime (>= 4.3) - restriction: || (&& (== net462) (< net45)) (&& (== net462) (>= dnxcore50)) (== netstandard1.6)
    System.Reflection.Emit (4.3) - restriction: || (&& (== net462) (== netstandard1.6)) (&& (== net462) (>= netstandard1.6)) (== netstandard1.6)
      System.IO (>= 4.3) - restriction: || (&& (== net462) (< net45)) (== netstandard1.6)
      System.Reflection (>= 4.3) - restriction: || (&& (== net462) (< net45)) (== netstandard1.6)
      System.Reflection.Emit.ILGeneration (>= 4.3) - restriction: || (&& (== net462) (< net45)) (== netstandard1.6)
      System.Reflection.Primitives (>= 4.3) - restriction: || (&& (== net462) (< net45)) (== netstandard1.6)
      System.Runtime (>= 4.3) - restriction: || (&& (== net462) (< net45)) (== netstandard1.6)
    System.Reflection.Emit.ILGeneration (4.3) - restriction: || (&& (== net462) (>= netstandard1.6)) (== netstandard1.6)
      System.Reflection (>= 4.3) - restriction: || (&& (== net462) (< net45)) (== netstandard1.6)
      System.Reflection.Primitives (>= 4.3) - restriction: || (&& (== net462) (< net45)) (== netstandard1.6)
      System.Runtime (>= 4.3) - restriction: || (&& (== net462) (< net45)) (== netstandard1.6)
    System.Reflection.Emit.Lightweight (4.3) - restriction: || (&& (== net462) (== netstandard1.6)) (&& (== net462) (>= netstandard1.6)) (== netstandard1.6)
      System.Reflection (>= 4.3) - restriction: || (&& (== net462) (< net45)) (== netstandard1.6)
      System.Reflection.Emit.ILGeneration (>= 4.3) - restriction: || (&& (== net462) (< net45)) (== netstandard1.6)
      System.Reflection.Primitives (>= 4.3) - restriction: || (&& (== net462) (< net45)) (== netstandard1.6)
      System.Runtime (>= 4.3) - restriction: || (&& (== net462) (< net45)) (== netstandard1.6)
    System.Reflection.Extensions (4.3) - restriction: || (&& (== net462) (>= netstandard1.6)) (== netstandard1.6)
      Microsoft.NETCore.Platforms (>= 1.1) - restriction: || (&& (== net462) (< net45)) (&& (== net462) (>= dnxcore50)) (== netstandard1.6)
      Microsoft.NETCore.Targets (>= 1.1) - restriction: || (&& (== net462) (< net45)) (&& (== net462) (>= dnxcore50)) (== netstandard1.6)
      System.Reflection (>= 4.3) - restriction: || (&& (== net462) (< net45)) (&& (== net462) (>= dnxcore50)) (== netstandard1.6)
      System.Runtime (>= 4.3) - restriction: || (&& (== net462) (< net45)) (&& (== net462) (>= dnxcore50)) (== netstandard1.6)
    System.Reflection.Primitives (4.3) - restriction: || (&& (== net462) (>= netstandard1.6)) (== netstandard1.6)
      Microsoft.NETCore.Platforms (>= 1.1) - restriction: || (&& (== net462) (< net45)) (&& (== net462) (>= dnxcore50)) (== netstandard1.6)
      Microsoft.NETCore.Targets (>= 1.1) - restriction: || (&& (== net462) (< net45)) (&& (== net462) (>= dnxcore50)) (== netstandard1.6)
      System.Runtime (>= 4.3) - restriction: || (&& (== net462) (< net45)) (&& (== net462) (>= dnxcore50)) (== netstandard1.6)
    System.Reflection.TypeExtensions (4.3) - restriction: || (&& (== net462) (== netstandard1.6)) (&& (== net462) (>= netstandard1.6)) (== netstandard1.6)
      System.Reflection (>= 4.3)
      System.Runtime (>= 4.3) - restriction: || (&& (== net462) (< net46)) (&& (== net462) (>= dnxcore50)) (== netstandard1.6)
    System.Resources.ResourceManager (4.3) - restriction: || (&& (== net462) (>= netstandard1.6)) (== netstandard1.6)
      Microsoft.NETCore.Platforms (>= 1.1) - restriction: || (&& (== net462) (< net45)) (&& (== net462) (>= dnxcore50)) (== netstandard1.6)
      Microsoft.NETCore.Targets (>= 1.1) - restriction: || (&& (== net462) (< net45)) (&& (== net462) (>= dnxcore50)) (== netstandard1.6)
      System.Globalization (>= 4.3) - restriction: || (&& (== net462) (< net45)) (&& (== net462) (>= dnxcore50)) (== netstandard1.6)
      System.Reflection (>= 4.3) - restriction: || (&& (== net462) (< net45)) (&& (== net462) (>= dnxcore50)) (== netstandard1.6)
      System.Runtime (>= 4.3) - restriction: || (&& (== net462) (< net45)) (&& (== net462) (>= dnxcore50)) (== netstandard1.6)
    System.Runtime (4.3) - restriction: || (&& (== net462) (>= netstandard1.6)) (&& (== net462) (>= netcore1.1)) (== netstandard1.6)
      Microsoft.NETCore.Platforms (>= 1.1) - restriction: || (&& (== net462) (< net45)) (&& (== net462) (>= dnxcore50)) (== netstandard1.6)
      Microsoft.NETCore.Targets (>= 1.1) - restriction: || (&& (== net462) (< net45)) (&& (== net462) (>= dnxcore50)) (== netstandard1.6)
    System.Runtime.Extensions (4.3) - restriction: || (&& (== net462) (>= netstandard1.6)) (== netstandard1.6)
      Microsoft.NETCore.Platforms (>= 1.1) - restriction: || (&& (== net462) (< net45)) (&& (== net462) (>= dnxcore50)) (== netstandard1.6)
      Microsoft.NETCore.Targets (>= 1.1) - restriction: || (&& (== net462) (< net45)) (&& (== net462) (>= dnxcore50)) (== netstandard1.6)
      System.Runtime (>= 4.3) - restriction: || (&& (== net462) (< net45)) (&& (== net462) (>= dnxcore50)) (== netstandard1.6)
    System.Runtime.Handles (4.3) - restriction: || (&& (== net462) (>= netstandard1.6)) (== netstandard1.6)
      Microsoft.NETCore.Platforms (>= 1.1) - restriction: || (&& (== net462) (< net46)) (== netstandard1.6)
      Microsoft.NETCore.Targets (>= 1.1) - restriction: || (&& (== net462) (< net46)) (== netstandard1.6)
      System.Runtime (>= 4.3) - restriction: || (&& (== net462) (< net46)) (== netstandard1.6)
    System.Runtime.InteropServices (4.3) - restriction: || (&& (== net462) (>= netstandard1.6)) (== netstandard1.6)
      Microsoft.NETCore.Platforms (>= 1.1) - restriction: || (&& (== net462) (< net45)) (&& (== net462) (>= dnxcore50)) (&& (== net462) (>= netcore1.1)) (== netstandard1.6)
      Microsoft.NETCore.Targets (>= 1.1) - restriction: || (&& (== net462) (< net45)) (&& (== net462) (>= dnxcore50)) (&& (== net462) (>= netcore1.1)) (== netstandard1.6)
      System.Reflection (>= 4.3) - restriction: || (&& (== net462) (< net45)) (&& (== net462) (>= dnxcore50)) (&& (== net462) (>= netcore1.1)) (== netstandard1.6)
      System.Reflection.Primitives (>= 4.3) - restriction: || (&& (== net462) (< net45)) (&& (== net462) (>= dnxcore50)) (&& (== net462) (>= netcore1.1)) (== netstandard1.6)
      System.Runtime (>= 4.3)
      System.Runtime.Handles (>= 4.3) - restriction: || (&& (== net462) (< net45)) (&& (== net462) (>= dnxcore50)) (&& (== net462) (>= netcore1.1)) (== netstandard1.6)
    System.Runtime.Numerics (4.3) - restriction: || (&& (== net462) (>= netstandard1.6)) (== netstandard1.6)
      System.Globalization (>= 4.3) - restriction: || (&& (== net462) (< net45)) (&& (== net462) (>= dnxcore50)) (== netstandard1.6)
      System.Resources.ResourceManager (>= 4.3) - restriction: || (&& (== net462) (< net45)) (&& (== net462) (>= dnxcore50)) (== netstandard1.6)
      System.Runtime (>= 4.3) - restriction: || (&& (== net462) (< net45)) (&& (== net462) (>= dnxcore50)) (== netstandard1.6)
      System.Runtime.Extensions (>= 4.3) - restriction: || (&& (== net462) (< net45)) (&& (== net462) (>= dnxcore50)) (== netstandard1.6)
    System.Security.Cryptography.Algorithms (4.3) - restriction: || (&& (== net462) (== netstandard1.6)) (&& (== net462) (>= netstandard1.6)) (== netstandard1.6)
      Microsoft.NETCore.Platforms (>= 1.1) - restriction: || (&& (== net462) (>= dnxcore50)) (&& (== net462) (>= netstandard1.6)) (== netstandard1.6)
      runtime.native.System.Security.Cryptography.Apple (>= 4.3) - restriction: || (&& (== net462) (>= netstandard1.6)) (== netstandard1.6)
      runtime.native.System.Security.Cryptography.OpenSsl (>= 4.3) - restriction: || (&& (== net462) (>= netstandard1.6)) (== netstandard1.6)
      System.Collections (>= 4.3) - restriction: || (&& (== net462) (>= netstandard1.6)) (== netstandard1.6)
      System.IO (>= 4.3) - restriction: || (&& (== net462) (< net46)) (&& (== net462) (>= net463)) (&& (== net462) (>= dnxcore50)) (&& (== net462) (>= netstandard1.6)) (== netstandard1.6)
      System.Resources.ResourceManager (>= 4.3) - restriction: || (&& (== net462) (>= dnxcore50)) (&& (== net462) (>= netstandard1.6)) (== netstandard1.6)
      System.Runtime (>= 4.3) - restriction: || (&& (== net462) (< net46)) (&& (== net462) (>= net463)) (&& (== net462) (>= dnxcore50)) (&& (== net462) (>= netstandard1.6)) (== netstandard1.6)
      System.Runtime.Extensions (>= 4.3) - restriction: || (&& (== net462) (>= dnxcore50)) (&& (== net462) (>= netstandard1.6)) (== netstandard1.6)
      System.Runtime.Handles (>= 4.3) - restriction: || (&& (== net462) (>= dnxcore50)) (&& (== net462) (>= netstandard1.6)) (== netstandard1.6)
      System.Runtime.InteropServices (>= 4.3) - restriction: || (&& (== net462) (>= dnxcore50)) (&& (== net462) (>= netstandard1.6)) (== netstandard1.6)
      System.Runtime.Numerics (>= 4.3) - restriction: || (&& (== net462) (>= netstandard1.6)) (== netstandard1.6)
      System.Security.Cryptography.Encoding (>= 4.3) - restriction: || (&& (== net462) (>= net463)) (&& (== net462) (>= dnxcore50)) (&& (== net462) (>= netstandard1.6)) (== netstandard1.6)
      System.Security.Cryptography.Primitives (>= 4.3)
      System.Text.Encoding (>= 4.3) - restriction: || (&& (== net462) (>= dnxcore50)) (&& (== net462) (>= netstandard1.6)) (== netstandard1.6)
    System.Security.Cryptography.Cng (4.3) - restriction: || (&& (== net462) (== netstandard1.6)) (&& (== net462) (>= netstandard1.6)) (== netstandard1.6)
      Microsoft.NETCore.Platforms (>= 1.1) - restriction: || (&& (== net462) (< net46)) (&& (== net462) (>= netstandard1.6)) (== netstandard1.6)
      System.IO (>= 4.3) - restriction: || (&& (== net462) (< net46)) (&& (== net462) (>= netstandard1.6)) (== netstandard1.6)
      System.Resources.ResourceManager (>= 4.3) - restriction: || (&& (== net462) (< net46)) (&& (== net462) (>= netstandard1.6)) (== netstandard1.6)
      System.Runtime (>= 4.3) - restriction: || (&& (== net462) (< net46)) (&& (== net462) (>= netstandard1.6)) (== netstandard1.6)
      System.Runtime.Extensions (>= 4.3) - restriction: || (&& (== net462) (< net46)) (&& (== net462) (>= netstandard1.6)) (== netstandard1.6)
      System.Runtime.Handles (>= 4.3) - restriction: || (&& (== net462) (< net46)) (&& (== net462) (>= netstandard1.6)) (== netstandard1.6)
      System.Runtime.InteropServices (>= 4.3) - restriction: || (&& (== net462) (< net46)) (&& (== net462) (>= netstandard1.6)) (== netstandard1.6)
      System.Security.Cryptography.Algorithms (>= 4.3)
      System.Security.Cryptography.Encoding (>= 4.3) - restriction: || (&& (== net462) (< net46)) (&& (== net462) (>= netstandard1.6)) (== netstandard1.6)
      System.Security.Cryptography.Primitives (>= 4.3)
      System.Text.Encoding (>= 4.3) - restriction: || (&& (== net462) (< net46)) (&& (== net462) (>= netstandard1.6)) (== netstandard1.6)
    System.Security.Cryptography.Csp (4.3) - restriction: || (&& (== net462) (== netstandard1.6)) (&& (== net462) (>= netstandard1.6)) (== netstandard1.6)
      Microsoft.NETCore.Platforms (>= 1.1) - restriction: || (&& (== net462) (< net46)) (== netstandard1.6)
      System.IO (>= 4.3) - restriction: || (&& (== net462) (< net46)) (== netstandard1.6)
      System.Reflection (>= 4.3) - restriction: || (&& (== net462) (< net46)) (== netstandard1.6)
      System.Resources.ResourceManager (>= 4.3) - restriction: || (&& (== net462) (< net46)) (== netstandard1.6)
      System.Runtime (>= 4.3) - restriction: || (&& (== net462) (< net46)) (== netstandard1.6)
      System.Runtime.Extensions (>= 4.3) - restriction: || (&& (== net462) (< net46)) (== netstandard1.6)
      System.Runtime.Handles (>= 4.3) - restriction: || (&& (== net462) (< net46)) (== netstandard1.6)
      System.Runtime.InteropServices (>= 4.3) - restriction: || (&& (== net462) (< net46)) (== netstandard1.6)
      System.Security.Cryptography.Algorithms (>= 4.3)
      System.Security.Cryptography.Encoding (>= 4.3) - restriction: || (&& (== net462) (< net46)) (== netstandard1.6)
      System.Security.Cryptography.Primitives (>= 4.3)
      System.Text.Encoding (>= 4.3) - restriction: || (&& (== net462) (< net46)) (== netstandard1.6)
      System.Threading (>= 4.3) - restriction: || (&& (== net462) (< net46)) (== netstandard1.6)
    System.Security.Cryptography.Encoding (4.3) - restriction: || (&& (== net462) (>= netstandard1.6)) (== netstandard1.6)
      Microsoft.NETCore.Platforms (>= 1.1) - restriction: || (&& (== net462) (< net46)) (== netstandard1.6)
      runtime.native.System.Security.Cryptography.OpenSsl (>= 4.3) - restriction: || (&& (== net462) (< net46)) (== netstandard1.6)
      System.Collections (>= 4.3) - restriction: || (&& (== net462) (< net46)) (== netstandard1.6)
      System.Collections.Concurrent (>= 4.3) - restriction: || (&& (== net462) (< net46)) (== netstandard1.6)
      System.Linq (>= 4.3) - restriction: || (&& (== net462) (< net46)) (== netstandard1.6)
      System.Resources.ResourceManager (>= 4.3) - restriction: || (&& (== net462) (< net46)) (== netstandard1.6)
      System.Runtime (>= 4.3) - restriction: || (&& (== net462) (< net46)) (== netstandard1.6)
      System.Runtime.Extensions (>= 4.3) - restriction: || (&& (== net462) (< net46)) (== netstandard1.6)
      System.Runtime.Handles (>= 4.3) - restriction: || (&& (== net462) (< net46)) (== netstandard1.6)
      System.Runtime.InteropServices (>= 4.3) - restriction: || (&& (== net462) (< net46)) (== netstandard1.6)
      System.Security.Cryptography.Primitives (>= 4.3) - restriction: || (&& (== net462) (< net46)) (== netstandard1.6)
      System.Text.Encoding (>= 4.3) - restriction: || (&& (== net462) (< net46)) (== netstandard1.6)
    System.Security.Cryptography.OpenSsl (4.3) - restriction: || (&& (== net462) (== netstandard1.6)) (&& (== net462) (>= netstandard1.6)) (== netstandard1.6)
      runtime.native.System.Security.Cryptography.OpenSsl (>= 4.3) - restriction: || (&& (== net462) (>= net463)) (&& (== net462) (>= netstandard1.6)) (&& (== net462) (>= monoandroid)) (== netstandard1.6)
      System.Collections (>= 4.3) - restriction: || (&& (== net462) (>= netstandard1.6)) (== netstandard1.6)
      System.IO (>= 4.3) - restriction: || (&& (== net462) (>= net463)) (&& (== net462) (>= netstandard1.6)) (== netstandard1.6)
      System.Resources.ResourceManager (>= 4.3) - restriction: || (&& (== net462) (>= netstandard1.6)) (== netstandard1.6)
      System.Runtime (>= 4.3) - restriction: || (&& (== net462) (>= net463)) (&& (== net462) (>= netstandard1.6)) (== netstandard1.6)
      System.Runtime.Extensions (>= 4.3) - restriction: || (&& (== net462) (>= net463)) (&& (== net462) (>= netstandard1.6)) (== netstandard1.6)
      System.Runtime.Handles (>= 4.3) - restriction: || (&& (== net462) (>= netstandard1.6)) (== netstandard1.6)
      System.Runtime.InteropServices (>= 4.3) - restriction: || (&& (== net462) (>= netstandard1.6)) (== netstandard1.6)
      System.Runtime.Numerics (>= 4.3) - restriction: || (&& (== net462) (>= netstandard1.6)) (== netstandard1.6)
      System.Security.Cryptography.Algorithms (>= 4.3) - restriction: || (&& (== net462) (>= net463)) (&& (== net462) (>= netstandard1.6)) (== netstandard1.6)
      System.Security.Cryptography.Encoding (>= 4.3) - restriction: || (&& (== net462) (>= net463)) (&& (== net462) (>= netstandard1.6)) (== netstandard1.6)
      System.Security.Cryptography.Primitives (>= 4.3) - restriction: || (&& (== net462) (>= net463)) (&& (== net462) (>= netstandard1.6)) (== netstandard1.6)
      System.Text.Encoding (>= 4.3) - restriction: || (&& (== net462) (>= netstandard1.6)) (== netstandard1.6)
    System.Security.Cryptography.Primitives (4.3) - restriction: || (&& (== net462) (>= netstandard1.6)) (== netstandard1.6)
      System.Diagnostics.Debug (>= 4.3) - restriction: || (&& (== net462) (< net46)) (== netstandard1.6)
      System.Globalization (>= 4.3) - restriction: || (&& (== net462) (< net46)) (== netstandard1.6)
      System.IO (>= 4.3) - restriction: || (&& (== net462) (< net46)) (== netstandard1.6)
      System.Resources.ResourceManager (>= 4.3) - restriction: || (&& (== net462) (< net46)) (== netstandard1.6)
      System.Runtime (>= 4.3) - restriction: || (&& (== net462) (< net46)) (== netstandard1.6)
      System.Threading (>= 4.3) - restriction: || (&& (== net462) (< net46)) (== netstandard1.6)
      System.Threading.Tasks (>= 4.3) - restriction: || (&& (== net462) (< net46)) (== netstandard1.6)
    System.Security.Cryptography.X509Certificates (4.3) - restriction: || (&& (== net462) (== netstandard1.6)) (&& (== net462) (>= netstandard1.6)) (== netstandard1.6)
      Microsoft.NETCore.Platforms (>= 1.1) - restriction: || (&& (== net462) (>= dnxcore50)) (&& (== net462) (>= netstandard1.6)) (== netstandard1.6)
      runtime.native.System (>= 4.3) - restriction: || (&& (== net462) (>= netstandard1.6)) (== netstandard1.6)
      runtime.native.System.Net.Http (>= 4.3) - restriction: || (&& (== net462) (>= netstandard1.6)) (== netstandard1.6)
      runtime.native.System.Security.Cryptography.OpenSsl (>= 4.3) - restriction: || (&& (== net462) (>= netstandard1.6)) (== netstandard1.6)
      System.Collections (>= 4.3) - restriction: || (&& (== net462) (>= dnxcore50)) (&& (== net462) (>= netstandard1.6)) (== netstandard1.6)
      System.Diagnostics.Debug (>= 4.3) - restriction: || (&& (== net462) (>= netstandard1.6)) (== netstandard1.6)
      System.Globalization (>= 4.3) - restriction: || (&& (== net462) (>= dnxcore50)) (&& (== net462) (>= netstandard1.6)) (== netstandard1.6)
      System.Globalization.Calendars (>= 4.3) - restriction: || (&& (== net462) (>= dnxcore50)) (&& (== net462) (>= netstandard1.6)) (== netstandard1.6)
      System.IO (>= 4.3) - restriction: || (&& (== net462) (>= dnxcore50)) (&& (== net462) (>= netstandard1.6)) (== netstandard1.6)
      System.IO.FileSystem (>= 4.3) - restriction: || (&& (== net462) (>= dnxcore50)) (&& (== net462) (>= netstandard1.6)) (== netstandard1.6)
      System.IO.FileSystem.Primitives (>= 4.3) - restriction: || (&& (== net462) (>= netstandard1.6)) (== netstandard1.6)
      System.Resources.ResourceManager (>= 4.3) - restriction: || (&& (== net462) (>= dnxcore50)) (&& (== net462) (>= netstandard1.6)) (== netstandard1.6)
      System.Runtime (>= 4.3) - restriction: || (&& (== net462) (< net46)) (&& (== net462) (>= dnxcore50)) (&& (== net462) (>= netstandard1.6)) (== netstandard1.6)
      System.Runtime.Extensions (>= 4.3) - restriction: || (&& (== net462) (>= dnxcore50)) (&& (== net462) (>= netstandard1.6)) (== netstandard1.6)
      System.Runtime.Handles (>= 4.3) - restriction: || (&& (== net462) (< net46)) (&& (== net462) (>= dnxcore50)) (&& (== net462) (>= netstandard1.6)) (== netstandard1.6)
      System.Runtime.InteropServices (>= 4.3) - restriction: || (&& (== net462) (>= dnxcore50)) (&& (== net462) (>= netstandard1.6)) (== netstandard1.6)
      System.Runtime.Numerics (>= 4.3) - restriction: || (&& (== net462) (>= dnxcore50)) (&& (== net462) (>= netstandard1.6)) (== netstandard1.6)
      System.Security.Cryptography.Algorithms (>= 4.3)
      System.Security.Cryptography.Cng (>= 4.3) - restriction: || (&& (== net462) (>= dnxcore50)) (&& (== net462) (>= netstandard1.6)) (== netstandard1.6)
      System.Security.Cryptography.Csp (>= 4.3) - restriction: || (&& (== net462) (>= netstandard1.6)) (== netstandard1.6)
      System.Security.Cryptography.Encoding (>= 4.3)
      System.Security.Cryptography.OpenSsl (>= 4.3) - restriction: || (&& (== net462) (>= netstandard1.6)) (== netstandard1.6)
      System.Security.Cryptography.Primitives (>= 4.3) - restriction: || (&& (== net462) (>= dnxcore50)) (&& (== net462) (>= netstandard1.6)) (== netstandard1.6)
      System.Text.Encoding (>= 4.3) - restriction: || (&& (== net462) (>= dnxcore50)) (&& (== net462) (>= netstandard1.6)) (== netstandard1.6)
      System.Threading (>= 4.3) - restriction: || (&& (== net462) (>= dnxcore50)) (&& (== net462) (>= netstandard1.6)) (== netstandard1.6)
    System.Text.Encoding (4.3) - restriction: || (&& (== net462) (>= netstandard1.6)) (== netstandard1.6)
      Microsoft.NETCore.Platforms (>= 1.1) - restriction: || (&& (== net462) (< net45)) (&& (== net462) (>= dnxcore50)) (== netstandard1.6)
      Microsoft.NETCore.Targets (>= 1.1) - restriction: || (&& (== net462) (< net45)) (&& (== net462) (>= dnxcore50)) (== netstandard1.6)
      System.Runtime (>= 4.3) - restriction: || (&& (== net462) (< net45)) (&& (== net462) (>= dnxcore50)) (== netstandard1.6)
    System.Text.RegularExpressions (4.3) - restriction: || (&& (== net462) (== netstandard1.6)) (&& (== net462) (>= netstandard1.6)) (== netstandard1.6)
      System.Collections (>= 4.3) - restriction: || (&& (== net462) (>= dnxcore50)) (&& (== net462) (>= netstandard1.6)) (== netstandard1.6)
      System.Globalization (>= 4.3) - restriction: || (&& (== net462) (>= dnxcore50)) (&& (== net462) (>= netstandard1.6)) (== netstandard1.6)
      System.Resources.ResourceManager (>= 4.3) - restriction: || (&& (== net462) (>= dnxcore50)) (&& (== net462) (>= netstandard1.6)) (== netstandard1.6)
      System.Runtime (>= 4.3) - restriction: || (&& (== net462) (< net45)) (&& (== net462) (>= dnxcore50)) (&& (== net462) (>= netstandard1.6)) (&& (== net462) (>= netcore1.1)) (== netstandard1.6)
      System.Runtime.Extensions (>= 4.3) - restriction: || (&& (== net462) (>= dnxcore50)) (&& (== net462) (>= netstandard1.6)) (== netstandard1.6)
      System.Threading (>= 4.3) - restriction: || (&& (== net462) (>= dnxcore50)) (&& (== net462) (>= netstandard1.6)) (== netstandard1.6)
    System.Threading (4.3) - restriction: || (&& (== net462) (>= netstandard1.6)) (== netstandard1.6)
      System.Runtime (>= 4.3) - restriction: || (&& (== net462) (< net45)) (&& (== net462) (>= dnxcore50)) (== netstandard1.6)
      System.Threading.Tasks (>= 4.3) - restriction: || (&& (== net462) (< net45)) (&& (== net462) (>= dnxcore50)) (== netstandard1.6)
    System.Threading.Tasks (4.3) - restriction: || (&& (== net462) (>= netstandard1.6)) (== netstandard1.6)
      Microsoft.NETCore.Platforms (>= 1.1) - restriction: || (&& (== net462) (< net45)) (&& (== net462) (>= dnxcore50)) (== netstandard1.6)
      Microsoft.NETCore.Targets (>= 1.1) - restriction: || (&& (== net462) (< net45)) (&& (== net462) (>= dnxcore50)) (== netstandard1.6)
      System.Runtime (>= 4.3) - restriction: || (&& (== net462) (< net45)) (&& (== net462) (>= dnxcore50)) (== netstandard1.6)
    System.Threading.Tasks.Parallel (4.3) - restriction: || (&& (== net462) (== netstandard1.6)) (&& (== net462) (>= netstandard1.6)) (== netstandard1.6)
      System.Collections.Concurrent (>= 4.3) - restriction: || (&& (== net462) (< net45)) (&& (== net462) (>= dnxcore50)) (== netstandard1.6)
      System.Diagnostics.Debug (>= 4.3) - restriction: || (&& (== net462) (< net45)) (&& (== net462) (>= dnxcore50)) (== netstandard1.6)
      System.Diagnostics.Tracing (>= 4.3) - restriction: || (&& (== net462) (< net45)) (&& (== net462) (>= dnxcore50)) (== netstandard1.6)
      System.Resources.ResourceManager (>= 4.3) - restriction: || (&& (== net462) (< net45)) (&& (== net462) (>= dnxcore50)) (== netstandard1.6)
      System.Runtime (>= 4.3) - restriction: || (&& (== net462) (< net45)) (&& (== net462) (>= dnxcore50)) (== netstandard1.6)
      System.Runtime.Extensions (>= 4.3) - restriction: || (&& (== net462) (< net45)) (&& (== net462) (>= dnxcore50)) (== netstandard1.6)
      System.Threading (>= 4.3) - restriction: || (&& (== net462) (< net45)) (&& (== net462) (>= dnxcore50)) (== netstandard1.6)
      System.Threading.Tasks (>= 4.3) - restriction: || (&& (== net462) (< net45)) (&& (== net462) (>= dnxcore50)) (== netstandard1.6)
    System.Threading.Thread (4.3) - restriction: || (&& (== net462) (== netstandard1.6)) (&& (== net462) (>= netstandard1.6)) (== netstandard1.6)
      System.Runtime (>= 4.3) - restriction: || (&& (== net462) (< net46)) (== netstandard1.6)
    System.Threading.ThreadPool (4.3) - restriction: || (&& (== net462) (== netstandard1.6)) (&& (== net462) (>= netstandard1.6)) (== netstandard1.6)
      System.Runtime (>= 4.3) - restriction: || (&& (== net462) (< net46)) (== netstandard1.6)
      System.Runtime.Handles (>= 4.3) - restriction: || (&& (== net462) (< net46)) (== netstandard1.6)
    System.Threading.Timer (4.3) - restriction: || (&& (== net462) (== netstandard1.6)) (&& (== net462) (>= netstandard1.6)) (== netstandard1.6)
      Microsoft.NETCore.Platforms (>= 1.1) - restriction: || (&& (== net462) (< net451)) (&& (== net462) (>= dnxcore50)) (== netstandard1.6)
      Microsoft.NETCore.Targets (>= 1.1) - restriction: || (&& (== net462) (< net451)) (&& (== net462) (>= dnxcore50)) (== netstandard1.6)
      System.Runtime (>= 4.3) - restriction: || (&& (== net462) (< net451)) (&& (== net462) (>= dnxcore50)) (== netstandard1.6)

GROUP Build
RESTRICTION: == net462
NUGET
  remote: https://www.nuget.org/api/v2
    FAKE (4.62.1)
    FSharp.Compiler.Service (2.0.0.6)
    FSharp.Formatting (2.14.4)
      FSharp.Compiler.Service (2.0.0.6)
      FSharpVSPowerTools.Core (>= 2.3 < 2.4)
    FSharpVSPowerTools.Core (2.3)
      FSharp.Compiler.Service (>= 2.0.0.3)
    Octokit (0.24)
GITHUB
  remote: fsharp/FAKE
    modules/Octokit/Octokit.fsx (b5933798c1944051bf358a460fcdc8ffbd678dfc)
      Octokit (>= 0.20)
GROUP Test
RESTRICTION: == net462
NUGET
  remote: https://www.nuget.org/api/v2
    Argu (3.7)
    Expecto (5.0)
      Argu (>= 3.7)
      FSharp.Core (>= 4.1.12)
      Mono.Cecil (>= 0.10.0-beta5)
    Expecto.FsCheck (5.0)
      Expecto (>= 5.0)
      FsCheck (>= 2.8)
      FSharp.Core (>= 4.1.12)
    FsCheck (2.9)
      FSharp.Core (>= 4.1)
    FSharp.Core (4.2.1)
    Mono.Cecil (0.10.0-beta6)
